NUGET
  remote: https://www.nuget.org/api/v2
  specs:
    FParsec (1.0.2)
    FSharp.Core (4.0.0.1)
    FSharp.Data (2.2.5)
      Zlib.Portable (>= 1.10) - framework: portable-net40+sl50+wp80+win80
    Hopac (0.1.3)
      FSharp.Core (>= 3.1.2.5)
    Logary (4.0.6)
      FParsec (>= 1.0.2)
      FSharp.Core (>= 4.0.0.1)
      Hopac (>= 0.1.3)
      NodaTime (>= 1.3.1)
    Microsoft.AspNet.Cors (5.2.3)
    Microsoft.AspNet.Identity.Core (2.2.1)
    Microsoft.AspNet.Identity.Owin (2.2.1)
      Microsoft.AspNet.Identity.Core (>= 2.2.1)
      Microsoft.Owin.Security (>= 2.1)
      Microsoft.Owin.Security.Cookies (>= 2.1)
      Microsoft.Owin.Security.OAuth (>= 2.1)
    Microsoft.AspNet.SignalR.Core (2.2)
      Microsoft.Owin (>= 2.1)
      Microsoft.Owin.Security (>= 2.1)
      Newtonsoft.Json (>= 6.0.4)
      Owin (>= 1.0)
    Microsoft.AspNet.WebApi.Client (5.2.3)
      Microsoft.Net.Http (>= 2.2.22) - framework: portable-wp80+win+net45+wp81+wpa81
      Newtonsoft.Json (>= 6.0.4) - framework: >= net45, portable-wp80+win+net45+wp81+wpa81
    Microsoft.AspNet.WebApi.Core (5.2.3)
      Microsoft.AspNet.WebApi.Client (>= 5.2.3)
    Microsoft.AspNet.WebApi.Owin (5.2.3)
      Microsoft.AspNet.WebApi.Core (>= 5.2.3 < 5.3)
      Microsoft.Owin (>= 2.0.2)
      Owin (>= 1.0)
    Microsoft.AspNet.WebApi.OwinSelfHost (5.2.3)
      Microsoft.AspNet.WebApi.Owin (>= 5.2.3 < 5.3)
      Microsoft.Owin.Host.HttpListener (>= 2.0.2)
      Microsoft.Owin.Hosting (>= 2.0.2)
    Microsoft.Bcl (1.1.10) - framework: portable-wp80+win+net45+wp81+wpa81
      Microsoft.Bcl.Build (>= 1.0.14)
    Microsoft.Bcl.Build (1.0.21) - import_targets: false, framework: portable-wp80+win+net45+wp81+wpa81
    Microsoft.Net.Http (2.2.29) - framework: portable-wp80+win+net45+wp81+wpa81
      Microsoft.Bcl (>= 1.1.10)
      Microsoft.Bcl.Build (>= 1.0.14)
    Microsoft.Owin (3.0.1)
      Owin (>= 1.0)
    Microsoft.Owin.Cors (3.0.1)
      Microsoft.AspNet.Cors (>= 5.0)
      Microsoft.Owin (>= 3.0.1)
      Owin (>= 1.0)
    Microsoft.Owin.Diagnostics (3.0.1)
      Microsoft.Owin (>= 3.0.1)
      Owin (>= 1.0)
    Microsoft.Owin.FileSystems (3.0.1)
    Microsoft.Owin.Host.HttpListener (3.0.1)
    Microsoft.Owin.Hosting (3.0.1)
      Microsoft.Owin (>= 3.0.1)
      Owin (>= 1.0)
    Microsoft.Owin.Security (3.0.1)
      Microsoft.Owin (>= 3.0.1)
      Owin (>= 1.0)
    Microsoft.Owin.Security.Cookies (3.0.1)
      Microsoft.Owin (>= 3.0.1)
      Microsoft.Owin.Security (>= 3.0.1)
      Owin (>= 1.0)
    Microsoft.Owin.Security.Facebook (3.0.1)
      Microsoft.Owin (>= 3.0.1)
      Microsoft.Owin.Security (>= 3.0.1)
      Newtonsoft.Json (>= 6.0.4)
      Owin (>= 1.0)
    Microsoft.Owin.Security.Google (3.0.1)
      Microsoft.Owin (>= 3.0.1)
      Microsoft.Owin.Security (>= 3.0.1)
      Newtonsoft.Json (>= 6.0.4)
      Owin (>= 1.0)
    Microsoft.Owin.Security.OAuth (3.0.1)
      Microsoft.Owin (>= 3.0.1)
      Microsoft.Owin.Security (>= 3.0.1)
      Newtonsoft.Json (>= 6.0.4)
      Owin (>= 1.0)
    Microsoft.Owin.StaticFiles (3.0.1)
      Microsoft.Owin (>= 3.0.1)
      Microsoft.Owin.FileSystems (>= 3.0.1)
      Owin (>= 1.0)
    MySql.Data (6.9.8)
    Newtonsoft.Json (8.0.3)
    NodaTime (1.3.2)
    Owin (1.0)
    Owin.Compression (1.0.8)
      Microsoft.Owin (>= 3.0.1 < 3.1)
      Owin (>= 1.0.0-prerelease <= 1.0)
    Owin.Security.AesDataProtectorProvider (1.1)
      Microsoft.Owin.Security (>= 3.0.1)
    Rx-Core (2.2.5)
      Rx-Interfaces (>= 2.2.5)
    Rx-Interfaces (2.2.5)
    Rx-Linq (2.2.5)
      Rx-Core (>= 2.2.5)
      Rx-Interfaces (>= 2.2.5)
    Rx-Main (2.2.5)
      Rx-Core (>= 2.2.5)
      Rx-Interfaces (>= 2.2.5)
      Rx-Linq (>= 2.2.5)
      Rx-PlatformServices (>= 2.2.5)
    Rx-PlatformServices (2.2.5)
      Rx-Core (>= 2.2.5)
      Rx-Interfaces (>= 2.2.5)
    SQLProvider (0.0.11-alpha)
    Zlib.Portable (1.11) - framework: portable-net40+sl50+wp80+win80
GITHUB
  remote: zurb/bower-foundation
  specs:
    css/foundation.css (097429dedd59d357f3756425213bcd8f726ecd85)
    css/foundation.min.css (097429dedd59d357f3756425213bcd8f726ecd85)
    css/normalize.css (097429dedd59d357f3756425213bcd8f726ecd85)
    js/foundation.min.js (097429dedd59d357f3756425213bcd8f726ecd85)
  remote: SignalR/bower-signalr
  specs:
    jquery.signalR.js (26092205231972de4b3db966e5689ddbee971ef9)
  remote: aFarkas/html5shiv
  specs:
    dist/html5shiv.min.js (a3c7567c5f7055f9b76230bbbc79967d0b9f7003)
  remote: reactjs/react-bower
  specs:
    react-dom.min.js (e4fcc1576683b688f4e710b1e6c880e208a14ecf)
    react.js (e4fcc1576683b688f4e710b1e6c880e208a14ecf)
    react.min.js (e4fcc1576683b688f4e710b1e6c880e208a14ecf)
  remote: FortAwesome/Font-Awesome
  specs:
    css/font-awesome.min.css (8bc6342828e6aecc8fe86950af72d0f63377a19f)
    fonts/fontawesome-webfont.eot (8bc6342828e6aecc8fe86950af72d0f63377a19f)
    fonts/fontawesome-webfont.svg (8bc6342828e6aecc8fe86950af72d0f63377a19f)
    fonts/fontawesome-webfont.ttf (8bc6342828e6aecc8fe86950af72d0f63377a19f)
    fonts/fontawesome-webfont.woff (8bc6342828e6aecc8fe86950af72d0f63377a19f)
    fonts/fontawesome-webfont.woff2 (8bc6342828e6aecc8fe86950af72d0f63377a19f)
  remote: lodash/lodash
  specs:
    dist/lodash.min.js (d1d921ba45ea3915f48509abd365f8bebebc993a)
  remote: Reactive-Extensions/RxJS
  specs:
    dist/rx.lite.min.js (afad25807f23b07cadbf3479b91e7dfde144f4a6)
  remote: borisyankov/DefinitelyTyped
  specs:
    foundation/foundation.d.ts (e1ba8156f25009d5a616d7dc12dd25b08ec05fc8)
    google.analytics/ga.d.ts (e1ba8156f25009d5a616d7dc12dd25b08ec05fc8)
    jquery/jquery.d.ts (e1ba8156f25009d5a616d7dc12dd25b08ec05fc8)
    jqueryui/jqueryui.d.ts (e1ba8156f25009d5a616d7dc12dd25b08ec05fc8)
    lodash/lodash.d.ts (e1ba8156f25009d5a616d7dc12dd25b08ec05fc8)
    react/react-addons-create-fragment.d.ts (e1ba8156f25009d5a616d7dc12dd25b08ec05fc8)
    react/react-addons-css-transition-group.d.ts (e1ba8156f25009d5a616d7dc12dd25b08ec05fc8)
    react/react-addons-linked-state-mixin.d.ts (e1ba8156f25009d5a616d7dc12dd25b08ec05fc8)
    react/react-addons-perf.d.ts (e1ba8156f25009d5a616d7dc12dd25b08ec05fc8)
    react/react-addons-pure-render-mixin.d.ts (e1ba8156f25009d5a616d7dc12dd25b08ec05fc8)
    react/react-addons-test-utils.d.ts (e1ba8156f25009d5a616d7dc12dd25b08ec05fc8)
    react/react-addons-transition-group.d.ts (e1ba8156f25009d5a616d7dc12dd25b08ec05fc8)
    react/react-addons-update.d.ts (e1ba8156f25009d5a616d7dc12dd25b08ec05fc8)
    react/react-dom.d.ts (e1ba8156f25009d5a616d7dc12dd25b08ec05fc8)
    react/react-global.d.ts (e1ba8156f25009d5a616d7dc12dd25b08ec05fc8)
    react/react.d.ts (e1ba8156f25009d5a616d7dc12dd25b08ec05fc8)
    rx/rx-lite.d.ts (e1ba8156f25009d5a616d7dc12dd25b08ec05fc8)
    rx/rx.async-lite.d.ts (e1ba8156f25009d5a616d7dc12dd25b08ec05fc8)
    rx/rx.backpressure-lite.d.ts (e1ba8156f25009d5a616d7dc12dd25b08ec05fc8)
    rx/rx.binding-lite.d.ts (e1ba8156f25009d5a616d7dc12dd25b08ec05fc8)
    rx/rx.coincidence-lite.d.ts (e1ba8156f25009d5a616d7dc12dd25b08ec05fc8)
    rx/rx.lite.d.ts (e1ba8156f25009d5a616d7dc12dd25b08ec05fc8)
    rx/rx.time-lite.d.ts (e1ba8156f25009d5a616d7dc12dd25b08ec05fc8)
    signalr/signalr.d.ts (e1ba8156f25009d5a616d7dc12dd25b08ec05fc8)
HTTP
  remote: http://ajax.aspnetcdn.com
  specs:
    jquery.min.js (/ajax/jQuery/jquery-2.2.1.min.js)
    jquery.min.map (/ajax/jQuery/jquery-2.2.1.min.map)
  remote: https://code.jquery.com
  specs:
    jquery-ui.min.css (/ui/1.11.4/themes/sunny/jquery-ui.min.css)
    jquery-ui.min.js (/ui/1.11.4/jquery-ui.min.js)
GROUP Build
NUGET
  remote: https://www.nuget.org/api/v2
  specs:
    FAKE (4.25.4)
    FSharp.Configuration (0.5.12)
