

GROUP Build
RESTRICTION: == net6.0
NUGET
  remote: https://api.nuget.org/v3/index.json
    BlackFox.VsWhere (1.1)
      FSharp.Core (>= 4.2.3)
      Microsoft.Win32.Registry (>= 4.7)
    Fake.Core.CommandLineParsing (6.1.3)
      FParsec (>= 1.1.1)
      FSharp.Core (>= 8.0.301)
    Fake.Core.Context (6.1.3)
      FSharp.Core (>= 8.0.301)
    Fake.Core.Environment (6.1.3)
      FSharp.Core (>= 8.0.301)
    Fake.Core.FakeVar (6.1.3)
      Fake.Core.Context (>= 6.1.3)
      FSharp.Core (>= 8.0.301)
    Fake.Core.Process (6.1.3)
      Fake.Core.Environment (>= 6.1.3)
      Fake.Core.FakeVar (>= 6.1.3)
      Fake.Core.String (>= 6.1.3)
      Fake.Core.Trace (>= 6.1.3)
      Fake.IO.FileSystem (>= 6.1.3)
      FSharp.Core (>= 8.0.301)
      System.Collections.Immutable (>= 8.0)
    Fake.Core.ReleaseNotes (6.1.3)
      Fake.Core.SemVer (>= 6.1.3)
      Fake.Core.String (>= 6.1.3)
      FSharp.Core (>= 8.0.301)
    Fake.Core.SemVer (6.1.3)
      FSharp.Core (>= 8.0.301)
    Fake.Core.String (6.1.3)
      FSharp.Core (>= 8.0.301)
    Fake.Core.Target (6.1.3)
      Fake.Core.CommandLineParsing (>= 6.1.3)
      Fake.Core.Context (>= 6.1.3)
      Fake.Core.Environment (>= 6.1.3)
      Fake.Core.FakeVar (>= 6.1.3)
      Fake.Core.Process (>= 6.1.3)
      Fake.Core.String (>= 6.1.3)
      Fake.Core.Trace (>= 6.1.3)
      FSharp.Control.Reactive (>= 5.0.2)
      FSharp.Core (>= 8.0.301)
    Fake.Core.Tasks (6.1.3)
      Fake.Core.Trace (>= 6.1.3)
      FSharp.Core (>= 8.0.301)
    Fake.Core.Trace (6.1.3)
      Fake.Core.Environment (>= 6.1.3)
      Fake.Core.FakeVar (>= 6.1.3)
      FSharp.Core (>= 8.0.301)
    Fake.Core.Xml (6.1.3)
      Fake.Core.String (>= 6.1.3)
      FSharp.Core (>= 8.0.301)
    Fake.DotNet.Cli (6.1.3)
      Fake.Core.Environment (>= 6.1.3)
      Fake.Core.Process (>= 6.1.3)
      Fake.Core.String (>= 6.1.3)
      Fake.Core.Trace (>= 6.1.3)
      Fake.DotNet.MSBuild (>= 6.1.3)
      Fake.DotNet.NuGet (>= 6.1.3)
      Fake.IO.FileSystem (>= 6.1.3)
      FSharp.Core (>= 8.0.301)
      Mono.Posix.NETStandard (>= 1.0)
      Newtonsoft.Json (>= 13.0.3)
    Fake.DotNet.MSBuild (6.1.3)
      BlackFox.VsWhere (>= 1.1)
      Fake.Core.Environment (>= 6.1.3)
      Fake.Core.Process (>= 6.1.3)
      Fake.Core.String (>= 6.1.3)
      Fake.Core.Trace (>= 6.1.3)
      Fake.IO.FileSystem (>= 6.1.3)
      FSharp.Core (>= 8.0.301)
      MSBuild.StructuredLogger (>= 2.1.815)
    Fake.DotNet.NuGet (6.1.3)
      Fake.Core.Environment (>= 6.1.3)
      Fake.Core.Process (>= 6.1.3)
      Fake.Core.SemVer (>= 6.1.3)
      Fake.Core.String (>= 6.1.3)
      Fake.Core.Tasks (>= 6.1.3)
      Fake.Core.Trace (>= 6.1.3)
      Fake.Core.Xml (>= 6.1.3)
      Fake.IO.FileSystem (>= 6.1.3)
      Fake.Net.Http (>= 6.1.3)
      FSharp.Core (>= 8.0.301)
      Newtonsoft.Json (>= 13.0.3)
      NuGet.Protocol (>= 6.10.1)
    Fake.DotNet.Testing.NUnit (6.1.3)
      Fake.Core.Environment (>= 6.1.3)
      Fake.Core.Process (>= 6.1.3)
      Fake.Core.String (>= 6.1.3)
      Fake.Core.Trace (>= 6.1.3)
      Fake.IO.FileSystem (>= 6.1.3)
      Fake.Testing.Common (>= 6.1.3)
      FSharp.Core (>= 8.0.301)
    Fake.DotNet.Testing.XUnit2 (6.1.3)
      Fake.Core.Process (>= 6.1.3)
      Fake.Core.String (>= 6.1.3)
      Fake.Core.Trace (>= 6.1.3)
      Fake.IO.FileSystem (>= 6.1.3)
      Fake.Testing.Common (>= 6.1.3)
      FSharp.Core (>= 8.0.301)
    Fake.IO.FileSystem (6.1.3)
      Fake.Core.String (>= 6.1.3)
      Fake.Core.Trace (>= 6.1.3)
      FSharp.Core (>= 8.0.301)
    Fake.Net.Http (6.1.3)
      Fake.Core.Trace (>= 6.1.3)
      FSharp.Core (>= 8.0.301)
    Fake.Testing.Common (6.1.3)
      Fake.Core.Trace (>= 6.1.3)
      FSharp.Core (>= 8.0.301)
    Fake.Tools.Git (6.1.3)
      Fake.Core.Environment (>= 6.1.3)
      Fake.Core.Process (>= 6.1.3)
      Fake.Core.SemVer (>= 6.1.3)
      Fake.Core.String (>= 6.1.3)
      Fake.Core.Trace (>= 6.1.3)
      Fake.IO.FileSystem (>= 6.1.3)
      FSharp.Core (>= 8.0.301)
    FParsec (1.1.1)
      FSharp.Core (>= 4.3.4)
    FSharp.Configuration (3.0)
      FSharp.Core (>= 8.0.301)
    FSharp.Control.Reactive (6.1.2)
      FSharp.Core (>= 6.0.7)
      System.Reactive (>= 6.0.1)
    FSharp.Core (9.0.300)
    Microsoft.Bcl.AsyncInterfaces (9.0.5)
    Microsoft.Bcl.Cryptography (9.0.5)
      System.Formats.Asn1 (>= 9.0.5)
      System.Memory (>= 4.5.5)
      System.Runtime.CompilerServices.Unsafe (>= 6.0)
    Microsoft.Build.Framework (17.14.8)
      Microsoft.Win32.Registry (>= 5.0)
      System.Diagnostics.DiagnosticSource (>= 9.0)
      System.Memory (>= 4.6)
      System.Runtime.CompilerServices.Unsafe (>= 6.1)
      System.Security.Principal.Windows (>= 5.0)
    Microsoft.Build.Utilities.Core (17.14.8)
      Microsoft.Build.Framework (>= 17.14.8)
      Microsoft.NET.StringTools (>= 17.14.8)
      Microsoft.Win32.Registry (>= 5.0)
      System.Collections.Immutable (>= 9.0)
      System.Configuration.ConfigurationManager (>= 9.0)
      System.Diagnostics.DiagnosticSource (>= 9.0)
      System.Memory (>= 4.6)
      System.Runtime.CompilerServices.Unsafe (>= 6.1)
      System.Security.Cryptography.ProtectedData (>= 9.0)
      System.Security.Principal.Windows (>= 5.0)
      System.Text.Encoding.CodePages (>= 9.0)
    Microsoft.Data.SqlClient (6.0.2)
    Microsoft.Data.Tools.Msbuild (16.0.62004.28040)
    Microsoft.NET.StringTools (17.14.8)
      System.Memory (>= 4.6)
      System.Runtime.CompilerServices.Unsafe (>= 6.1)
    Microsoft.Win32.Registry (5.0)
      System.Security.AccessControl (>= 5.0)
      System.Security.Principal.Windows (>= 5.0)
    Mono.Posix.NETStandard (1.0)
    MSBuild.StructuredLogger (2.2.472)
      Microsoft.Build.Framework (>= 17.5)
      Microsoft.Build.Utilities.Core (>= 17.5)
      System.Collections.Immutable (>= 8.0)
      System.Memory (>= 4.6)
      System.Runtime.CompilerServices.Unsafe (>= 6.1)
    Newtonsoft.Json (13.0.3)
    NuGet.Common (6.14)
      NuGet.Frameworks (>= 6.14)
      System.Collections.Immutable (>= 8.0)
    NuGet.Configuration (6.14)
      NuGet.Common (>= 6.14)
      System.Security.Cryptography.ProtectedData (>= 4.4)
    NuGet.Frameworks (6.14)
    NuGet.Packaging (6.14)
      Newtonsoft.Json (>= 13.0.3)
      NuGet.Configuration (>= 6.14)
      NuGet.Versioning (>= 6.14)
      System.Formats.Asn1 (>= 8.0.1)
      System.Security.Cryptography.Pkcs (>= 6.0.4)
      System.Text.Json (>= 8.0.5)
    NuGet.Protocol (6.14)
      NuGet.Packaging (>= 6.14)
      System.Text.Json (>= 8.0.5)
    NuGet.Versioning (6.14)
    System.Buffers (4.6.1)
    System.Collections.Immutable (9.0.5)
      System.Memory (>= 4.5.5)
      System.Runtime.CompilerServices.Unsafe (>= 6.0)
    System.Configuration.ConfigurationManager (9.0.5)
      System.Security.Cryptography.ProtectedData (>= 9.0.5)
    System.Diagnostics.DiagnosticSource (9.0.5)
      System.Memory (>= 4.5.5)
      System.Runtime.CompilerServices.Unsafe (>= 6.0)
    System.Formats.Asn1 (9.0.5)
      System.Buffers (>= 4.5.1)
      System.Memory (>= 4.5.5)
    System.IO.Pipelines (9.0.5)
      System.Buffers (>= 4.5.1)
      System.Memory (>= 4.5.5)
      System.Threading.Tasks.Extensions (>= 4.5.4)
    System.Memory (4.6.3)
    System.Reactive (6.0.1)
    System.Runtime.CompilerServices.Unsafe (6.1.2)
    System.Security.AccessControl (6.0.1)
    System.Security.Cryptography.Cng (5.0)
      System.Formats.Asn1 (>= 5.0)
    System.Security.Cryptography.Pkcs (9.0.5)
      Microsoft.Bcl.Cryptography (>= 9.0.5)
      System.Formats.Asn1 (>= 9.0.5)
      System.Runtime.CompilerServices.Unsafe (>= 6.0)
      System.Security.Cryptography.Cng (>= 5.0)
    System.Security.Cryptography.ProtectedData (9.0.5)
      System.Memory (>= 4.5.5)
    System.Security.Principal.Windows (5.0)
    System.Text.Encoding.CodePages (9.0.5)
      System.Memory (>= 4.5.5)
      System.Runtime.CompilerServices.Unsafe (>= 6.0)
    System.Text.Encodings.Web (9.0.5)
      System.Buffers (>= 4.5.1)
      System.Memory (>= 4.5.5)
      System.Runtime.CompilerServices.Unsafe (>= 6.0)
    System.Text.Json (9.0.5)
      Microsoft.Bcl.AsyncInterfaces (>= 9.0.5)
      System.Buffers (>= 4.5.1)
      System.IO.Pipelines (>= 9.0.5)
      System.Memory (>= 4.5.5)
      System.Runtime.CompilerServices.Unsafe (>= 6.0)
      System.Text.Encodings.Web (>= 9.0.5)
      System.Threading.Tasks.Extensions (>= 4.5.4)
    System.Threading.Tasks.Extensions (4.6.3)

GROUP Clientside

GITHUB
  remote: zurb/bower-foundation
    css/foundation.css (15d98294916c50ce8e6838bc035f4f136d4dc704)
    css/foundation.min.css (15d98294916c50ce8e6838bc035f4f136d4dc704)
    css/normalize.css (15d98294916c50ce8e6838bc035f4f136d4dc704)
    js/foundation.min.js (15d98294916c50ce8e6838bc035f4f136d4dc704)
  remote: aFarkas/html5shiv
    dist/html5shiv.min.js (daa5fd1169cf8c1b63b0659754b4d13b037c0e54)
  remote: FortAwesome/Font-Awesome
    css/font-awesome.min.css (bdfa9823c8b1e25a5c822f6c719ec0e38ead7f71)
    fonts/fontawesome-webfont.eot (bdfa9823c8b1e25a5c822f6c719ec0e38ead7f71)
    fonts/fontawesome-webfont.svg (bdfa9823c8b1e25a5c822f6c719ec0e38ead7f71)
    fonts/fontawesome-webfont.ttf (bdfa9823c8b1e25a5c822f6c719ec0e38ead7f71)
    fonts/fontawesome-webfont.woff (bdfa9823c8b1e25a5c822f6c719ec0e38ead7f71)
    fonts/fontawesome-webfont.woff2 (bdfa9823c8b1e25a5c822f6c719ec0e38ead7f71)
  remote: Reactive-Extensions/RxJS
    dist/rx.lite.min.js (6770d24307ed4baaecdbb21cfc178c13e459f42f)
  remote: furf/jquery-ui-touch-punch
    jquery.ui.touch-punch.min.js (4bc009145202d9c7483ba85f3a236a8f3470354d)
HTTP
  remote: https://cdn.jsdelivr.net
    jquery.signalR.js (/npm/signalr@2.4.3/jquery.signalR.js)
    jquery.signalR.min.js (/npm/signalr@2.4.3/jquery.signalR.min.js)
    lodash.min.js (/npm/lodash@4.17.21/lodash.min.js)
    signalr.js (/npm/@microsoft/signalr@7.0.12/dist/browser/signalr.js)
    signalr.min.js (/npm/@microsoft/signalr@7.0.12/dist/browser/signalr.min.js)
  remote: https://ajax.aspnetcdn.com
    bootstrap.min.css (/ajax/bootstrap/5.2.3/css/bootstrap.min.css)
    bootstrap.min.js (/ajax/bootstrap/5.2.3/bootstrap.min.js)
    jquery.min.js (/ajax/jQuery/jquery-2.2.4.min.js)
    jquery.min.map (/ajax/jQuery/jquery-2.2.4.min.map)
  remote: https://code.jquery.com
    jquery-ui.min.css (/ui/1.12.1/themes/sunny/jquery-ui.min.css)
    jquery-ui.min.js (/ui/1.12.1/jquery-ui.min.js)
  remote: https://unpkg.com
    react-dom.production.min.js (/react-dom@17/umd/react-dom.production.min.js)
    react.development.js (/react@17/umd/react.development.js)
    react.production.min.js (/react@17/umd/react.production.min.js)
    tether.min.js (/tether@1.2.4/dist/js/tether.min.js)
  remote: https://cdnjs.cloudflare.com
    modernizr.min.js (/ajax/libs/modernizr/2.8.3/modernizr.min.js)
GROUP Server
STORAGE: NONE
NUGET
  remote: https://api.nuget.org/v3/index.json
    BouncyCastle.Cryptography (2.6) - restriction: || (>= net462) (>= netstandard2.0)
    Destructurama.FSharp (3.0.1)
      FSharp.Core (>= 9.0.100) - restriction: >= netstandard2.0
      Serilog (>= 4.0) - restriction: >= netstandard2.0
    FSharp.Core (9.0.303)
    FSharp.Data (6.6)
      FSharp.Core (>= 6.0.1) - restriction: >= netstandard2.0
      FSharp.Data.Csv.Core (>= 6.6) - restriction: >= netstandard2.0
      FSharp.Data.Html.Core (>= 6.6) - restriction: >= netstandard2.0
      FSharp.Data.Http (>= 6.6) - restriction: >= netstandard2.0
      FSharp.Data.Json.Core (>= 6.6) - restriction: >= netstandard2.0
      FSharp.Data.Runtime.Utilities (>= 6.6) - restriction: >= netstandard2.0
      FSharp.Data.WorldBank.Core (>= 6.6) - restriction: >= netstandard2.0
      FSharp.Data.Xml.Core (>= 6.6) - restriction: >= netstandard2.0
    FSharp.Data.Csv.Core (6.6) - restriction: >= netstandard2.0
      FSharp.Core (>= 6.0.1) - restriction: >= netstandard2.0
      FSharp.Data.Runtime.Utilities (>= 6.6) - restriction: >= netstandard2.0
    FSharp.Data.Html.Core (6.6) - restriction: >= netstandard2.0
      FSharp.Core (>= 6.0.1) - restriction: >= netstandard2.0
      FSharp.Data.Csv.Core (>= 6.6) - restriction: >= netstandard2.0
      FSharp.Data.Runtime.Utilities (>= 6.6) - restriction: >= netstandard2.0
    FSharp.Data.Http (6.6) - restriction: >= netstandard2.0
      FSharp.Core (>= 6.0.1) - restriction: >= netstandard2.0
    FSharp.Data.Json.Core (6.6) - restriction: >= netstandard2.0
      FSharp.Core (>= 6.0.1) - restriction: >= netstandard2.0
      FSharp.Data.Http (>= 6.6) - restriction: >= netstandard2.0
      FSharp.Data.Runtime.Utilities (>= 6.6) - restriction: >= netstandard2.0
    FSharp.Data.JsonProvider.Serializer (1.0.5)
      FSharp.Core (>= 9.0.303) - restriction: >= netstandard2.0
      FSharp.Data.Json.Core (>= 6.6) - restriction: >= netstandard2.0
      System.Text.Json (>= 9.0.8) - restriction: >= netstandard2.0
    FSharp.Data.Runtime.Utilities (6.6) - restriction: >= netstandard2.0
      FSharp.Core (>= 6.0.1) - restriction: >= netstandard2.0
      FSharp.Data.Http (>= 6.6) - restriction: >= netstandard2.0
    FSharp.Data.WorldBank.Core (6.6) - restriction: >= netstandard2.0
      FSharp.Core (>= 6.0.1) - restriction: >= netstandard2.0
      FSharp.Data.Http (>= 6.6) - restriction: >= netstandard2.0
      FSharp.Data.Json.Core (>= 6.6) - restriction: >= netstandard2.0
      FSharp.Data.Runtime.Utilities (>= 6.6) - restriction: >= netstandard2.0
    FSharp.Data.Xml.Core (6.6) - restriction: >= netstandard2.0
      FSharp.Core (>= 6.0.1) - restriction: >= netstandard2.0
      FSharp.Data.Http (>= 6.6) - restriction: >= netstandard2.0
      FSharp.Data.Json.Core (>= 6.6) - restriction: >= netstandard2.0
      FSharp.Data.Runtime.Utilities (>= 6.6) - restriction: >= netstandard2.0
    Google.Protobuf (3.31) - restriction: || (>= net462) (>= netstandard2.0)
      System.Memory (>= 4.5.3) - restriction: || (>= net45) (&& (< net5.0) (>= netstandard2.0)) (&& (>= netstandard1.1) (< netstandard2.0))
      System.Runtime.CompilerServices.Unsafe (>= 4.5.2) - restriction: && (< net45) (< net5.0) (>= netstandard2.0)
    K4os.Compression.LZ4 (1.3.8) - restriction: || (>= net462) (>= netstandard2.0)
      System.Memory (>= 4.5.5) - restriction: || (>= net462) (&& (>= netstandard2.0) (< netstandard2.1))
      System.Runtime.CompilerServices.Unsafe (>= 5.0) - restriction: && (< net462) (>= netstandard2.0) (< netstandard2.1)
      System.Runtime.CompilerServices.Unsafe (>= 6.0) - restriction: || (>= net462) (&& (< net5.0) (>= netstandard2.1))
    K4os.Compression.LZ4.Streams (1.3.8) - restriction: || (>= net462) (>= netstandard2.0)
      K4os.Compression.LZ4 (>= 1.3.8) - restriction: || (>= net462) (>= netstandard2.0)
      K4os.Hash.xxHash (>= 1.0.8) - restriction: || (>= net462) (>= netstandard2.0)
      System.IO.Pipelines (>= 5.0.2) - restriction: || (>= net462) (&& (>= netstandard2.0) (< netstandard2.1))
      System.IO.Pipelines (>= 6.0.3) - restriction: >= netstandard2.1
    K4os.Hash.xxHash (1.0.8) - restriction: || (>= net462) (>= netstandard2.0)
      System.Memory (>= 4.5.5) - restriction: || (>= net462) (&& (>= netstandard2.0) (< netstandard2.1))
      System.Runtime.CompilerServices.Unsafe (>= 5.0) - restriction: && (< net462) (>= netstandard2.0) (< netstandard2.1)
      System.Runtime.CompilerServices.Unsafe (>= 6.0) - restriction: || (>= net462) (&& (< net5.0) (>= netstandard2.1))
    Logari (1.0.2)
      FSharp.Core (>= 8.0.301) - restriction: >= netstandard2.0
      Microsoft.Extensions.Logging (>= 9.0.2) - restriction: >= netstandard2.0
      Microsoft.Extensions.Logging.Abstractions (>= 9.0.2) - restriction: >= netstandard2.0
      Microsoft.Extensions.Logging.Console (>= 9.0.2) - restriction: >= netstandard2.0
    Microsoft.ApplicationInsights (2.23) - restriction: || (>= net462) (>= netstandard2.0)
      System.Diagnostics.DiagnosticSource (>= 5.0) - restriction: || (&& (>= net452) (< netstandard2.0)) (&& (< net452) (>= netstandard2.0)) (>= net46)
    Microsoft.AspNetCore.Authentication.Abstractions (2.3) - restriction: >= netstandard2.0
      Microsoft.AspNetCore.Http.Abstractions (>= 2.3) - restriction: >= netstandard2.0
      Microsoft.Extensions.Logging.Abstractions (>= 8.0.2) - restriction: >= netstandard2.0
      Microsoft.Extensions.Options (>= 8.0.2) - restriction: >= netstandard2.0
    Microsoft.AspNetCore.Authentication.JwtBearer (8.0.15)
      Microsoft.IdentityModel.Protocols.OpenIdConnect (>= 7.1.2) - restriction: >= net8.0
    Microsoft.AspNetCore.Authorization (9.0.5) - restriction: >= netstandard2.0
      Microsoft.AspNetCore.Metadata (>= 9.0.5) - restriction: || (>= net462) (>= netstandard2.0)
      Microsoft.Extensions.Logging.Abstractions (>= 9.0.5) - restriction: || (>= net462) (>= netstandard2.0)
      Microsoft.Extensions.Options (>= 9.0.5) - restriction: || (>= net462) (>= netstandard2.0)
    Microsoft.AspNetCore.Authorization.Policy (2.3) - restriction: >= netstandard2.0
      Microsoft.AspNetCore.Authentication.Abstractions (>= 2.3) - restriction: >= netstandard2.0
      Microsoft.AspNetCore.Authorization (>= 2.3) - restriction: >= netstandard2.0
    Microsoft.AspNetCore.Connections.Abstractions (9.0.5) - restriction: || (>= net462) (>= netstandard2.0)
      Microsoft.Bcl.AsyncInterfaces (>= 9.0.5) - restriction: || (>= net462) (&& (< net9.0) (>= netstandard2.1)) (&& (>= netstandard2.0) (< netstandard2.1))
      Microsoft.Extensions.Features (>= 9.0.5) - restriction: || (>= net462) (>= netstandard2.0)
      System.IO.Pipelines (>= 9.0.5) - restriction: || (>= net462) (&& (< net9.0) (>= netstandard2.1)) (&& (>= netstandard2.0) (< netstandard2.1))
    Microsoft.AspNetCore.Hosting.Abstractions (2.3) - restriction: >= netstandard2.0
      Microsoft.AspNetCore.Hosting.Server.Abstractions (>= 2.3) - restriction: >= netstandard2.0
      Microsoft.AspNetCore.Http.Abstractions (>= 2.3) - restriction: >= netstandard2.0
      Microsoft.Extensions.Hosting.Abstractions (>= 8.0.1) - restriction: >= netstandard2.0
    Microsoft.AspNetCore.Hosting.Server.Abstractions (2.3) - restriction: >= netstandard2.0
      Microsoft.AspNetCore.Http.Features (>= 2.3) - restriction: >= netstandard2.0
      Microsoft.Extensions.Configuration.Abstractions (>= 8.0) - restriction: >= netstandard2.0
    Microsoft.AspNetCore.Http (2.3) - restriction: >= netstandard2.0
      Microsoft.AspNetCore.Http.Abstractions (>= 2.3) - restriction: >= netstandard2.0
      Microsoft.AspNetCore.WebUtilities (>= 2.3) - restriction: >= netstandard2.0
      Microsoft.Extensions.ObjectPool (>= 8.0.11) - restriction: >= netstandard2.0
      Microsoft.Extensions.Options (>= 8.0.2) - restriction: >= netstandard2.0
      Microsoft.Net.Http.Headers (>= 2.3) - restriction: >= netstandard2.0
    Microsoft.AspNetCore.Http.Abstractions (2.3) - restriction: >= netstandard2.0
      Microsoft.AspNetCore.Http.Features (>= 2.3) - restriction: >= netstandard2.0
      System.Text.Encodings.Web (>= 8.0) - restriction: >= netstandard2.0
    Microsoft.AspNetCore.Http.Connections (1.2) - restriction: >= netstandard2.0
      Microsoft.AspNetCore.Authorization.Policy (>= 2.3) - restriction: >= netstandard2.0
      Microsoft.AspNetCore.Hosting.Abstractions (>= 2.3) - restriction: >= netstandard2.0
      Microsoft.AspNetCore.Http (>= 2.3) - restriction: >= netstandard2.0
      Microsoft.AspNetCore.Http.Connections.Common (>= 1.2) - restriction: >= netstandard2.0
      Microsoft.AspNetCore.Routing (>= 2.3) - restriction: >= netstandard2.0
      Microsoft.AspNetCore.WebSockets (>= 2.3) - restriction: >= netstandard2.0
      Newtonsoft.Json (>= 11.0.2) - restriction: >= netstandard2.0
      System.Net.WebSockets.WebSocketProtocol (>= 5.1) - restriction: >= netstandard2.0
    Microsoft.AspNetCore.Http.Connections.Common (9.0.5) - restriction: >= netstandard2.0
      Microsoft.AspNetCore.Connections.Abstractions (>= 9.0.5) - restriction: || (>= net462) (>= netstandard2.0)
      System.Text.Json (>= 9.0.5) - restriction: || (>= net462) (&& (< net9.0) (>= netstandard2.0))
    Microsoft.AspNetCore.Http.Extensions (2.3) - restriction: >= netstandard2.0
      Microsoft.AspNetCore.Http.Abstractions (>= 2.3) - restriction: >= netstandard2.0
      Microsoft.Extensions.FileProviders.Abstractions (>= 8.0) - restriction: >= netstandard2.0
      Microsoft.Net.Http.Headers (>= 2.3) - restriction: >= netstandard2.0
      System.Buffers (>= 4.6) - restriction: >= netstandard2.0
    Microsoft.AspNetCore.Http.Features (5.0.17) - restriction: >= netstandard2.0
      Microsoft.Extensions.Primitives (>= 5.0.1) - restriction: || (>= net461) (>= netstandard2.0)
      System.IO.Pipelines (>= 5.0.2) - restriction: || (>= net461) (>= netstandard2.0)
    Microsoft.AspNetCore.Metadata (9.0.5) - restriction: >= netstandard2.0
    Microsoft.AspNetCore.OpenApi (9.0.5) - restriction: >= net8.0
      Microsoft.OpenApi (>= 1.6.17) - restriction: >= net9.0
    Microsoft.AspNetCore.Routing (2.3) - restriction: >= netstandard2.0
      Microsoft.AspNetCore.Http.Extensions (>= 2.3) - restriction: >= netstandard2.0
      Microsoft.AspNetCore.Routing.Abstractions (>= 2.3) - restriction: >= netstandard2.0
      Microsoft.Extensions.Logging.Abstractions (>= 8.0.2) - restriction: >= netstandard2.0
      Microsoft.Extensions.ObjectPool (>= 8.0.11) - restriction: >= netstandard2.0
      Microsoft.Extensions.Options (>= 8.0.2) - restriction: >= netstandard2.0
    Microsoft.AspNetCore.Routing.Abstractions (2.3) - restriction: >= netstandard2.0
      Microsoft.AspNetCore.Http.Abstractions (>= 2.3) - restriction: >= netstandard2.0
    Microsoft.AspNetCore.SignalR (1.2)
      Microsoft.AspNetCore.Http.Connections (>= 1.2) - restriction: >= netstandard2.0
      Microsoft.AspNetCore.SignalR.Core (>= 1.2) - restriction: >= netstandard2.0
      Microsoft.AspNetCore.WebSockets (>= 2.3) - restriction: >= netstandard2.0
      System.IO.Pipelines (>= 8.0) - restriction: >= netstandard2.0
    Microsoft.AspNetCore.SignalR.Common (9.0.5) - restriction: || (>= net462) (>= netstandard2.0)
      Microsoft.AspNetCore.Connections.Abstractions (>= 9.0.5) - restriction: || (>= net462) (>= netstandard2.0)
      Microsoft.Extensions.Options (>= 9.0.5) - restriction: || (>= net462) (>= netstandard2.0)
      System.Net.Sockets (>= 4.3) - restriction: >= net462
      System.Text.Json (>= 9.0.5) - restriction: || (>= net462) (&& (< net9.0) (>= netstandard2.0))
    Microsoft.AspNetCore.SignalR.Core (1.2) - restriction: >= netstandard2.0
      Microsoft.AspNetCore.Authorization (>= 2.3) - restriction: >= netstandard2.0
      Microsoft.AspNetCore.SignalR.Common (>= 1.2) - restriction: >= netstandard2.0
      Microsoft.AspNetCore.SignalR.Protocols.Json (>= 1.2) - restriction: >= netstandard2.0
      Microsoft.Extensions.DependencyInjection.Abstractions (>= 8.0.2) - restriction: >= netstandard2.0
      Microsoft.Extensions.Logging.Abstractions (>= 8.0.2) - restriction: >= netstandard2.0
      System.IO.Pipelines (>= 8.0) - restriction: >= netstandard2.0
      System.Reflection.Emit (>= 4.7) - restriction: >= netstandard2.0
      System.Threading.Channels (>= 8.0) - restriction: >= netstandard2.0
    Microsoft.AspNetCore.SignalR.Protocols.Json (9.0.5) - restriction: >= netstandard2.0
      Microsoft.AspNetCore.SignalR.Common (>= 9.0.5) - restriction: || (>= net462) (>= netstandard2.0)
    Microsoft.AspNetCore.SignalR.Protocols.NewtonsoftJson (9.0.5)
      Microsoft.AspNetCore.SignalR.Common (>= 9.0.5) - restriction: || (>= net462) (>= netstandard2.0)
      Newtonsoft.Json (>= 13.0.3) - restriction: || (>= net462) (>= netstandard2.0)
    Microsoft.AspNetCore.WebSockets (2.3) - restriction: >= netstandard2.0
      Microsoft.AspNetCore.Http.Extensions (>= 2.3) - restriction: >= netstandard2.0
      Microsoft.Extensions.Options (>= 8.0.2) - restriction: >= netstandard2.0
      System.Net.WebSockets.WebSocketProtocol (>= 5.1) - restriction: >= netstandard2.0
    Microsoft.AspNetCore.WebUtilities (8.0.15)
      Microsoft.Net.Http.Headers (>= 8.0.15) - restriction: >= net8.0
      System.IO.Pipelines (>= 8.0) - restriction: >= net8.0
    Microsoft.Bcl.AsyncInterfaces (9.0.9) - restriction: || (>= net462) (&& (< net8.0) (>= netstandard2.0)) (&& (< net9.0) (>= netstandard2.1)) (&& (>= netstandard2.0) (< netstandard2.1))
      System.Threading.Tasks.Extensions (>= 4.5.4) - restriction: || (>= net462) (&& (>= netstandard2.0) (< netstandard2.1))
    Microsoft.Extensions.Configuration (9.0.5) - restriction: || (>= net462) (>= netstandard2.0)
      Microsoft.Extensions.Configuration.Abstractions (>= 9.0.5) - restriction: || (>= net462) (>= netstandard2.0)
      Microsoft.Extensions.Primitives (>= 9.0.5) - restriction: || (>= net462) (>= netstandard2.0)
    Microsoft.Extensions.Configuration.Abstractions (9.0.5) - restriction: || (>= net462) (>= netstandard2.0)
      Microsoft.Extensions.Primitives (>= 9.0.5) - restriction: || (>= net462) (>= netstandard2.0)
      System.ValueTuple (>= 4.5) - restriction: >= net462
    Microsoft.Extensions.Configuration.Binder (9.0.5) - restriction: || (>= net462) (>= netstandard2.0)
      Microsoft.Extensions.Configuration.Abstractions (>= 9.0.5) - restriction: || (>= net462) (>= netstandard2.0)
    Microsoft.Extensions.Configuration.CommandLine (9.0.5) - restriction: || (>= net462) (>= netstandard2.0)
      Microsoft.Extensions.Configuration (>= 9.0.5) - restriction: || (>= net462) (>= netstandard2.0)
      Microsoft.Extensions.Configuration.Abstractions (>= 9.0.5) - restriction: || (>= net462) (>= netstandard2.0)
    Microsoft.Extensions.Configuration.EnvironmentVariables (9.0.5) - restriction: || (>= net462) (>= netstandard2.0)
      Microsoft.Extensions.Configuration (>= 9.0.5) - restriction: || (>= net462) (>= netstandard2.0)
      Microsoft.Extensions.Configuration.Abstractions (>= 9.0.5) - restriction: || (>= net462) (>= netstandard2.0)
    Microsoft.Extensions.Configuration.FileExtensions (9.0.5) - restriction: || (>= net462) (>= netstandard2.0)
      Microsoft.Extensions.Configuration (>= 9.0.5) - restriction: || (>= net462) (>= netstandard2.0)
      Microsoft.Extensions.Configuration.Abstractions (>= 9.0.5) - restriction: || (>= net462) (>= netstandard2.0)
      Microsoft.Extensions.FileProviders.Abstractions (>= 9.0.5) - restriction: || (>= net462) (>= netstandard2.0)
      Microsoft.Extensions.FileProviders.Physical (>= 9.0.5) - restriction: || (>= net462) (>= netstandard2.0)
      Microsoft.Extensions.Primitives (>= 9.0.5) - restriction: || (>= net462) (>= netstandard2.0)
    Microsoft.Extensions.Configuration.Json (9.0.5) - restriction: || (>= net462) (>= netstandard2.0)
      Microsoft.Extensions.Configuration (>= 9.0.5) - restriction: || (>= net462) (>= netstandard2.0)
      Microsoft.Extensions.Configuration.Abstractions (>= 9.0.5) - restriction: || (>= net462) (>= netstandard2.0)
      Microsoft.Extensions.Configuration.FileExtensions (>= 9.0.5) - restriction: || (>= net462) (>= netstandard2.0)
      Microsoft.Extensions.FileProviders.Abstractions (>= 9.0.5) - restriction: || (>= net462) (>= netstandard2.0)
      System.Text.Json (>= 9.0.5) - restriction: || (>= net462) (&& (>= net8.0) (< net9.0)) (&& (< net8.0) (>= netstandard2.1)) (&& (>= netstandard2.0) (< netstandard2.1))
    Microsoft.Extensions.Configuration.UserSecrets (9.0.5) - restriction: || (>= net462) (>= netstandard2.0)
      Microsoft.Extensions.Configuration.Abstractions (>= 9.0.5) - restriction: || (>= net462) (>= netstandard2.0)
      Microsoft.Extensions.Configuration.Json (>= 9.0.5) - restriction: || (>= net462) (>= netstandard2.0)
      Microsoft.Extensions.FileProviders.Abstractions (>= 9.0.5) - restriction: || (>= net462) (>= netstandard2.0)
      Microsoft.Extensions.FileProviders.Physical (>= 9.0.5) - restriction: || (>= net462) (>= netstandard2.0)
    Microsoft.Extensions.DependencyInjection (9.0.5) - restriction: || (>= net462) (>= netstandard2.0)
      Microsoft.Bcl.AsyncInterfaces (>= 9.0.5) - restriction: || (>= net462) (&& (>= netstandard2.0) (< netstandard2.1))
      Microsoft.Extensions.DependencyInjection.Abstractions (>= 9.0.5) - restriction: || (>= net462) (>= netstandard2.0)
      System.Threading.Tasks.Extensions (>= 4.5.4) - restriction: || (>= net462) (&& (>= netstandard2.0) (< netstandard2.1))
    Microsoft.Extensions.DependencyInjection.Abstractions (9.0.5) - restriction: || (>= net462) (>= netstandard2.0)
      Microsoft.Bcl.AsyncInterfaces (>= 9.0.5) - restriction: || (>= net462) (&& (>= netstandard2.0) (< netstandard2.1))
      System.Threading.Tasks.Extensions (>= 4.5.4) - restriction: || (>= net462) (&& (>= netstandard2.0) (< netstandard2.1))
    Microsoft.Extensions.Diagnostics (9.0.5) - restriction: || (>= net462) (>= netstandard2.0)
      Microsoft.Extensions.Configuration (>= 9.0.5) - restriction: || (>= net462) (>= netstandard2.0)
      Microsoft.Extensions.Diagnostics.Abstractions (>= 9.0.5) - restriction: || (>= net462) (>= netstandard2.0)
      Microsoft.Extensions.Options.ConfigurationExtensions (>= 9.0.5) - restriction: || (>= net462) (>= netstandard2.0)
    Microsoft.Extensions.Diagnostics.Abstractions (9.0.5) - restriction: || (>= net462) (>= netstandard2.0)
      Microsoft.Extensions.DependencyInjection.Abstractions (>= 9.0.5) - restriction: || (>= net462) (>= netstandard2.0)
      Microsoft.Extensions.Options (>= 9.0.5) - restriction: || (>= net462) (>= netstandard2.0)
      System.Buffers (>= 4.5.1) - restriction: || (>= net462) (&& (< net8.0) (>= netstandard2.0))
      System.Diagnostics.DiagnosticSource (>= 9.0.5) - restriction: || (>= net462) (&& (>= net8.0) (< net9.0)) (&& (< net8.0) (>= netstandard2.0))
      System.Memory (>= 4.5.5) - restriction: || (>= net462) (&& (< net8.0) (>= netstandard2.0))
    Microsoft.Extensions.Features (9.0.5) - restriction: || (>= net462) (>= netstandard2.0)
    Microsoft.Extensions.FileProviders.Abstractions (9.0.5) - restriction: || (>= net462) (>= netstandard2.0)
      Microsoft.Extensions.Primitives (>= 9.0.5) - restriction: || (>= net462) (>= netstandard2.0)
    Microsoft.Extensions.FileProviders.Physical (9.0.5) - restriction: || (>= net462) (>= netstandard2.0)
      Microsoft.Extensions.FileProviders.Abstractions (>= 9.0.5) - restriction: || (>= net462) (>= netstandard2.0)
      Microsoft.Extensions.FileSystemGlobbing (>= 9.0.5) - restriction: || (>= net462) (>= netstandard2.0)
      Microsoft.Extensions.Primitives (>= 9.0.5) - restriction: || (>= net462) (>= netstandard2.0)
    Microsoft.Extensions.FileSystemGlobbing (9.0.5) - restriction: || (>= net462) (>= netstandard2.0)
    Microsoft.Extensions.Hosting (9.0.5) - restriction: || (>= net462) (>= netstandard2.0)
      Microsoft.Bcl.AsyncInterfaces (>= 9.0.5) - restriction: || (>= net462) (&& (>= netstandard2.0) (< netstandard2.1))
      Microsoft.Extensions.Configuration (>= 9.0.5) - restriction: || (>= net462) (>= netstandard2.0)
      Microsoft.Extensions.Configuration.Abstractions (>= 9.0.5) - restriction: || (>= net462) (>= netstandard2.0)
      Microsoft.Extensions.Configuration.Binder (>= 9.0.5) - restriction: || (>= net462) (>= netstandard2.0)
      Microsoft.Extensions.Configuration.CommandLine (>= 9.0.5) - restriction: || (>= net462) (>= netstandard2.0)
      Microsoft.Extensions.Configuration.EnvironmentVariables (>= 9.0.5) - restriction: || (>= net462) (>= netstandard2.0)
      Microsoft.Extensions.Configuration.FileExtensions (>= 9.0.5) - restriction: || (>= net462) (>= netstandard2.0)
      Microsoft.Extensions.Configuration.Json (>= 9.0.5) - restriction: || (>= net462) (>= netstandard2.0)
      Microsoft.Extensions.Configuration.UserSecrets (>= 9.0.5) - restriction: || (>= net462) (>= netstandard2.0)
      Microsoft.Extensions.DependencyInjection (>= 9.0.5) - restriction: || (>= net462) (>= netstandard2.0)
      Microsoft.Extensions.DependencyInjection.Abstractions (>= 9.0.5) - restriction: || (>= net462) (>= netstandard2.0)
      Microsoft.Extensions.Diagnostics (>= 9.0.5) - restriction: || (>= net462) (>= netstandard2.0)
      Microsoft.Extensions.FileProviders.Abstractions (>= 9.0.5) - restriction: || (>= net462) (>= netstandard2.0)
      Microsoft.Extensions.FileProviders.Physical (>= 9.0.5) - restriction: || (>= net462) (>= netstandard2.0)
      Microsoft.Extensions.Hosting.Abstractions (>= 9.0.5) - restriction: || (>= net462) (>= netstandard2.0)
      Microsoft.Extensions.Logging (>= 9.0.5) - restriction: || (>= net462) (>= netstandard2.0)
      Microsoft.Extensions.Logging.Abstractions (>= 9.0.5) - restriction: || (>= net462) (>= netstandard2.0)
      Microsoft.Extensions.Logging.Configuration (>= 9.0.5) - restriction: || (>= net462) (>= netstandard2.0)
      Microsoft.Extensions.Logging.Console (>= 9.0.5) - restriction: || (>= net462) (>= netstandard2.0)
      Microsoft.Extensions.Logging.Debug (>= 9.0.5) - restriction: || (>= net462) (>= netstandard2.0)
      Microsoft.Extensions.Logging.EventLog (>= 9.0.5) - restriction: || (>= net462) (>= netstandard2.0)
      Microsoft.Extensions.Logging.EventSource (>= 9.0.5) - restriction: || (>= net462) (>= netstandard2.0)
      Microsoft.Extensions.Options (>= 9.0.5) - restriction: || (>= net462) (>= netstandard2.0)
      System.Threading.Tasks.Extensions (>= 4.5.4) - restriction: || (>= net462) (&& (>= netstandard2.0) (< netstandard2.1))
    Microsoft.Extensions.Hosting.Abstractions (9.0.5) - restriction: || (>= net462) (>= netstandard2.0)
      Microsoft.Bcl.AsyncInterfaces (>= 9.0.5) - restriction: || (>= net462) (&& (>= netstandard2.0) (< netstandard2.1))
      Microsoft.Extensions.Configuration.Abstractions (>= 9.0.5) - restriction: || (>= net462) (>= netstandard2.0)
      Microsoft.Extensions.DependencyInjection.Abstractions (>= 9.0.5) - restriction: || (>= net462) (>= netstandard2.0)
      Microsoft.Extensions.Diagnostics.Abstractions (>= 9.0.5) - restriction: || (>= net462) (>= netstandard2.0)
      Microsoft.Extensions.FileProviders.Abstractions (>= 9.0.5) - restriction: || (>= net462) (>= netstandard2.0)
      Microsoft.Extensions.Logging.Abstractions (>= 9.0.5) - restriction: || (>= net462) (>= netstandard2.0)
      System.Threading.Tasks.Extensions (>= 4.5.4) - restriction: || (>= net462) (&& (>= netstandard2.0) (< netstandard2.1))
    Microsoft.Extensions.Hosting.WindowsServices (8.0.1)
      Microsoft.Extensions.Hosting (>= 8.0.1) - restriction: || (>= net462) (>= netstandard2.0)
      Microsoft.Extensions.Logging.EventLog (>= 8.0.1) - restriction: || (>= net462) (>= netstandard2.0)
      System.ServiceProcess.ServiceController (>= 8.0.1) - restriction: || (&& (< net462) (>= netstandard2.0)) (>= netstandard2.1)
    Microsoft.Extensions.Logging (9.0.5) - restriction: || (>= net462) (>= netstandard2.0)
      Microsoft.Bcl.AsyncInterfaces (>= 9.0.5) - restriction: || (>= net462) (&& (>= netstandard2.0) (< netstandard2.1))
      Microsoft.Extensions.DependencyInjection (>= 9.0.5) - restriction: || (>= net462) (>= netstandard2.0)
      Microsoft.Extensions.Logging.Abstractions (>= 9.0.5) - restriction: || (>= net462) (>= netstandard2.0)
      Microsoft.Extensions.Options (>= 9.0.5) - restriction: || (>= net462) (>= netstandard2.0)
      System.Diagnostics.DiagnosticSource (>= 9.0.5) - restriction: || (>= net462) (&& (< net8.0) (>= netstandard2.1)) (&& (>= netstandard2.0) (< netstandard2.1))
      System.ValueTuple (>= 4.5) - restriction: >= net462
    Microsoft.Extensions.Logging.Abstractions (9.0.5) - restriction: || (>= net462) (>= netstandard2.0)
      Microsoft.Extensions.DependencyInjection.Abstractions (>= 9.0.5) - restriction: || (>= net462) (>= netstandard2.0)
      System.Buffers (>= 4.5.1) - restriction: || (>= net462) (&& (< net8.0) (>= netstandard2.0))
      System.Diagnostics.DiagnosticSource (>= 9.0.5) - restriction: || (>= net462) (&& (>= net8.0) (< net9.0)) (&& (< net8.0) (>= netstandard2.0))
      System.Memory (>= 4.5.5) - restriction: || (>= net462) (&& (< net8.0) (>= netstandard2.0))
    Microsoft.Extensions.Logging.Configuration (9.0.5) - restriction: || (>= net462) (>= netstandard2.0)
      Microsoft.Extensions.Configuration (>= 9.0.5) - restriction: || (>= net462) (>= netstandard2.0)
      Microsoft.Extensions.Configuration.Abstractions (>= 9.0.5) - restriction: || (>= net462) (>= netstandard2.0)
      Microsoft.Extensions.Configuration.Binder (>= 9.0.5) - restriction: || (>= net462) (>= netstandard2.0)
      Microsoft.Extensions.DependencyInjection.Abstractions (>= 9.0.5) - restriction: || (>= net462) (>= netstandard2.0)
      Microsoft.Extensions.Logging (>= 9.0.5) - restriction: || (>= net462) (>= netstandard2.0)
      Microsoft.Extensions.Logging.Abstractions (>= 9.0.5) - restriction: || (>= net462) (>= netstandard2.0)
      Microsoft.Extensions.Options (>= 9.0.5) - restriction: || (>= net462) (>= netstandard2.0)
      Microsoft.Extensions.Options.ConfigurationExtensions (>= 9.0.5) - restriction: || (>= net462) (>= netstandard2.0)
    Microsoft.Extensions.Logging.Console (9.0.5) - restriction: || (>= net462) (>= netstandard2.0)
      Microsoft.Bcl.AsyncInterfaces (>= 9.0.5) - restriction: || (>= net462) (&& (< net8.0) (>= netstandard2.0))
      Microsoft.Extensions.DependencyInjection.Abstractions (>= 9.0.5) - restriction: || (>= net462) (>= netstandard2.0)
      Microsoft.Extensions.Logging (>= 9.0.5) - restriction: || (>= net462) (>= netstandard2.0)
      Microsoft.Extensions.Logging.Abstractions (>= 9.0.5) - restriction: || (>= net462) (>= netstandard2.0)
      Microsoft.Extensions.Logging.Configuration (>= 9.0.5) - restriction: || (>= net462) (>= netstandard2.0)
      Microsoft.Extensions.Options (>= 9.0.5) - restriction: || (>= net462) (>= netstandard2.0)
      System.Buffers (>= 4.5.1) - restriction: || (>= net462) (&& (< net8.0) (>= netstandard2.0))
      System.Text.Json (>= 9.0.5) - restriction: || (>= net462) (&& (>= net8.0) (< net9.0)) (&& (< net8.0) (>= netstandard2.0))
    Microsoft.Extensions.Logging.Debug (9.0.5) - restriction: || (>= net462) (>= netstandard2.0)
      Microsoft.Extensions.DependencyInjection.Abstractions (>= 9.0.5) - restriction: || (>= net462) (>= netstandard2.0)
      Microsoft.Extensions.Logging (>= 9.0.5) - restriction: || (>= net462) (>= netstandard2.0)
      Microsoft.Extensions.Logging.Abstractions (>= 9.0.5) - restriction: || (>= net462) (>= netstandard2.0)
    Microsoft.Extensions.Logging.EventLog (9.0.5) - restriction: || (>= net462) (>= netstandard2.0)
      Microsoft.Extensions.DependencyInjection.Abstractions (>= 9.0.5) - restriction: || (>= net462) (>= netstandard2.0)
      Microsoft.Extensions.Logging (>= 9.0.5) - restriction: || (>= net462) (>= netstandard2.0)
      Microsoft.Extensions.Logging.Abstractions (>= 9.0.5) - restriction: || (>= net462) (>= netstandard2.0)
      Microsoft.Extensions.Options (>= 9.0.5) - restriction: || (>= net462) (>= netstandard2.0)
      System.Diagnostics.EventLog (>= 9.0.5) - restriction: || (&& (< net462) (>= netstandard2.0)) (>= net8.0)
    Microsoft.Extensions.Logging.EventSource (9.0.5) - restriction: || (>= net462) (>= netstandard2.0)
      Microsoft.Bcl.AsyncInterfaces (>= 9.0.5) - restriction: || (>= net462) (&& (< net8.0) (>= netstandard2.0))
      Microsoft.Extensions.DependencyInjection.Abstractions (>= 9.0.5) - restriction: || (>= net462) (>= netstandard2.0)
      Microsoft.Extensions.Logging (>= 9.0.5) - restriction: || (>= net462) (>= netstandard2.0)
      Microsoft.Extensions.Logging.Abstractions (>= 9.0.5) - restriction: || (>= net462) (>= netstandard2.0)
      Microsoft.Extensions.Options (>= 9.0.5) - restriction: || (>= net462) (>= netstandard2.0)
      Microsoft.Extensions.Primitives (>= 9.0.5) - restriction: || (>= net462) (>= netstandard2.0)
      System.Memory (>= 4.5.5) - restriction: || (>= net462) (&& (< net8.0) (>= netstandard2.0))
      System.Runtime.CompilerServices.Unsafe (>= 6.0) - restriction: || (>= net462) (&& (< net8.0) (>= netstandard2.0))
      System.Text.Json (>= 9.0.5) - restriction: || (>= net462) (&& (>= net8.0) (< net9.0)) (&& (< net8.0) (>= netstandard2.0))
    Microsoft.Extensions.ObjectPool (9.0.5) - restriction: >= netstandard2.0
    Microsoft.Extensions.Options (9.0.5) - restriction: || (>= net462) (>= netstandard2.0)
      Microsoft.Extensions.DependencyInjection.Abstractions (>= 9.0.5) - restriction: || (>= net462) (>= netstandard2.0)
      Microsoft.Extensions.Primitives (>= 9.0.5) - restriction: || (>= net462) (>= netstandard2.0)
      System.ComponentModel.Annotations (>= 5.0) - restriction: || (&& (< net462) (>= netstandard2.0) (< netstandard2.1)) (&& (< net8.0) (>= netstandard2.1))
      System.ValueTuple (>= 4.5) - restriction: >= net462
    Microsoft.Extensions.Options.ConfigurationExtensions (9.0.5) - restriction: || (>= net462) (>= netstandard2.0)
      Microsoft.Extensions.Configuration.Abstractions (>= 9.0.5) - restriction: || (>= net462) (>= netstandard2.0)
      Microsoft.Extensions.Configuration.Binder (>= 9.0.5) - restriction: || (>= net462) (>= netstandard2.0)
      Microsoft.Extensions.DependencyInjection.Abstractions (>= 9.0.5) - restriction: || (>= net462) (>= netstandard2.0)
      Microsoft.Extensions.Options (>= 9.0.5) - restriction: || (>= net462) (>= netstandard2.0)
      Microsoft.Extensions.Primitives (>= 9.0.5) - restriction: || (>= net462) (>= netstandard2.0)
    Microsoft.Extensions.Primitives (9.0.5) - restriction: || (>= net462) (>= netstandard2.0)
    Microsoft.IdentityModel.Abstractions (8.10) - restriction: >= net8.0
    Microsoft.IdentityModel.JsonWebTokens (8.10) - restriction: >= net8.0
      Microsoft.IdentityModel.Tokens (>= 8.10) - restriction: || (>= net462) (>= netstandard2.0)
    Microsoft.IdentityModel.Logging (8.10) - restriction: >= net8.0
      Microsoft.IdentityModel.Abstractions (>= 8.10) - restriction: || (>= net462) (>= netstandard2.0)
    Microsoft.IdentityModel.Protocols (8.10) - restriction: >= net8.0
      Microsoft.IdentityModel.Tokens (>= 8.10) - restriction: || (>= net462) (>= netstandard2.0)
    Microsoft.IdentityModel.Protocols.OpenIdConnect (8.10) - restriction: >= net8.0
      Microsoft.IdentityModel.Protocols (>= 8.10) - restriction: || (>= net462) (>= netstandard2.0)
      System.IdentityModel.Tokens.Jwt (>= 8.10) - restriction: || (>= net462) (>= netstandard2.0)
    Microsoft.IdentityModel.Tokens (8.10) - restriction: >= net8.0
      Microsoft.Extensions.Logging.Abstractions (>= 8.0) - restriction: >= net8.0
      Microsoft.IdentityModel.Logging (>= 8.10) - restriction: || (>= net462) (>= netstandard2.0)
    Microsoft.IO.RecyclableMemoryStream (3.0.1) - restriction: >= net8.0
    Microsoft.Net.Http.Headers (8.0.15)
      Microsoft.Extensions.Primitives (>= 8.0) - restriction: >= net8.0
    Microsoft.NETCore.Platforms (7.0.4) - restriction: || (&& (< monoandroid) (< net45) (< netstandard1.2) (>= netstandard1.5) (< win8)) (&& (< monoandroid) (< net45) (< netstandard1.3) (>= netstandard1.5) (< win8) (< wpa81)) (&& (< monotouch) (< net45) (>= netstandard1.5) (< win8) (< wpa81) (< xamarinios) (< xamarinmac) (< xamarintvos) (< xamarinwatchos))
    Microsoft.NETCore.Targets (5.0) - restriction: || (&& (< monoandroid) (< net45) (< netstandard1.2) (>= netstandard1.5) (< win8)) (&& (< monoandroid) (< net45) (< netstandard1.3) (>= netstandard1.5) (< win8) (< wpa81)) (&& (< monotouch) (< net45) (>= netstandard1.5) (< win8) (< wpa81) (< xamarinios) (< xamarinmac) (< xamarintvos) (< xamarinwatchos))
    Microsoft.OpenApi (1.6.24) - restriction: >= net9.0
    Microsoft.Owin (4.2.3) - restriction: >= net48
      Owin (>= 1.0) - restriction: >= net45
    MySql.Data (9.3)
      BouncyCastle.Cryptography (>= 2.5.1) - restriction: || (>= net462) (>= netstandard2.0)
      Google.Protobuf (>= 3.30) - restriction: || (>= net462) (>= netstandard2.0)
      K4os.Compression.LZ4.Streams (>= 1.3.8) - restriction: || (>= net462) (>= netstandard2.0)
      System.Buffers (>= 4.5.1) - restriction: || (>= net462) (>= netstandard2.0)
      System.Configuration.ConfigurationManager (>= 8.0) - restriction: || (>= net462) (>= netstandard2.0)
      System.Diagnostics.DiagnosticSource (>= 8.0.1) - restriction: || (>= net462) (>= netstandard2.0)
      System.Runtime.CompilerServices.Unsafe (>= 6.0) - restriction: || (>= net462) (>= netstandard2.0)
      System.Runtime.Loader (>= 4.3) - restriction: || (&& (< net462) (>= netstandard2.0)) (>= netstandard2.1)
      System.Security.Permissions (>= 8.0) - restriction: || (&& (< net462) (>= netstandard2.0)) (>= netstandard2.1)
      System.Text.Encoding.CodePages (>= 8.0) - restriction: || (&& (< net462) (>= netstandard2.0)) (>= netstandard2.1)
      System.Text.Json (>= 9.0) - restriction: || (&& (< net462) (>= netstandard2.0)) (>= netstandard2.1)
      System.Threading.Tasks.Extensions (>= 4.5.4) - restriction: || (>= net462) (>= netstandard2.0)
      ZstdSharp.Port (>= 0.8.5) - restriction: || (>= net462) (>= netstandard2.0)
    MySqlConnector (2.4)
      Microsoft.Extensions.DependencyInjection.Abstractions (>= 8.0.2) - restriction: || (&& (>= net462) (< netstandard2.0)) (&& (< net462) (>= netstandard2.0)) (>= net471) (>= netstandard2.1)
      Microsoft.Extensions.Logging.Abstractions (>= 8.0.2) - restriction: || (&& (>= net462) (< netstandard2.0)) (&& (< net462) (>= netstandard2.0)) (>= net471) (>= netstandard2.1)
      System.Diagnostics.DiagnosticSource (>= 8.0.1) - restriction: || (&& (>= net462) (< netstandard2.0)) (&& (< net462) (>= netstandard2.0) (< netstandard2.1)) (>= net471) (&& (>= net6.0) (< net8.0)) (&& (< net6.0) (>= netstandard2.1))
      System.Threading.Tasks.Extensions (>= 4.5.4) - restriction: || (&& (>= net462) (< netstandard2.0)) (&& (< net462) (>= netstandard2.0) (< netstandard2.1)) (>= net471)
    Newtonsoft.Json (13.0.3)
    Owin (1.0) - restriction: >= net48
    Owin.Compression (1.0.48)
      FSharp.Core (>= 8.0.301) - restriction: >= netstandard2.0
      Microsoft.AspNetCore.Http.Abstractions (>= 2.3) - restriction: || (&& (< net48) (>= netstandard2.0)) (>= netstandard2.1)
      Microsoft.AspNetCore.Http.Features (>= 5.0.17) - restriction: || (&& (< net48) (>= netstandard2.0)) (>= netstandard2.1)
      Microsoft.Extensions.Primitives (>= 8.0) - restriction: || (&& (< net48) (>= netstandard2.0)) (>= netstandard2.1)
      Microsoft.Owin (>= 4.2.3 < 4.3) - restriction: >= net48
      Owin (>= 1.0) - restriction: >= net48
      System.Text.Encodings.Web (>= 9.0.8) - restriction: || (&& (< net48) (>= netstandard2.0)) (>= netstandard2.1)
    Oxpecker (1.3)
      FSharp.Core (>= 9.0.201) - restriction: >= net8.0
      Microsoft.IO.RecyclableMemoryStream (>= 3.0.1) - restriction: >= net8.0
      Oxpecker.ViewEngine (>= 1.1) - restriction: >= net8.0
      TypeShape (>= 10.0) - restriction: >= net8.0
    Oxpecker.OpenApi (1.0)
      FSharp.Core (>= 9.0.100) - restriction: >= net8.0
      Microsoft.AspNetCore.OpenApi (>= 8.0.1) - restriction: >= net8.0
      Oxpecker (>= 1.0) - restriction: >= net8.0
    Oxpecker.ViewEngine (1.1) - restriction: >= net8.0
      FSharp.Core (>= 9.0.100) - restriction: >= net8.0
      Microsoft.Extensions.ObjectPool (>= 9.0) - restriction: >= net8.0
    Serilog (4.2) - restriction: || (>= net462) (>= netstandard2.0)
      System.Diagnostics.DiagnosticSource (>= 8.0.1) - restriction: || (&& (>= net462) (< netstandard2.0)) (&& (< net462) (< net6.0) (>= netstandard2.0)) (>= net471)
      System.Threading.Channels (>= 8.0) - restriction: || (&& (>= net462) (< netstandard2.0)) (&& (< net462) (< net6.0) (>= netstandard2.0)) (>= net471)
      System.ValueTuple (>= 4.5) - restriction: && (>= net462) (< netstandard2.0)
    Serilog.Extensions.Logging (9.0.1)
      Microsoft.Extensions.Logging (>= 9.0) - restriction: || (>= net462) (>= netstandard2.0)
      Serilog (>= 4.2) - restriction: || (>= net462) (>= netstandard2.0)
    Serilog.Sinks.ApplicationInsights (4.0)
      Microsoft.ApplicationInsights (>= 2.20) - restriction: || (>= net462) (>= netstandard2.0)
      Serilog (>= 2.11) - restriction: || (>= net462) (>= netstandard2.0)
    Serilog.Sinks.Console (6.0)
      Serilog (>= 4.0) - restriction: || (&& (>= net462) (< netstandard2.0)) (&& (< net462) (>= netstandard2.0)) (>= net471) (>= net6.0)
    Serilog.Sinks.File (7.0)
      Serilog (>= 4.2) - restriction: || (&& (>= net462) (< netstandard2.0)) (&& (< net462) (>= netstandard2.0)) (>= net471) (>= net6.0)
    SQLProvider.MySql (1.5.17)
      FSharp.Core (>= 8.0.301)
      MySql.Data (>= 6.10.9)
      Newtonsoft.Json (>= 13.0.1)
      System.Memory (>= 4.6.3)
      System.Runtime.Loader (>= 4.3)
    SQLProvider.MySqlConnector (1.5.16)
      FSharp.Core (>= 8.0.301)
      MySqlConnector (>= 2.3.1)
      Newtonsoft.Json (>= 13.0.1)
      System.Memory (>= 4.6.3)
      System.Runtime.Loader (>= 4.3)
    System.Buffers (4.6.1) - restriction: || (>= net462) (&& (< net8.0) (>= netstandard2.1)) (>= netstandard2.0)
    System.ComponentModel.Annotations (5.0) - restriction: || (&& (>= net462) (>= netstandard2.1)) (&& (< net462) (>= netstandard2.0) (< netstandard2.1)) (&& (< net8.0) (>= netstandard2.1))
    System.Configuration.ConfigurationManager (8.0.1)
      System.Diagnostics.EventLog (>= 8.0.1) - restriction: >= net7.0
      System.Security.Cryptography.ProtectedData (>= 8.0) - restriction: || (&& (< net462) (>= netstandard2.0)) (>= net6.0)
    System.Diagnostics.DiagnosticSource (9.0.5) - restriction: || (>= net462) (&& (>= net6.0) (< net8.0)) (&& (< net6.0) (>= netstandard2.1)) (&& (>= net8.0) (< net9.0)) (&& (< net8.0) (>= netstandard2.1)) (>= netstandard2.0)
      System.Memory (>= 4.5.5) - restriction: || (>= net462) (&& (< net8.0) (>= netstandard2.0))
      System.Runtime.CompilerServices.Unsafe (>= 6.0) - restriction: || (>= net462) (&& (< net8.0) (>= netstandard2.0))
    System.Diagnostics.EventLog (9.0.5) - restriction: || (>= net462) (>= netstandard2.0)
      System.Security.Principal.Windows (>= 5.0) - restriction: || (>= net462) (&& (< net8.0) (>= netstandard2.0))
    System.IdentityModel.Tokens.Jwt (8.10) - restriction: >= net8.0
      Microsoft.IdentityModel.JsonWebTokens (>= 8.10) - restriction: || (>= net462) (>= netstandard2.0)
      Microsoft.IdentityModel.Tokens (>= 8.10) - restriction: || (>= net462) (>= netstandard2.0)
    System.IO (4.3) - restriction: || (&& (< monoandroid) (< net45) (< netstandard1.3) (>= netstandard1.5) (< win8) (< wpa81)) (&& (< monotouch) (< net45) (>= netstandard1.5) (< win8) (< wpa81) (< xamarinios) (< xamarinmac) (< xamarintvos) (< xamarinwatchos)) (&& (< monotouch) (< net462) (>= netstandard1.5) (< xamarinios) (< xamarinmac) (< xamarintvos) (< xamarinwatchos))
      Microsoft.NETCore.Platforms (>= 1.1) - restriction: || (&& (< monoandroid) (< net45) (>= netstandard1.0) (< netstandard1.3) (< win8) (< wp8) (< wpa81)) (&& (< monoandroid) (< net45) (>= netstandard1.3) (< netstandard1.5) (< win8) (< wpa81)) (&& (< monotouch) (< net45) (>= netstandard1.5) (< win8) (< wpa81) (< xamarinios) (< xamarinmac) (< xamarintvos) (< xamarinwatchos))
      Microsoft.NETCore.Targets (>= 1.1) - restriction: || (&& (< monoandroid) (< net45) (>= netstandard1.0) (< netstandard1.3) (< win8) (< wp8) (< wpa81)) (&& (< monoandroid) (< net45) (>= netstandard1.3) (< netstandard1.5) (< win8) (< wpa81)) (&& (< monotouch) (< net45) (>= netstandard1.5) (< win8) (< wpa81) (< xamarinios) (< xamarinmac) (< xamarintvos) (< xamarinwatchos))
      System.Runtime (>= 4.3) - restriction: || (&& (< monoandroid) (< net45) (>= netstandard1.0) (< netstandard1.3) (< win8) (< wp8) (< wpa81)) (&& (< monoandroid) (< net45) (>= netstandard1.3) (< netstandard1.5) (< win8) (< wpa81)) (&& (< monotouch) (< net45) (>= netstandard1.5) (< win8) (< wpa81) (< xamarinios) (< xamarinmac) (< xamarintvos) (< xamarinwatchos))
      System.Text.Encoding (>= 4.3) - restriction: || (&& (< monoandroid) (< net45) (>= netstandard1.0) (< netstandard1.3) (< win8) (< wp8) (< wpa81)) (&& (< monoandroid) (< net45) (>= netstandard1.3) (< netstandard1.5) (< win8) (< wpa81)) (&& (< monotouch) (< net45) (>= netstandard1.5) (< win8) (< wpa81) (< xamarinios) (< xamarinmac) (< xamarintvos) (< xamarinwatchos))
      System.Threading.Tasks (>= 4.3) - restriction: || (&& (< monoandroid) (< net45) (>= netstandard1.0) (< netstandard1.3) (< win8) (< wp8) (< wpa81)) (&& (< monoandroid) (< net45) (>= netstandard1.3) (< netstandard1.5) (< win8) (< wpa81)) (&& (< monotouch) (< net45) (>= netstandard1.5) (< win8) (< wpa81) (< xamarinios) (< xamarinmac) (< xamarintvos) (< xamarinwatchos))
    System.IO.Pipelines (9.0.9) - restriction: || (>= net462) (&& (>= net8.0) (< net9.0)) (&& (< net9.0) (>= netstandard2.1)) (>= netstandard2.0)
      System.Buffers (>= 4.5.1) - restriction: || (>= net462) (&& (< net8.0) (>= netstandard2.0))
      System.Memory (>= 4.5.5) - restriction: || (>= net462) (&& (< net8.0) (>= netstandard2.0))
      System.Threading.Tasks.Extensions (>= 4.5.4) - restriction: || (>= net462) (&& (< net8.0) (>= netstandard2.0))
    System.Memory (4.6.3)
      System.Buffers (>= 4.6.1) - restriction: || (>= net462) (&& (< netcoreapp2.1) (>= netstandard2.0) (< netstandard2.1))
      System.Numerics.Vectors (>= 4.6.1) - restriction: || (>= net462) (&& (< netcoreapp2.1) (>= netstandard2.0) (< netstandard2.1))
      System.Runtime.CompilerServices.Unsafe (>= 6.1.2) - restriction: || (>= net462) (&& (< netcoreapp2.1) (>= netstandard2.0) (< netstandard2.1))
    System.Net.Sockets (4.3) - restriction: >= net462
    System.Net.WebSockets.WebSocketProtocol (5.1.3) - restriction: >= netstandard2.0
      System.Buffers (>= 4.6.1) - restriction: || (>= net462) (&& (< net6.0) (>= netstandard2.0))
      System.Memory (>= 4.6.3) - restriction: || (>= net462) (&& (< net6.0) (>= netstandard2.0))
      System.Numerics.Vectors (>= 4.6.1) - restriction: || (>= net462) (&& (< net6.0) (>= netstandard2.0))
      System.Runtime.CompilerServices.Unsafe (>= 6.1.2) - restriction: || (>= net462) (&& (< net6.0) (>= netstandard2.0))
      System.Threading.Tasks.Extensions (>= 4.6.3) - restriction: || (>= net462) (&& (< net6.0) (>= netstandard2.0))
    System.Numerics.Vectors (4.6.1) - restriction: || (>= net462) (&& (< net6.0) (>= netstandard2.0)) (&& (< netcoreapp2.1) (>= netstandard2.0) (< netstandard2.1))
    System.Reflection (4.3) - restriction: && (< monotouch) (< net462) (>= netstandard1.5) (< xamarinios) (< xamarinmac) (< xamarintvos) (< xamarinwatchos)
      Microsoft.NETCore.Platforms (>= 1.1) - restriction: || (&& (< monoandroid) (< net45) (>= netstandard1.0) (< netstandard1.3) (< win8) (< wp8) (< wpa81)) (&& (< monoandroid) (< net45) (>= netstandard1.3) (< netstandard1.5) (< win8) (< wpa81)) (&& (< monotouch) (< net45) (>= netstandard1.5) (< win8) (< wpa81) (< xamarinios) (< xamarinmac) (< xamarintvos) (< xamarinwatchos))
      Microsoft.NETCore.Targets (>= 1.1) - restriction: || (&& (< monoandroid) (< net45) (>= netstandard1.0) (< netstandard1.3) (< win8) (< wp8) (< wpa81)) (&& (< monoandroid) (< net45) (>= netstandard1.3) (< netstandard1.5) (< win8) (< wpa81)) (&& (< monotouch) (< net45) (>= netstandard1.5) (< win8) (< wpa81) (< xamarinios) (< xamarinmac) (< xamarintvos) (< xamarinwatchos))
      System.IO (>= 4.3) - restriction: || (&& (< monoandroid) (< net45) (>= netstandard1.0) (< netstandard1.3) (< win8) (< wp8) (< wpa81)) (&& (< monoandroid) (< net45) (>= netstandard1.3) (< netstandard1.5) (< win8) (< wpa81)) (&& (< monotouch) (< net45) (>= netstandard1.5) (< win8) (< wpa81) (< xamarinios) (< xamarinmac) (< xamarintvos) (< xamarinwatchos))
      System.Reflection.Primitives (>= 4.3) - restriction: || (&& (< monoandroid) (< net45) (>= netstandard1.0) (< netstandard1.3) (< win8) (< wp8) (< wpa81)) (&& (< monoandroid) (< net45) (>= netstandard1.3) (< netstandard1.5) (< win8) (< wpa81)) (&& (< monotouch) (< net45) (>= netstandard1.5) (< win8) (< wpa81) (< xamarinios) (< xamarinmac) (< xamarintvos) (< xamarinwatchos))
      System.Runtime (>= 4.3) - restriction: || (&& (< monoandroid) (< net45) (>= netstandard1.0) (< netstandard1.3) (< win8) (< wp8) (< wpa81)) (&& (< monoandroid) (< net45) (>= netstandard1.3) (< netstandard1.5) (< win8) (< wpa81)) (&& (< monotouch) (< net45) (>= netstandard1.5) (< win8) (< wpa81) (< xamarinios) (< xamarinmac) (< xamarintvos) (< xamarinwatchos))
    System.Reflection.Emit (4.7) - restriction: >= netstandard2.0
      System.Reflection.Emit.ILGeneration (>= 4.7) - restriction: || (&& (< monoandroid) (< monotouch) (< net45) (>= netstandard1.1) (< netstandard2.0) (< win8) (< wpa81) (< xamarintvos) (< xamarinwatchos)) (&& (< monoandroid) (< net45) (< netcoreapp2.0) (>= netstandard2.0) (< netstandard2.1) (< xamarintvos) (< xamarinwatchos)) (&& (< monoandroid) (< netstandard1.1) (>= portable-net45+win8+wpa81) (< win8)) (&& (< netstandard1.1) (>= win8)) (&& (< netstandard2.0) (>= wpa81)) (>= uap10.1)
    System.Reflection.Emit.ILGeneration (4.7) - restriction: || (&& (< monoandroid) (< net45) (< netcoreapp2.0) (>= netstandard2.0) (< netstandard2.1) (< xamarintvos) (< xamarinwatchos)) (&& (< monoandroid) (< netstandard1.1) (>= netstandard2.0) (< win8)) (&& (< netstandard1.1) (>= netstandard2.0) (>= win8)) (&& (>= netstandard2.0) (>= uap10.1))
    System.Reflection.Primitives (4.3) - restriction: || (&& (< monoandroid) (< net45) (< netstandard1.3) (>= netstandard1.5) (< win8) (< wpa81)) (&& (< monotouch) (< net45) (>= netstandard1.5) (< win8) (< wpa81) (< xamarinios) (< xamarinmac) (< xamarintvos) (< xamarinwatchos))
      Microsoft.NETCore.Platforms (>= 1.1) - restriction: && (< monoandroid) (< monotouch) (< net45) (>= netstandard1.0) (< win8) (< wp8) (< wpa81) (< xamarinios) (< xamarinmac) (< xamarintvos) (< xamarinwatchos)
      Microsoft.NETCore.Targets (>= 1.1) - restriction: && (< monoandroid) (< monotouch) (< net45) (>= netstandard1.0) (< win8) (< wp8) (< wpa81) (< xamarinios) (< xamarinmac) (< xamarintvos) (< xamarinwatchos)
      System.Runtime (>= 4.3) - restriction: && (< monoandroid) (< monotouch) (< net45) (>= netstandard1.0) (< win8) (< wp8) (< wpa81) (< xamarinios) (< xamarinmac) (< xamarintvos) (< xamarinwatchos)
    System.Runtime (4.3.1) - restriction: || (&& (< monoandroid) (< net45) (< netstandard1.3) (>= netstandard1.5) (< win8) (< wpa81)) (&& (< monotouch) (< net45) (>= netstandard1.5) (< win8) (< wpa81) (< xamarinios) (< xamarinmac) (< xamarintvos) (< xamarinwatchos)) (&& (< monotouch) (< net462) (>= netstandard1.5) (< xamarinios) (< xamarinmac) (< xamarintvos) (< xamarinwatchos))
      Microsoft.NETCore.Platforms (>= 1.1.1) - restriction: || (&& (< monoandroid) (< net45) (>= netstandard1.0) (< netstandard1.2) (< win8) (< wp8)) (&& (< monoandroid) (< net45) (>= netstandard1.2) (< netstandard1.3) (< win8) (< wpa81)) (&& (< monoandroid) (< net45) (>= netstandard1.3) (< netstandard1.5) (< win8) (< wpa81)) (&& (< monotouch) (< net45) (>= netstandard1.5) (< win8) (< wpa81) (< xamarinios) (< xamarinmac) (< xamarintvos) (< xamarinwatchos))
      Microsoft.NETCore.Targets (>= 1.1.3) - restriction: || (&& (< monoandroid) (< net45) (>= netstandard1.0) (< netstandard1.2) (< win8) (< wp8)) (&& (< monoandroid) (< net45) (>= netstandard1.2) (< netstandard1.3) (< win8) (< wpa81)) (&& (< monoandroid) (< net45) (>= netstandard1.3) (< netstandard1.5) (< win8) (< wpa81)) (&& (< monotouch) (< net45) (>= netstandard1.5) (< win8) (< wpa81) (< xamarinios) (< xamarinmac) (< xamarintvos) (< xamarinwatchos))
    System.Runtime.CompilerServices.Unsafe (6.1.2) - restriction: || (>= net462) (&& (< net5.0) (>= netcoreapp3.1)) (&& (>= net6.0) (< net8.0)) (&& (< net6.0) (>= netstandard2.1)) (&& (< net8.0) (>= netstandard2.1)) (&& (< netcoreapp3.1) (>= netstandard2.1)) (>= netstandard2.0)
    System.Runtime.Loader (4.3)
      System.IO (>= 4.3) - restriction: && (< monotouch) (< net462) (>= netstandard1.5) (< xamarinios) (< xamarinmac) (< xamarintvos) (< xamarinwatchos)
      System.Reflection (>= 4.3) - restriction: && (< monotouch) (< net462) (>= netstandard1.5) (< xamarinios) (< xamarinmac) (< xamarintvos) (< xamarinwatchos)
      System.Runtime (>= 4.3) - restriction: && (< monotouch) (< net462) (>= netstandard1.5) (< xamarinios) (< xamarinmac) (< xamarintvos) (< xamarinwatchos)
    System.Security.AccessControl (6.0.1) - restriction: || (&& (>= net462) (>= netstandard2.1)) (&& (< net462) (< net8.0) (>= netstandard2.0)) (&& (< net8.0) (>= netstandard2.1))
      System.Security.Principal.Windows (>= 5.0) - restriction: || (>= net461) (&& (< net6.0) (>= netstandard2.0))
    System.Security.Cryptography.ProtectedData (9.0.5) - restriction: || (&& (< net462) (>= netstandard2.0)) (>= net6.0)
      System.Memory (>= 4.5.5) - restriction: && (< net462) (< net8.0) (>= netstandard2.0)
    System.Security.Permissions (9.0.5) - restriction: || (&& (< net462) (>= netstandard2.0)) (>= netstandard2.1)
      System.Security.AccessControl (>= 6.0) - restriction: || (>= net462) (&& (< net8.0) (>= netstandard2.0))
      System.Windows.Extensions (>= 9.0.5) - restriction: >= net8.0
    System.Security.Principal.Windows (5.0) - restriction: || (&& (>= net461) (< net462) (>= netstandard2.0)) (&& (>= net461) (>= netstandard2.1)) (&& (>= net462) (>= net7.0)) (&& (>= net462) (>= netstandard2.1)) (&& (< net462) (< net6.0) (>= netstandard2.0)) (&& (< net6.0) (>= netstandard2.1)) (&& (>= net7.0) (< net8.0))
    System.ServiceProcess.ServiceController (8.0.1)
      System.Diagnostics.EventLog (>= 8.0.1) - restriction: || (>= net462) (>= netstandard2.0)
    System.Text.Encoding (4.3) - restriction: || (&& (< monoandroid) (< net45) (< netstandard1.3) (>= netstandard1.5) (< win8) (< wpa81)) (&& (< monotouch) (< net45) (>= netstandard1.5) (< win8) (< wpa81) (< xamarinios) (< xamarinmac) (< xamarintvos) (< xamarinwatchos))
      Microsoft.NETCore.Platforms (>= 1.1) - restriction: || (&& (< monoandroid) (< monotouch) (< net45) (>= netstandard1.3) (< win8) (< wpa81) (< xamarinios) (< xamarinmac) (< xamarintvos) (< xamarinwatchos)) (&& (< monoandroid) (< net45) (>= netstandard1.0) (< netstandard1.3) (< win8) (< wp8) (< wpa81))
      Microsoft.NETCore.Targets (>= 1.1) - restriction: || (&& (< monoandroid) (< monotouch) (< net45) (>= netstandard1.3) (< win8) (< wpa81) (< xamarinios) (< xamarinmac) (< xamarintvos) (< xamarinwatchos)) (&& (< monoandroid) (< net45) (>= netstandard1.0) (< netstandard1.3) (< win8) (< wp8) (< wpa81))
      System.Runtime (>= 4.3) - restriction: || (&& (< monoandroid) (< monotouch) (< net45) (>= netstandard1.3) (< win8) (< wpa81) (< xamarinios) (< xamarinmac) (< xamarintvos) (< xamarinwatchos)) (&& (< monoandroid) (< net45) (>= netstandard1.0) (< netstandard1.3) (< win8) (< wp8) (< wpa81))
    System.Text.Encoding.CodePages (9.0.5) - restriction: || (&& (< net462) (>= netstandard2.0)) (>= netstandard2.1)
      System.Memory (>= 4.5.5) - restriction: || (>= net462) (&& (< net8.0) (>= netstandard2.0))
      System.Runtime.CompilerServices.Unsafe (>= 6.0) - restriction: || (>= net462) (&& (< net8.0) (>= netstandard2.0))
    System.Text.Encodings.Web (9.0.9) - restriction: || (&& (>= net462) (>= netstandard2.0)) (&& (< net48) (>= netstandard2.0)) (&& (>= net8.0) (< net9.0)) (&& (< net8.0) (>= netstandard2.0)) (>= netstandard2.1)
      System.Buffers (>= 4.5.1) - restriction: || (>= net462) (&& (< net8.0) (>= netstandard2.0))
      System.Memory (>= 4.5.5) - restriction: || (>= net462) (&& (< net8.0) (>= netstandard2.0))
      System.Runtime.CompilerServices.Unsafe (>= 6.0) - restriction: || (>= net462) (&& (< net8.0) (>= netstandard2.0))
    System.Text.Json (9.0.9) - restriction: || (>= net462) (&& (>= net8.0) (< net9.0)) (>= netstandard2.0)
      Microsoft.Bcl.AsyncInterfaces (>= 9.0.9) - restriction: || (>= net462) (&& (< net8.0) (>= netstandard2.0))
      System.Buffers (>= 4.5.1) - restriction: || (>= net462) (&& (< net8.0) (>= netstandard2.0))
      System.IO.Pipelines (>= 9.0.9) - restriction: || (>= net462) (&& (>= net8.0) (< net9.0)) (&& (< net8.0) (>= netstandard2.0))
      System.Memory (>= 4.5.5) - restriction: || (>= net462) (&& (< net8.0) (>= netstandard2.0))
      System.Runtime.CompilerServices.Unsafe (>= 6.0) - restriction: || (>= net462) (&& (< net8.0) (>= netstandard2.0))
      System.Text.Encodings.Web (>= 9.0.9) - restriction: || (>= net462) (&& (>= net8.0) (< net9.0)) (&& (< net8.0) (>= netstandard2.0))
      System.Threading.Tasks.Extensions (>= 4.5.4) - restriction: || (>= net462) (&& (< net8.0) (>= netstandard2.0))
      System.ValueTuple (>= 4.5) - restriction: >= net462
    System.Threading.Channels (9.0.5) - restriction: || (>= net462) (>= netstandard2.0)
      Microsoft.Bcl.AsyncInterfaces (>= 9.0.5) - restriction: || (>= net462) (&& (>= netstandard2.0) (< netstandard2.1))
      System.Threading.Tasks.Extensions (>= 4.5.4) - restriction: || (>= net462) (&& (>= netstandard2.0) (< netstandard2.1))
    System.Threading.Tasks (4.3) - restriction: || (&& (< monoandroid) (< net45) (< netstandard1.3) (>= netstandard1.5) (< win8) (< wpa81)) (&& (< monotouch) (< net45) (>= netstandard1.5) (< win8) (< wpa81) (< xamarinios) (< xamarinmac) (< xamarintvos) (< xamarinwatchos))
      Microsoft.NETCore.Platforms (>= 1.1) - restriction: || (&& (< monoandroid) (< monotouch) (< net45) (>= netstandard1.3) (< win8) (< wpa81) (< xamarinios) (< xamarinmac) (< xamarintvos) (< xamarinwatchos)) (&& (< monoandroid) (< net45) (>= netstandard1.0) (< netstandard1.3) (< win8) (< wp8) (< wpa81))
      Microsoft.NETCore.Targets (>= 1.1) - restriction: || (&& (< monoandroid) (< monotouch) (< net45) (>= netstandard1.3) (< win8) (< wpa81) (< xamarinios) (< xamarinmac) (< xamarintvos) (< xamarinwatchos)) (&& (< monoandroid) (< net45) (>= netstandard1.0) (< netstandard1.3) (< win8) (< wp8) (< wpa81))
      System.Runtime (>= 4.3) - restriction: || (&& (< monoandroid) (< monotouch) (< net45) (>= netstandard1.3) (< win8) (< wpa81) (< xamarinios) (< xamarinmac) (< xamarintvos) (< xamarinwatchos)) (&& (< monoandroid) (< net45) (>= netstandard1.0) (< netstandard1.3) (< win8) (< wp8) (< wpa81))
    System.Threading.Tasks.Extensions (4.6.3) - restriction: || (>= net462) (>= netstandard2.0)
      System.Runtime.CompilerServices.Unsafe (>= 6.1.2) - restriction: || (>= net462) (&& (< netcoreapp2.1) (>= netstandard2.0) (< netstandard2.1))
    System.ValueTuple (4.6.1) - restriction: >= net462
    System.Windows.Extensions (9.0.5) - restriction: >= net8.0
    TypeShape (10.0) - restriction: >= net8.0
      FSharp.Core (>= 4.5.4) - restriction: >= netstandard2.0
    ZstdSharp.Port (0.8.5) - restriction: || (>= net462) (>= netstandard2.0)
      Microsoft.Bcl.AsyncInterfaces (>= 5.0) - restriction: || (>= net462) (&& (>= netstandard2.0) (< netstandard2.1))
      System.Memory (>= 4.5.5) - restriction: || (>= net462) (&& (>= netstandard2.0) (< netstandard2.1))
      System.Runtime.CompilerServices.Unsafe (>= 6.0) - restriction: || (>= net462) (&& (< net5.0) (>= netcoreapp3.1)) (&& (< netcoreapp3.1) (>= netstandard2.1)) (&& (>= netstandard2.0) (< netstandard2.1))

GROUP Test
NUGET
  remote: https://api.nuget.org/v3/index.json
    coverlet.collector (6.0.4)
    Microsoft.ApplicationInsights (2.23) - restriction: || (&& (>= net462) (>= netstandard2.0)) (>= netcoreapp3.1)
      System.Diagnostics.DiagnosticSource (>= 5.0) - restriction: || (&& (>= net452) (< netstandard2.0)) (&& (< net452) (>= netstandard2.0)) (>= net46)
    Microsoft.CodeCoverage (17.13) - restriction: || (>= net462) (>= netcoreapp3.1)
    Microsoft.NET.Test.Sdk (17.13)
      Microsoft.CodeCoverage (>= 17.13) - restriction: || (>= net462) (>= netcoreapp3.1)
      Microsoft.TestPlatform.TestHost (>= 17.13) - restriction: >= netcoreapp3.1
    Microsoft.Testing.Extensions.Telemetry (1.6.3) - restriction: || (&& (>= net462) (>= netstandard2.0)) (>= netcoreapp3.1)
      Microsoft.ApplicationInsights (>= 2.22) - restriction: >= netstandard2.0
      Microsoft.Testing.Platform (>= 1.6.3) - restriction: >= netstandard2.0
    Microsoft.Testing.Extensions.TrxReport.Abstractions (1.6.3) - restriction: || (&& (>= net462) (>= netstandard2.0)) (>= netcoreapp3.1)
      Microsoft.Testing.Platform (>= 1.6.3) - restriction: >= netstandard2.0
    Microsoft.Testing.Extensions.VSTestBridge (1.6.3) - restriction: || (>= net462) (>= netcoreapp3.1)
      Microsoft.Testing.Extensions.Telemetry (>= 1.6.3) - restriction: >= netstandard2.0
      Microsoft.Testing.Extensions.TrxReport.Abstractions (>= 1.6.3) - restriction: >= netstandard2.0
      Microsoft.Testing.Platform (>= 1.6.3) - restriction: >= netstandard2.0
      Microsoft.TestPlatform.ObjectModel (>= 17.13) - restriction: >= netstandard2.0
    Microsoft.Testing.Platform (1.6.3) - restriction: || (&& (>= net462) (>= netstandard2.0)) (>= netcoreapp3.1)
    Microsoft.Testing.Platform.MSBuild (1.6.3) - restriction: || (>= net462) (>= netcoreapp3.1)
      Microsoft.Testing.Platform (>= 1.6.3) - restriction: >= netstandard2.0
    Microsoft.TestPlatform.ObjectModel (17.13) - restriction: || (&& (>= net462) (>= netstandard2.0)) (>= netcoreapp3.1)
      System.Reflection.Metadata (>= 1.6) - restriction: || (>= net462) (>= netstandard2.0)
    Microsoft.TestPlatform.TestHost (17.13) - restriction: >= netcoreapp3.1
      Microsoft.TestPlatform.ObjectModel (>= 17.13) - restriction: >= netcoreapp3.1
      Newtonsoft.Json (>= 13.0.1) - restriction: >= netcoreapp3.1
    Newtonsoft.Json (13.0.3) - restriction: >= netcoreapp3.1
    NUnit (4.3.2)
      System.Memory (>= 4.6) - restriction: >= net462
      System.Threading.Tasks.Extensions (>= 4.5.4) - restriction: >= net462
      System.ValueTuple (>= 4.5) - restriction: >= net462
    NUnit.Analyzers (4.7)
    NUnit3TestAdapter (5.0)
      Microsoft.Testing.Extensions.VSTestBridge (>= 1.5.3) - restriction: || (>= net462) (>= netcoreapp3.1)
      Microsoft.Testing.Platform.MSBuild (>= 1.5.3) - restriction: || (>= net462) (>= netcoreapp3.1)
    System.Buffers (4.6.1) - restriction: >= net462
    System.Collections.Immutable (9.0.5) - restriction: || (&& (>= net462) (>= net8.0)) (&& (>= net462) (>= netcoreapp3.1)) (&& (>= net462) (>= netstandard2.0)) (&& (>= net8.0) (< net9.0)) (&& (< net8.0) (>= netcoreapp3.1))
      System.Memory (>= 4.5.5) - restriction: || (>= net462) (&& (< net8.0) (>= netstandard2.0))
      System.Runtime.CompilerServices.Unsafe (>= 6.0) - restriction: || (>= net462) (&& (< net8.0) (>= netstandard2.0))
    System.Diagnostics.DiagnosticSource (9.0.5) - restriction: || (&& (>= net462) (>= netstandard2.0)) (>= netcoreapp3.1)
      System.Memory (>= 4.5.5) - restriction: || (>= net462) (&& (< net8.0) (>= netstandard2.0))
      System.Runtime.CompilerServices.Unsafe (>= 6.0) - restriction: || (>= net462) (&& (< net8.0) (>= netstandard2.0))
    System.Memory (4.6.3) - restriction: || (>= net462) (&& (< net8.0) (>= netcoreapp3.1))
      System.Buffers (>= 4.6.1) - restriction: || (>= net462) (&& (< netcoreapp2.1) (>= netstandard2.0) (< netstandard2.1))
      System.Numerics.Vectors (>= 4.6.1) - restriction: || (>= net462) (&& (< netcoreapp2.1) (>= netstandard2.0) (< netstandard2.1))
      System.Runtime.CompilerServices.Unsafe (>= 6.1.2) - restriction: || (>= net462) (&& (< netcoreapp2.1) (>= netstandard2.0) (< netstandard2.1))
    System.Numerics.Vectors (4.6.1) - restriction: >= net462
    System.Reflection.Metadata (9.0.5) - restriction: || (&& (>= net462) (>= netstandard2.0)) (>= netcoreapp3.1)
      System.Collections.Immutable (>= 9.0.5) - restriction: || (>= net462) (&& (>= net8.0) (< net9.0)) (&& (< net8.0) (>= netstandard2.0))
      System.Memory (>= 4.5.5) - restriction: || (>= net462) (&& (< net8.0) (>= netstandard2.0))
    System.Runtime.CompilerServices.Unsafe (6.1.2) - restriction: || (>= net462) (&& (< net8.0) (>= netcoreapp3.1))
    System.Threading.Tasks.Extensions (4.6.3) - restriction: >= net462
      System.Runtime.CompilerServices.Unsafe (>= 6.1.2) - restriction: || (>= net462) (&& (< netcoreapp2.1) (>= netstandard2.0) (< netstandard2.1))
    System.ValueTuple (4.6.1) - restriction: >= net462
