NUGET
  remote: https://www.nuget.org/api/v2
  specs:
    FAKE (4.0.2)
    FSharp.Compiler.Service (1.3.1.0)
    FSharp.Data (2.2.5)
      Zlib.Portable (>= 1.10.0) - framework: portable-net40+sl50+wp80+win80
    FSharp.Formatting (2.10.0)
      FSharp.Compiler.Service (>= 0.0.87)
      FSharpVSPowerTools.Core (1.8.0)
    FSharpVSPowerTools.Core (1.8.0)
      FSharp.Compiler.Service (>= 0.0.87)
    Microsoft.AspNet.Cors (5.2.3)
    Microsoft.AspNet.Identity.Core (2.2.1)
    Microsoft.AspNet.Identity.Owin (2.2.1)
      Microsoft.AspNet.Identity.Core (>= 2.2.1)
      Microsoft.Owin.Security (>= 2.1.0)
      Microsoft.Owin.Security.Cookies (>= 2.1.0)
      Microsoft.Owin.Security.OAuth (>= 2.1.0)
    Microsoft.AspNet.SignalR.Core (2.2.0)
      Microsoft.Owin (>= 2.1.0)
      Microsoft.Owin.Security (>= 2.1.0)
      Newtonsoft.Json (>= 6.0.4)
      Owin (>= 1.0)
    Microsoft.AspNet.WebApi.Client (5.2.3)
      Microsoft.Net.Http (>= 2.2.22) - framework: portable-wp80+win+net45+wp81+wpa81
      Newtonsoft.Json (>= 6.0.4) - framework: portable-wp80+win+net45+wp81+wpa81, >= net45
    Microsoft.AspNet.WebApi.Core (5.2.3)
      Microsoft.AspNet.WebApi.Client (>= 5.2.3)
    Microsoft.AspNet.WebApi.Owin (5.2.3)
      Microsoft.AspNet.WebApi.Core (>= 5.2.3 < 5.3.0)
      Microsoft.Owin (>= 2.0.2)
      Owin (>= 1.0)
    Microsoft.AspNet.WebApi.OwinSelfHost (5.2.3)
      Microsoft.AspNet.WebApi.Owin (>= 5.2.3 < 5.3.0)
      Microsoft.Owin.Host.HttpListener (>= 2.0.2)
      Microsoft.Owin.Hosting (>= 2.0.2)
    Microsoft.Bcl (1.1.10)
      Microsoft.Bcl.Build (>= 1.0.14)
    Microsoft.Bcl.Build (1.0.21)
    Microsoft.Net.Http (2.2.29) - framework: portable-wp80+win+net45+wp81+wpa81
      Microsoft.Bcl (>= 1.1.10)
      Microsoft.Bcl.Build (>= 1.0.14)
    Microsoft.Owin (3.0.1)
      Owin (>= 1.0)
    Microsoft.Owin.Cors (3.0.1)
      Microsoft.AspNet.Cors (>= 5.0.0)
      Microsoft.Owin (>= 3.0.1)
      Owin (>= 1.0)
    Microsoft.Owin.Diagnostics (3.0.1)
      Microsoft.Owin (>= 3.0.1)
      Owin (>= 1.0)
    Microsoft.Owin.FileSystems (3.0.1)
    Microsoft.Owin.Host.HttpListener (3.0.1)
    Microsoft.Owin.Hosting (3.0.1)
      Microsoft.Owin (>= 3.0.1)
      Owin (>= 1.0)
    Microsoft.Owin.Security (3.0.1)
      Microsoft.Owin (>= 3.0.1)
      Owin (>= 1.0)
    Microsoft.Owin.Security.Cookies (3.0.1)
      Microsoft.Owin (>= 3.0.1)
      Microsoft.Owin.Security (>= 3.0.1)
      Owin (>= 1.0)
    Microsoft.Owin.Security.Facebook (3.0.1)
      Microsoft.Owin (>= 3.0.1)
      Microsoft.Owin.Security (>= 3.0.1)
      Newtonsoft.Json (>= 6.0.4)
      Owin (>= 1.0)
    Microsoft.Owin.Security.Google (3.0.1)
      Microsoft.Owin (>= 3.0.1)
      Microsoft.Owin.Security (>= 3.0.1)
      Newtonsoft.Json (>= 6.0.4)
      Owin (>= 1.0)
    Microsoft.Owin.Security.OAuth (3.0.1)
      Microsoft.Owin (>= 3.0.1)
      Microsoft.Owin.Security (>= 3.0.1)
      Newtonsoft.Json (>= 6.0.4)
      Owin (>= 1.0)
    Microsoft.Owin.StaticFiles (3.0.1)
      Microsoft.Owin (>= 3.0.1)
      Microsoft.Owin.FileSystems (>= 3.0.1)
      Owin (>= 1.0)
    MySql.Data (6.9.7)
    Newtonsoft.Json (7.0.1)
    Owin (1.0)
    Owin.Security.AesDataProtectorProvider (1.1.0.0)
      Microsoft.Owin.Security (>= 3.0.1)
    Rx-Core (2.2.5)
      Rx-Interfaces (>= 2.2.5)
    Rx-Interfaces (2.2.5)
    Rx-Linq (2.2.5)
      Rx-Core (>= 2.2.5)
      Rx-Interfaces (>= 2.2.5)
    Rx-Main (2.2.5)
      Rx-Core (>= 2.2.5)
      Rx-Interfaces (>= 2.2.5)
      Rx-Linq (>= 2.2.5)
      Rx-PlatformServices (>= 2.2.5)
    Rx-PlatformServices (2.2.5)
      Rx-Core (>= 2.2.5)
      Rx-Interfaces (>= 2.2.5)
    SourceLink.Fake (1.0.0)
    SQLProvider (0.0.9-alpha)
    Zlib.Portable (1.11.0) - framework: portable-net40+sl50+wp80+win80
GITHUB
  remote: zurb/bower-foundation
  specs:
    css/foundation.css (ad1c1af247a18a385ff6e21711ca8a625a3c4940)
    css/normalize.css (ad1c1af247a18a385ff6e21711ca8a625a3c4940)
    js/foundation.min.js (ad1c1af247a18a385ff6e21711ca8a625a3c4940)
  remote: SignalR/bower-signalr
  specs:
    jquery.signalR.js (26092205231972de4b3db966e5689ddbee971ef9)
  remote: aFarkas/html5shiv
  specs:
    dist/html5shiv.min.js (ed28c56c071bddfe7d635ad88995674957a016be)
  remote: reactjs/react-bower
  specs:
    react.min.js (5b747cdc46fd8fdbacda82019e1b1ed4d8b41e95)
  remote: FortAwesome/Font-Awesome
  specs:
    css/font-awesome.min.css (d2575ef2f0464208c8b1596fd6f8af54258bfca0)
    fonts/fontawesome-webfont.eot (d2575ef2f0464208c8b1596fd6f8af54258bfca0)
    fonts/fontawesome-webfont.svg (d2575ef2f0464208c8b1596fd6f8af54258bfca0)
    fonts/fontawesome-webfont.ttf (d2575ef2f0464208c8b1596fd6f8af54258bfca0)
    fonts/fontawesome-webfont.woff (d2575ef2f0464208c8b1596fd6f8af54258bfca0)
    fonts/fontawesome-webfont.woff2 (d2575ef2f0464208c8b1596fd6f8af54258bfca0)
HTTP
  remote: http://ajax.aspnetcdn.com
  specs:
    jquery.min.js (/ajax/jQuery/jquery-2.1.4.min.js)
  remote: https://code.jquery.com
  specs:
    jquery-ui.min.css (/ui/1.10.4/themes/sunny/jquery-ui.min.css)
    jquery-ui.min.js (/ui/1.10.4/jquery-ui.min.js)
  remote: http://underscorejs.org
  specs:
    underscore-min.js (/underscore-min.js)