NUGET
  remote: https://www.nuget.org/api/v2
  specs:
    FAKE (4.22.0)
    FSharp.Actor-logary (3.6.1)
      FSharp.Core (>= 3.1.2.5)
    FSharp.Compiler.Service (2.0.0.6)
    FSharp.Core (4.0.0.1)
    FSharp.Data (2.2.5)
      Zlib.Portable (>= 1.10.0) - framework: portable-net40+sl50+wp80+win80
    FSharp.Formatting (2.14.0)
      FSharp.Compiler.Service (>= 2.0.0.3 < 2.1.0)
      FSharpVSPowerTools.Core (>= 2.3.0 < 2.4.0)
    FSharpVSPowerTools.Core (2.3.0)
      FSharp.Compiler.Service (>= 2.0.0.3)
    Logary (3.6.1)
      FSharp.Actor-logary (>= 3.6.1)
      FSharp.Core (>= 3.1.2.5)
      Newtonsoft.Json (>= 7.0.1)
      Newtonsoft.Json.FSharp (>= 3.2.2)
      NodaTime (>= 1.3.1)
      NodaTime.Serialization.JsonNet (>= 1.3.1)
    Microsoft.AspNet.Cors (5.2.3)
    Microsoft.AspNet.Identity.Core (2.2.1)
    Microsoft.AspNet.Identity.Owin (2.2.1)
      Microsoft.AspNet.Identity.Core (>= 2.2.1)
      Microsoft.Owin.Security (>= 2.1.0)
      Microsoft.Owin.Security.Cookies (>= 2.1.0)
      Microsoft.Owin.Security.OAuth (>= 2.1.0)
    Microsoft.AspNet.SignalR.Core (2.2.0)
      Microsoft.Owin (>= 2.1.0)
      Microsoft.Owin.Security (>= 2.1.0)
      Newtonsoft.Json (>= 6.0.4)
      Owin (>= 1.0)
    Microsoft.AspNet.WebApi.Client (5.2.3)
      Microsoft.Net.Http (>= 2.2.22) - framework: portable-wp80+win+net45+wp81+wpa81
      Newtonsoft.Json (>= 6.0.4) - framework: >= net45, portable-wp80+win+net45+wp81+wpa81
    Microsoft.AspNet.WebApi.Core (5.2.3)
      Microsoft.AspNet.WebApi.Client (>= 5.2.3)
    Microsoft.AspNet.WebApi.Owin (5.2.3)
      Microsoft.AspNet.WebApi.Core (>= 5.2.3 < 5.3.0)
      Microsoft.Owin (>= 2.0.2)
      Owin (>= 1.0)
    Microsoft.AspNet.WebApi.OwinSelfHost (5.2.3)
      Microsoft.AspNet.WebApi.Owin (>= 5.2.3 < 5.3.0)
      Microsoft.Owin.Host.HttpListener (>= 2.0.2)
      Microsoft.Owin.Hosting (>= 2.0.2)
    Microsoft.Bcl (1.1.10) - framework: portable-wp80+win+net45+wp81+wpa81
      Microsoft.Bcl.Build (>= 1.0.14)
    Microsoft.Bcl.Build (1.0.21) - import_targets: false, framework: portable-wp80+win+net45+wp81+wpa81
    Microsoft.Net.Http (2.2.29) - framework: portable-wp80+win+net45+wp81+wpa81
      Microsoft.Bcl (>= 1.1.10)
      Microsoft.Bcl.Build (>= 1.0.14)
    Microsoft.Owin (3.0.1)
      Owin (>= 1.0)
    Microsoft.Owin.Cors (3.0.1)
      Microsoft.AspNet.Cors (>= 5.0.0)
      Microsoft.Owin (>= 3.0.1)
      Owin (>= 1.0)
    Microsoft.Owin.Diagnostics (3.0.1)
      Microsoft.Owin (>= 3.0.1)
      Owin (>= 1.0)
    Microsoft.Owin.FileSystems (3.0.1)
    Microsoft.Owin.Host.HttpListener (3.0.1)
    Microsoft.Owin.Hosting (3.0.1)
      Microsoft.Owin (>= 3.0.1)
      Owin (>= 1.0)
    Microsoft.Owin.Security (3.0.1)
      Microsoft.Owin (>= 3.0.1)
      Owin (>= 1.0)
    Microsoft.Owin.Security.Cookies (3.0.1)
      Microsoft.Owin (>= 3.0.1)
      Microsoft.Owin.Security (>= 3.0.1)
      Owin (>= 1.0)
    Microsoft.Owin.Security.Facebook (3.0.1)
      Microsoft.Owin (>= 3.0.1)
      Microsoft.Owin.Security (>= 3.0.1)
      Newtonsoft.Json (>= 6.0.4)
      Owin (>= 1.0)
    Microsoft.Owin.Security.Google (3.0.1)
      Microsoft.Owin (>= 3.0.1)
      Microsoft.Owin.Security (>= 3.0.1)
      Newtonsoft.Json (>= 6.0.4)
      Owin (>= 1.0)
    Microsoft.Owin.Security.OAuth (3.0.1)
      Microsoft.Owin (>= 3.0.1)
      Microsoft.Owin.Security (>= 3.0.1)
      Newtonsoft.Json (>= 6.0.4)
      Owin (>= 1.0)
    Microsoft.Owin.StaticFiles (3.0.1)
      Microsoft.Owin (>= 3.0.1)
      Microsoft.Owin.FileSystems (>= 3.0.1)
      Owin (>= 1.0)
    MySql.Data (6.9.8)
    Newtonsoft.Json (8.0.2)
    Newtonsoft.Json.FSharp (3.2.2)
      FSharp.Core (>= 3.1.2.1)
      Newtonsoft.Json (>= 6.0.8)
      NodaTime (>= 1.3.0)
    NodaTime (1.3.1)
    NodaTime.Serialization.JsonNet (1.3.1)
      Newtonsoft.Json (>= 4.5.11)
      NodaTime (>= 1.3.0)
    Owin (1.0)
    Owin.Compression (1.0.2)
      Microsoft.Owin (>= 3.0.1 < 3.1.0)
      Owin (>= 1.0.0-prerelease <= 1.0.0)
    Owin.Security.AesDataProtectorProvider (1.1.0)
      Microsoft.Owin.Security (>= 3.0.1)
    Rx-Core (2.2.5)
      Rx-Interfaces (>= 2.2.5)
    Rx-Interfaces (2.2.5)
    Rx-Linq (2.2.5)
      Rx-Core (>= 2.2.5)
      Rx-Interfaces (>= 2.2.5)
    Rx-Main (2.2.5)
      Rx-Core (>= 2.2.5)
      Rx-Interfaces (>= 2.2.5)
      Rx-Linq (>= 2.2.5)
      Rx-PlatformServices (>= 2.2.5)
    Rx-PlatformServices (2.2.5)
      Rx-Core (>= 2.2.5)
      Rx-Interfaces (>= 2.2.5)
    SourceLink.Fake (1.1.0)
    SQLProvider (0.0.9-alpha)
    Zlib.Portable (1.11.0) - framework: portable-net40+sl50+wp80+win80
GITHUB
  remote: zurb/bower-foundation
  specs:
    css/foundation.css (3d654b4c0b2e254155a984a73a57bf14bf4febaa)
    css/foundation.min.css (3d654b4c0b2e254155a984a73a57bf14bf4febaa)
    css/normalize.css (3d654b4c0b2e254155a984a73a57bf14bf4febaa)
    js/foundation.min.js (3d654b4c0b2e254155a984a73a57bf14bf4febaa)
  remote: SignalR/bower-signalr
  specs:
    jquery.signalR.js (26092205231972de4b3db966e5689ddbee971ef9)
  remote: aFarkas/html5shiv
  specs:
    dist/html5shiv.min.js (ed28c56c071bddfe7d635ad88995674957a016be)
  remote: reactjs/react-bower
  specs:
    react-dom.min.js (9110d34ba7ec27b1e6d7beb2b164057ddb74d292)
    react.js (9110d34ba7ec27b1e6d7beb2b164057ddb74d292)
    react.min.js (9110d34ba7ec27b1e6d7beb2b164057ddb74d292)
  remote: FortAwesome/Font-Awesome
  specs:
    css/font-awesome.min.css (d41173050a8cf547a4dfb4c214740a9a38a4073b)
    fonts/fontawesome-webfont.eot (d41173050a8cf547a4dfb4c214740a9a38a4073b)
    fonts/fontawesome-webfont.svg (d41173050a8cf547a4dfb4c214740a9a38a4073b)
    fonts/fontawesome-webfont.ttf (d41173050a8cf547a4dfb4c214740a9a38a4073b)
    fonts/fontawesome-webfont.woff (d41173050a8cf547a4dfb4c214740a9a38a4073b)
    fonts/fontawesome-webfont.woff2 (d41173050a8cf547a4dfb4c214740a9a38a4073b)
  remote: lodash/lodash
  specs:
    dist/lodash.min.js (f4beda29db1bcbfdc35f8cd2f364503c8446b32d)
  remote: borisyankov/DefinitelyTyped
  specs:
    foundation/foundation.d.ts (c393f8974d44840a6c9cc6d5b5c0188a8f05143d)
    google.analytics/ga.d.ts (c393f8974d44840a6c9cc6d5b5c0188a8f05143d)
    jquery/jquery.d.ts (c393f8974d44840a6c9cc6d5b5c0188a8f05143d)
    jqueryui/jqueryui.d.ts (c393f8974d44840a6c9cc6d5b5c0188a8f05143d)
    lodash/lodash.d.ts (c393f8974d44840a6c9cc6d5b5c0188a8f05143d)
    react/react-addons-create-fragment.d.ts (c393f8974d44840a6c9cc6d5b5c0188a8f05143d)
    react/react-addons-css-transition-group.d.ts (c393f8974d44840a6c9cc6d5b5c0188a8f05143d)
    react/react-addons-linked-state-mixin.d.ts (c393f8974d44840a6c9cc6d5b5c0188a8f05143d)
    react/react-addons-perf.d.ts (c393f8974d44840a6c9cc6d5b5c0188a8f05143d)
    react/react-addons-pure-render-mixin.d.ts (c393f8974d44840a6c9cc6d5b5c0188a8f05143d)
    react/react-addons-test-utils.d.ts (c393f8974d44840a6c9cc6d5b5c0188a8f05143d)
    react/react-addons-transition-group.d.ts (c393f8974d44840a6c9cc6d5b5c0188a8f05143d)
    react/react-addons-update.d.ts (c393f8974d44840a6c9cc6d5b5c0188a8f05143d)
    react/react-dom.d.ts (c393f8974d44840a6c9cc6d5b5c0188a8f05143d)
    react/react-global.d.ts (c393f8974d44840a6c9cc6d5b5c0188a8f05143d)
    react/react.d.ts (c393f8974d44840a6c9cc6d5b5c0188a8f05143d)
    signalr/signalr.d.ts (c393f8974d44840a6c9cc6d5b5c0188a8f05143d)
HTTP
  remote: http://ajax.aspnetcdn.com
  specs:
    jquery.min.js (/ajax/jQuery/jquery-2.1.4.min.js)
  remote: https://code.jquery.com
  specs:
    jquery-ui.min.css (/ui/1.10.4/themes/sunny/jquery-ui.min.css)
    jquery-ui.min.js (/ui/1.10.4/jquery-ui.min.js)