FRAMEWORK: >= NET40
NUGET
  remote: https://www.nuget.org/api/v2
    FParsec (1.0.2)
    FSharp.Core (4.0.0.1)
    FSharp.Data (2.3.2)
    Hopac (0.3.13)
      FSharp.Core (>= 3.1.2.5)
    Logary (4.0.101)
      FParsec (>= 1.0.2)
      FSharp.Core (>= 4.0.0.1)
      Hopac (>= 0.3.13)
      NodaTime (>= 1.3.2)
    Microsoft.AspNet.Cors (5.2.3)
    Microsoft.AspNet.Identity.Core (2.2.1)
    Microsoft.AspNet.Identity.Owin (2.2.1)
      Microsoft.AspNet.Identity.Core (>= 2.2.1)
      Microsoft.Owin.Security (>= 2.1)
      Microsoft.Owin.Security.Cookies (>= 2.1)
      Microsoft.Owin.Security.OAuth (>= 2.1)
    Microsoft.AspNet.SignalR.Core (2.2.1)
      Microsoft.Owin (>= 2.1)
      Microsoft.Owin.Security (>= 2.1)
      Newtonsoft.Json (>= 6.0.4)
      Owin (>= 1.0)
    Microsoft.AspNet.WebApi.Client (5.2.3)
      Newtonsoft.Json (>= 6.0.4) - framework: >= net45
    Microsoft.AspNet.WebApi.Core (5.2.3)
      Microsoft.AspNet.WebApi.Client (>= 5.2.3)
    Microsoft.AspNet.WebApi.Owin (5.2.3)
      Microsoft.AspNet.WebApi.Core (>= 5.2.3 < 5.3)
      Microsoft.Owin (>= 2.0.2)
      Owin (>= 1.0)
    Microsoft.AspNet.WebApi.OwinSelfHost (5.2.3)
      Microsoft.AspNet.WebApi.Owin (>= 5.2.3 < 5.3)
      Microsoft.Owin.Host.HttpListener (>= 2.0.2)
      Microsoft.Owin.Hosting (>= 2.0.2)
    Microsoft.Owin (3.0.1)
      Owin (>= 1.0)
    Microsoft.Owin.Cors (3.0.1)
      Microsoft.AspNet.Cors (>= 5.0)
      Microsoft.Owin (>= 3.0.1)
      Owin (>= 1.0)
    Microsoft.Owin.Diagnostics (3.0.1)
      Microsoft.Owin (>= 3.0.1)
      Owin (>= 1.0)
    Microsoft.Owin.FileSystems (3.0.1)
    Microsoft.Owin.Host.HttpListener (3.0.1)
    Microsoft.Owin.Hosting (3.0.1)
      Microsoft.Owin (>= 3.0.1)
      Owin (>= 1.0)
    Microsoft.Owin.Security (3.0.1)
      Microsoft.Owin (>= 3.0.1)
      Owin (>= 1.0)
    Microsoft.Owin.Security.Cookies (3.0.1)
      Microsoft.Owin (>= 3.0.1)
      Microsoft.Owin.Security (>= 3.0.1)
      Owin (>= 1.0)
    Microsoft.Owin.Security.Facebook (3.0.1)
      Microsoft.Owin (>= 3.0.1)
      Microsoft.Owin.Security (>= 3.0.1)
      Newtonsoft.Json (>= 6.0.4)
      Owin (>= 1.0)
    Microsoft.Owin.Security.Google (3.0.1)
      Microsoft.Owin (>= 3.0.1)
      Microsoft.Owin.Security (>= 3.0.1)
      Newtonsoft.Json (>= 6.0.4)
      Owin (>= 1.0)
    Microsoft.Owin.Security.OAuth (3.0.1)
      Microsoft.Owin (>= 3.0.1)
      Microsoft.Owin.Security (>= 3.0.1)
      Newtonsoft.Json (>= 6.0.4)
      Owin (>= 1.0)
    Microsoft.Owin.StaticFiles (3.0.1)
      Microsoft.Owin (>= 3.0.1)
      Microsoft.Owin.FileSystems (>= 3.0.1)
      Owin (>= 1.0)
    MySql.Data (6.9.9)
    Newtonsoft.Json (9.0.1)
    NodaTime (1.3.2)
    Owin (1.0)
    Owin.Compression (1.0.12)
      FSharp.Core (>= 4.0.0.1 < 4.0.1)
      Microsoft.Owin (>= 3.0.1 < 3.1)
      Owin (>= 1.0.0-prerelease <= 1.0)
    Owin.Security.AesDataProtectorProvider (1.1)
      Microsoft.Owin.Security (>= 3.0.1)
    SQLProvider (1.0.31)

GROUP Build
NUGET
  remote: https://www.nuget.org/api/v2
    FAKE (4.39)
    FSharp.Configuration (0.6.2)

GROUP Clientside

GITHUB
  remote: zurb/bower-foundation
    css/foundation.css (15d98294916c50ce8e6838bc035f4f136d4dc704)
    css/foundation.min.css (15d98294916c50ce8e6838bc035f4f136d4dc704)
    css/normalize.css (15d98294916c50ce8e6838bc035f4f136d4dc704)
    js/foundation.min.js (15d98294916c50ce8e6838bc035f4f136d4dc704)
  remote: SignalR/bower-signalr
    jquery.signalR.js (b46644962828760b0d5a0ee3c6f1dbf1fab4cc04)
  remote: aFarkas/html5shiv
    dist/html5shiv.min.js (a3c7567c5f7055f9b76230bbbc79967d0b9f7003)
  remote: reactjs/react-bower
    react-dom.min.js (4a2f923c09b6a90836589827ed2857d28a180717)
    react.js (4a2f923c09b6a90836589827ed2857d28a180717)
    react.min.js (4a2f923c09b6a90836589827ed2857d28a180717)
  remote: FortAwesome/Font-Awesome
    css/font-awesome.min.css (ab00cfc7983f42a97aca84586f6f2110f844569d)
    fonts/fontawesome-webfont.eot (ab00cfc7983f42a97aca84586f6f2110f844569d)
    fonts/fontawesome-webfont.svg (ab00cfc7983f42a97aca84586f6f2110f844569d)
    fonts/fontawesome-webfont.ttf (ab00cfc7983f42a97aca84586f6f2110f844569d)
    fonts/fontawesome-webfont.woff (ab00cfc7983f42a97aca84586f6f2110f844569d)
    fonts/fontawesome-webfont.woff2 (ab00cfc7983f42a97aca84586f6f2110f844569d)
  remote: lodash/lodash
    dist/lodash.min.js (0d757fdc40e401da27c9bd6081bf7a16facea671)
  remote: Reactive-Extensions/RxJS
    dist/rx.lite.min.js (8fa95ac884181fb6cbff8ce7c1d669ffb190f5e4)
HTTP
  remote: http://ajax.aspnetcdn.com
    jquery.min.js (/ajax/jQuery/jquery-2.2.1.min.js)
    jquery.min.map (/ajax/jQuery/jquery-2.2.1.min.map)
  remote: https://code.jquery.com
    jquery-ui.min.css (/ui/1.11.4/themes/sunny/jquery-ui.min.css)
    jquery-ui.min.js (/ui/1.11.4/jquery-ui.min.js)
GROUP Typescript

GITHUB
  remote: borisyankov/DefinitelyTyped
    foundation/foundation.d.ts (388b9322ce823fb999a642a8dce939066a33411a)
    google.analytics/ga.d.ts (388b9322ce823fb999a642a8dce939066a33411a)
    jquery/jquery.d.ts (388b9322ce823fb999a642a8dce939066a33411a)
    jqueryui/jqueryui.d.ts (388b9322ce823fb999a642a8dce939066a33411a)
    lodash/lodash.d.ts (388b9322ce823fb999a642a8dce939066a33411a)
    react/react-addons-create-fragment.d.ts (388b9322ce823fb999a642a8dce939066a33411a)
    react/react-addons-css-transition-group.d.ts (388b9322ce823fb999a642a8dce939066a33411a)
    react/react-addons-linked-state-mixin.d.ts (388b9322ce823fb999a642a8dce939066a33411a)
    react/react-addons-perf.d.ts (388b9322ce823fb999a642a8dce939066a33411a)
    react/react-addons-pure-render-mixin.d.ts (388b9322ce823fb999a642a8dce939066a33411a)
    react/react-addons-test-utils.d.ts (388b9322ce823fb999a642a8dce939066a33411a)
    react/react-addons-transition-group.d.ts (388b9322ce823fb999a642a8dce939066a33411a)
    react/react-addons-update.d.ts (388b9322ce823fb999a642a8dce939066a33411a)
    react/react-dom.d.ts (388b9322ce823fb999a642a8dce939066a33411a)
    react/react-global.d.ts (388b9322ce823fb999a642a8dce939066a33411a)
    react/react.d.ts (388b9322ce823fb999a642a8dce939066a33411a)
    rx/rx-lite.d.ts (388b9322ce823fb999a642a8dce939066a33411a)
    rx/rx.async-lite.d.ts (388b9322ce823fb999a642a8dce939066a33411a)
    rx/rx.backpressure-lite.d.ts (388b9322ce823fb999a642a8dce939066a33411a)
    rx/rx.binding-lite.d.ts (388b9322ce823fb999a642a8dce939066a33411a)
    rx/rx.coincidence-lite.d.ts (388b9322ce823fb999a642a8dce939066a33411a)
    rx/rx.lite.d.ts (388b9322ce823fb999a642a8dce939066a33411a)
    rx/rx.time-lite.d.ts (388b9322ce823fb999a642a8dce939066a33411a)
    signalr/signalr.d.ts (388b9322ce823fb999a642a8dce939066a33411a)