RESTRICTION: >= net40
NUGET
  remote: https://www.nuget.org/api/v2
    FParsec (1.0.3)
      FSharp.Core (>= 4.0.0.1)
    FSharp.Core (4.2.3)
    FSharp.Data (2.3.3)
    Hopac (0.3.23)
      FSharp.Core (>= 3.1.2.5)
    Kentor.OwinCookieSaver (1.1.1)
      Microsoft.Owin (>= 3.0)
    Logary (4.2.1)
      FParsec (>= 1.0.2)
      FSharp.Core (>= 4.0.0.1)
      Hopac (>= 0.3.23)
      NodaTime (>= 1.3.2)
    Microsoft.AspNet.Cors (5.2.3)
    Microsoft.AspNet.Identity.Core (2.2.1)
    Microsoft.AspNet.Identity.Owin (2.2.1)
      Microsoft.AspNet.Identity.Core (>= 2.2.1)
      Microsoft.Owin.Security (>= 2.1)
      Microsoft.Owin.Security.Cookies (>= 2.1)
      Microsoft.Owin.Security.OAuth (>= 2.1)
    Microsoft.AspNet.SignalR.Core (2.2.2)
      Microsoft.Owin (>= 2.1)
      Microsoft.Owin.Security (>= 2.1)
      Newtonsoft.Json (>= 6.0.4)
      Owin (>= 1.0)
    Microsoft.AspNet.WebApi.Client (5.2.3)
      Newtonsoft.Json (>= 6.0.4) - restriction: && (>= net40) (>= portable-net45+win8+wp8+wp81+wpa81)
    Microsoft.AspNet.WebApi.Core (5.2.3)
      Microsoft.AspNet.WebApi.Client (>= 5.2.3)
    Microsoft.AspNet.WebApi.Owin (5.2.3)
      Microsoft.AspNet.WebApi.Core (>= 5.2.3 < 5.3)
      Microsoft.Owin (>= 2.0.2)
      Owin (>= 1.0)
    Microsoft.AspNet.WebApi.OwinSelfHost (5.2.3)
      Microsoft.AspNet.WebApi.Owin (>= 5.2.3 < 5.3)
      Microsoft.Owin.Host.HttpListener (>= 2.0.2)
      Microsoft.Owin.Hosting (>= 2.0.2)
    Microsoft.Bcl (1.1.10)
      Microsoft.Bcl.Build (>= 1.0.14)
    Microsoft.Bcl.Build (1.0.21) - import_targets: false
    Microsoft.Net.Http (2.2.29)
      Microsoft.Bcl (>= 1.1.10)
      Microsoft.Bcl.Build (>= 1.0.14)
    Microsoft.Owin (3.1)
      Owin (>= 1.0)
    Microsoft.Owin.Cors (3.1)
      Microsoft.AspNet.Cors (>= 5.0)
      Microsoft.Owin (>= 3.1)
      Owin (>= 1.0)
    Microsoft.Owin.Diagnostics (3.1)
      Microsoft.Owin (>= 3.1)
      Owin (>= 1.0)
    Microsoft.Owin.FileSystems (3.1)
    Microsoft.Owin.Host.HttpListener (3.1)
    Microsoft.Owin.Hosting (3.1)
      Microsoft.Owin (>= 3.1)
      Owin (>= 1.0)
    Microsoft.Owin.Security (3.1)
      Microsoft.Owin (>= 3.1)
      Owin (>= 1.0)
    Microsoft.Owin.Security.Cookies (3.1)
      Microsoft.Owin (>= 3.1)
      Microsoft.Owin.Security (>= 3.1)
      Owin (>= 1.0)
    Microsoft.Owin.Security.Facebook (3.1)
      Microsoft.Owin (>= 3.1)
      Microsoft.Owin.Security (>= 3.1)
      Newtonsoft.Json (>= 6.0.4)
      Owin (>= 1.0)
    Microsoft.Owin.Security.Google (3.1)
      Microsoft.Owin (>= 3.1)
      Microsoft.Owin.Security (>= 3.1)
      Newtonsoft.Json (>= 6.0.4)
      Owin (>= 1.0)
    Microsoft.Owin.Security.OAuth (3.1)
      Microsoft.Owin (>= 3.1)
      Microsoft.Owin.Security (>= 3.1)
      Newtonsoft.Json (>= 6.0.4)
      Owin (>= 1.0)
    Microsoft.Owin.StaticFiles (3.1)
      Microsoft.Owin (>= 3.1)
      Microsoft.Owin.FileSystems (>= 3.1)
      Owin (>= 1.0)
    MySql.Data (6.9.9)
    Newtonsoft.Json (10.0.3)
    NodaTime (1.3.4)
    Owin (1.0)
    Owin.Compression (1.0.16)
      FSharp.Core (>= 4.2.1 < 4.3)
      Microsoft.Owin (>= 3.1 < 4.0)
      Owin (>= 1.0.0-prerelease <= 1.0)
    Owin.Security.AesDataProtectorProvider (1.1.2)
      Microsoft.Owin.Security (>= 3.1)
    SQLProvider (1.1.8)

GROUP Build
RESTRICTION: >= net40
NUGET
  remote: https://www.nuget.org/api/v2
    FAKE (4.63)
    FSharp.Configuration (1.3)
      FSharp.Core (>= 4.0.0.1)
    FSharp.Core (4.2.3)

GROUP Clientside

GITHUB
  remote: zurb/bower-foundation
    css/foundation.css (15d98294916c50ce8e6838bc035f4f136d4dc704)
    css/foundation.min.css (15d98294916c50ce8e6838bc035f4f136d4dc704)
    css/normalize.css (15d98294916c50ce8e6838bc035f4f136d4dc704)
    js/foundation.min.js (15d98294916c50ce8e6838bc035f4f136d4dc704)
  remote: SignalR/bower-signalr
    jquery.signalR.js (0b78d46dab5126e17dc6d88805fc0e480b7c66a0)
    jquery.signalR.min.js (0b78d46dab5126e17dc6d88805fc0e480b7c66a0)
  remote: aFarkas/html5shiv
    dist/html5shiv.min.js (a6b1be53e3e49f93d6d218f52bb08f6a6f91bada)
  remote: reactjs/react-bower
    react-dom.min.js (8ebee1339ca1fc65ce30ed4e34bfb1a8c9f0204e)
    react.js (8ebee1339ca1fc65ce30ed4e34bfb1a8c9f0204e)
    react.min.js (8ebee1339ca1fc65ce30ed4e34bfb1a8c9f0204e)
  remote: FortAwesome/Font-Awesome
    css/font-awesome.min.css (cef4f1ef8c0ee2b551ce84c975739d55dc80f10f)
    fonts/fontawesome-webfont.eot (cef4f1ef8c0ee2b551ce84c975739d55dc80f10f)
    fonts/fontawesome-webfont.svg (cef4f1ef8c0ee2b551ce84c975739d55dc80f10f)
    fonts/fontawesome-webfont.ttf (cef4f1ef8c0ee2b551ce84c975739d55dc80f10f)
    fonts/fontawesome-webfont.woff (cef4f1ef8c0ee2b551ce84c975739d55dc80f10f)
    fonts/fontawesome-webfont.woff2 (cef4f1ef8c0ee2b551ce84c975739d55dc80f10f)
  remote: Reactive-Extensions/RxJS
    dist/rx.lite.min.js (6770d24307ed4baaecdbb21cfc178c13e459f42f)
HTTP
  remote: http://ajax.aspnetcdn.com
    jquery.min.js (/ajax/jQuery/jquery-2.2.1.min.js)
    jquery.min.map (/ajax/jQuery/jquery-2.2.1.min.map)
  remote: https://code.jquery.com
    jquery-ui.min.css (/ui/1.11.4/themes/sunny/jquery-ui.min.css)
    jquery-ui.min.js (/ui/1.11.4/jquery-ui.min.js)
  remote: https://npmcdn.com
    tether.min.js (/tether@1.2.4/dist/js/tether.min.js)
  remote: https://maxcdn.bootstrapcdn.com
    bootstrap.min.css (/bootstrap/4.0.0-alpha.5/css/bootstrap.min.css)
    bootstrap.min.js (/bootstrap/4.0.0-alpha.5/js/bootstrap.min.js)
  remote: https://raw.githubusercontent.com
    lodash.min.js (/lodash/lodash/4.17.4/dist/lodash.min.js)