FRAMEWORK: >= NET40
NUGET
  remote: https://www.nuget.org/api/v2
    FParsec (1.0.2)
    FSharp.Core (4.1.2)
      System.ValueTuple (>= 4.3)
    FSharp.Data (2.3.2)
    Hopac (0.3.23)
      FSharp.Core (>= 3.1.2.5)
    Kentor.OwinCookieSaver (1.1.1)
      Microsoft.Owin (>= 3.0)
    Logary (4.0.311)
      FParsec (>= 1.0.2)
      FSharp.Core (>= 4.0.0.1)
      Hopac (>= 0.3.23)
      NodaTime (>= 1.3.2)
    Microsoft.AspNet.Cors (5.2.3)
    Microsoft.AspNet.Identity.Core (2.2.1)
    Microsoft.AspNet.Identity.Owin (2.2.1)
      Microsoft.AspNet.Identity.Core (>= 2.2.1)
      Microsoft.Owin.Security (>= 2.1)
      Microsoft.Owin.Security.Cookies (>= 2.1)
      Microsoft.Owin.Security.OAuth (>= 2.1)
    Microsoft.AspNet.SignalR.Core (2.2.1)
      Microsoft.Owin (>= 2.1)
      Microsoft.Owin.Security (>= 2.1)
      Newtonsoft.Json (>= 6.0.4)
      Owin (>= 1.0)
    Microsoft.AspNet.WebApi.Client (5.2.3)
      Newtonsoft.Json (>= 6.0.4) - framework: >= net45
    Microsoft.AspNet.WebApi.Core (5.2.3)
      Microsoft.AspNet.WebApi.Client (>= 5.2.3)
    Microsoft.AspNet.WebApi.Owin (5.2.3)
      Microsoft.AspNet.WebApi.Core (>= 5.2.3 < 5.3)
      Microsoft.Owin (>= 2.0.2)
      Owin (>= 1.0)
    Microsoft.AspNet.WebApi.OwinSelfHost (5.2.3)
      Microsoft.AspNet.WebApi.Owin (>= 5.2.3 < 5.3)
      Microsoft.Owin.Host.HttpListener (>= 2.0.2)
      Microsoft.Owin.Hosting (>= 2.0.2)
    Microsoft.Owin (3.0.1)
      Owin (>= 1.0)
    Microsoft.Owin.Cors (3.0.1)
      Microsoft.AspNet.Cors (>= 5.0)
      Microsoft.Owin (>= 3.0.1)
      Owin (>= 1.0)
    Microsoft.Owin.Diagnostics (3.0.1)
      Microsoft.Owin (>= 3.0.1)
      Owin (>= 1.0)
    Microsoft.Owin.FileSystems (3.0.1)
    Microsoft.Owin.Host.HttpListener (3.0.1)
    Microsoft.Owin.Hosting (3.0.1)
      Microsoft.Owin (>= 3.0.1)
      Owin (>= 1.0)
    Microsoft.Owin.Security (3.0.1)
      Microsoft.Owin (>= 3.0.1)
      Owin (>= 1.0)
    Microsoft.Owin.Security.Cookies (3.0.1)
      Microsoft.Owin (>= 3.0.1)
      Microsoft.Owin.Security (>= 3.0.1)
      Owin (>= 1.0)
    Microsoft.Owin.Security.Facebook (3.0.1)
      Microsoft.Owin (>= 3.0.1)
      Microsoft.Owin.Security (>= 3.0.1)
      Newtonsoft.Json (>= 6.0.4)
      Owin (>= 1.0)
    Microsoft.Owin.Security.Google (3.0.1)
      Microsoft.Owin (>= 3.0.1)
      Microsoft.Owin.Security (>= 3.0.1)
      Newtonsoft.Json (>= 6.0.4)
      Owin (>= 1.0)
    Microsoft.Owin.Security.OAuth (3.0.1)
      Microsoft.Owin (>= 3.0.1)
      Microsoft.Owin.Security (>= 3.0.1)
      Newtonsoft.Json (>= 6.0.4)
      Owin (>= 1.0)
    Microsoft.Owin.StaticFiles (3.0.1)
      Microsoft.Owin (>= 3.0.1)
      Microsoft.Owin.FileSystems (>= 3.0.1)
      Owin (>= 1.0)
    MySql.Data (6.9.9)
    Newtonsoft.Json (9.0.1)
    NodaTime (1.3.3)
    Owin (1.0)
    Owin.Compression (1.0.14)
      FSharp.Core (>= 4.1 < 5.0)
      Microsoft.Owin (>= 3.0.1 < 3.1)
      Owin (>= 1.0.0-prerelease <= 1.0)
    Owin.Security.AesDataProtectorProvider (1.1)
      Microsoft.Owin.Security (>= 3.0.1)
    SQLProvider (1.0.52)
    System.ValueTuple (4.3)

GROUP Build
NUGET
  remote: https://www.nuget.org/api/v2
    FAKE (4.57.4)
    FSharp.Configuration (0.6.4)

GROUP Clientside

GITHUB
  remote: zurb/bower-foundation
    css/foundation.css (15d98294916c50ce8e6838bc035f4f136d4dc704)
    css/foundation.min.css (15d98294916c50ce8e6838bc035f4f136d4dc704)
    css/normalize.css (15d98294916c50ce8e6838bc035f4f136d4dc704)
    js/foundation.min.js (15d98294916c50ce8e6838bc035f4f136d4dc704)
  remote: SignalR/bower-signalr
    jquery.signalR.js (b46644962828760b0d5a0ee3c6f1dbf1fab4cc04)
  remote: aFarkas/html5shiv
    dist/html5shiv.min.js (a3c7567c5f7055f9b76230bbbc79967d0b9f7003)
  remote: reactjs/react-bower
    react-dom.min.js (fb585ecef0da6d49b01c8f7621f7a56dee52aab0)
    react.js (fb585ecef0da6d49b01c8f7621f7a56dee52aab0)
    react.min.js (fb585ecef0da6d49b01c8f7621f7a56dee52aab0)
  remote: FortAwesome/Font-Awesome
    css/font-awesome.min.css (04dad1e192b129ab09cddcd9b1aefb8b189c8d79)
    fonts/fontawesome-webfont.eot (04dad1e192b129ab09cddcd9b1aefb8b189c8d79)
    fonts/fontawesome-webfont.svg (04dad1e192b129ab09cddcd9b1aefb8b189c8d79)
    fonts/fontawesome-webfont.ttf (04dad1e192b129ab09cddcd9b1aefb8b189c8d79)
    fonts/fontawesome-webfont.woff (04dad1e192b129ab09cddcd9b1aefb8b189c8d79)
    fonts/fontawesome-webfont.woff2 (04dad1e192b129ab09cddcd9b1aefb8b189c8d79)
  remote: Reactive-Extensions/RxJS
    dist/rx.lite.min.js (71edc4a9cd827537ec8498e8c77ee38b9ecd417d)
HTTP
  remote: http://ajax.aspnetcdn.com
    jquery.min.js (/ajax/jQuery/jquery-2.2.1.min.js)
    jquery.min.map (/ajax/jQuery/jquery-2.2.1.min.map)
  remote: https://code.jquery.com
    jquery-ui.min.css (/ui/1.11.4/themes/sunny/jquery-ui.min.css)
    jquery-ui.min.js (/ui/1.11.4/jquery-ui.min.js)
  remote: https://npmcdn.com
    tether.min.js (/tether@1.2.4/dist/js/tether.min.js)
  remote: https://maxcdn.bootstrapcdn.com
    bootstrap.min.css (/bootstrap/4.0.0-alpha.5/css/bootstrap.min.css)
    bootstrap.min.js (/bootstrap/4.0.0-alpha.5/js/bootstrap.min.js)
  remote: https://raw.githubusercontent.com
    lodash.min.js (/lodash/lodash/4.17.4/dist/lodash.min.js)
GROUP Typescript

GITHUB
  remote: borisyankov/DefinitelyTyped
    foundation/foundation.d.ts (6aff001e47fada0f16768ee435ddcc9eb7c521c1)
    google.analytics/ga.d.ts (6aff001e47fada0f16768ee435ddcc9eb7c521c1)
    googlemaps/google.maps.d.ts (6aff001e47fada0f16768ee435ddcc9eb7c521c1)
    jquery/jquery.d.ts (6aff001e47fada0f16768ee435ddcc9eb7c521c1)
    jqueryui/jqueryui.d.ts (6aff001e47fada0f16768ee435ddcc9eb7c521c1)
    knockout/knockout.d.ts (6aff001e47fada0f16768ee435ddcc9eb7c521c1)
    lodash/lodash.d.ts (6aff001e47fada0f16768ee435ddcc9eb7c521c1)
    mustache/mustache.d.ts (6aff001e47fada0f16768ee435ddcc9eb7c521c1)
    react/react-addons-create-fragment.d.ts (6aff001e47fada0f16768ee435ddcc9eb7c521c1)
    react/react-addons-css-transition-group.d.ts (6aff001e47fada0f16768ee435ddcc9eb7c521c1)
    react/react-addons-linked-state-mixin.d.ts (6aff001e47fada0f16768ee435ddcc9eb7c521c1)
    react/react-addons-perf.d.ts (6aff001e47fada0f16768ee435ddcc9eb7c521c1)
    react/react-addons-pure-render-mixin.d.ts (6aff001e47fada0f16768ee435ddcc9eb7c521c1)
    react/react-addons-test-utils.d.ts (6aff001e47fada0f16768ee435ddcc9eb7c521c1)
    react/react-addons-transition-group.d.ts (6aff001e47fada0f16768ee435ddcc9eb7c521c1)
    react/react-addons-update.d.ts (6aff001e47fada0f16768ee435ddcc9eb7c521c1)
    react/react-dom.d.ts (6aff001e47fada0f16768ee435ddcc9eb7c521c1)
    react/react-global.d.ts (6aff001e47fada0f16768ee435ddcc9eb7c521c1)
    react/react.d.ts (6aff001e47fada0f16768ee435ddcc9eb7c521c1)
    rx/rx-lite.d.ts (6aff001e47fada0f16768ee435ddcc9eb7c521c1)
    rx/rx.async-lite.d.ts (6aff001e47fada0f16768ee435ddcc9eb7c521c1)
    rx/rx.backpressure-lite.d.ts (6aff001e47fada0f16768ee435ddcc9eb7c521c1)
    rx/rx.binding-lite.d.ts (6aff001e47fada0f16768ee435ddcc9eb7c521c1)
    rx/rx.coincidence-lite.d.ts (6aff001e47fada0f16768ee435ddcc9eb7c521c1)
    rx/rx.lite.d.ts (6aff001e47fada0f16768ee435ddcc9eb7c521c1)
    rx/rx.time-lite.d.ts (6aff001e47fada0f16768ee435ddcc9eb7c521c1)
    signalr/signalr.d.ts (6aff001e47fada0f16768ee435ddcc9eb7c521c1)
    yamljs/yamljs.d.ts (6aff001e47fada0f16768ee435ddcc9eb7c521c1)