NUGET
  remote: https://www.nuget.org/api/v2
    FParsec (1.0.2)
    FSharp.Core (4.0.0.1)
    FSharp.Data (2.3.2)
      Zlib.Portable (>= 1.11) - framework: portable-net45+sl5+win8, portable-net45+win8, portable-net45+win8+wp8+wpa81
    Hopac (0.2.1)
      FSharp.Core (>= 3.1.2.5)
    Logary (4.0.20)
      FParsec (>= 1.0.2)
      FSharp.Core (>= 4.0.0.1)
      Hopac (>= 0.2.1)
      NodaTime (>= 1.3.2)
    Microsoft.AspNet.Cors (5.2.3)
    Microsoft.AspNet.Identity.Core (2.2.1)
    Microsoft.AspNet.Identity.Owin (2.2.1)
      Microsoft.AspNet.Identity.Core (>= 2.2.1)
      Microsoft.Owin.Security (>= 2.1)
      Microsoft.Owin.Security.Cookies (>= 2.1)
      Microsoft.Owin.Security.OAuth (>= 2.1)
    Microsoft.AspNet.SignalR.Core (2.2.1)
      Microsoft.Owin (>= 2.1)
      Microsoft.Owin.Security (>= 2.1)
      Newtonsoft.Json (>= 6.0.4)
      Owin (>= 1.0)
    Microsoft.AspNet.WebApi.Client (5.2.3)
      Microsoft.Net.Http (>= 2.2.22) - framework: portable-wp80+win+net45+wp81+wpa81
      Newtonsoft.Json (>= 6.0.4) - framework: >= net45, portable-wp80+win+net45+wp81+wpa81
    Microsoft.AspNet.WebApi.Core (5.2.3)
      Microsoft.AspNet.WebApi.Client (>= 5.2.3)
    Microsoft.AspNet.WebApi.Owin (5.2.3)
      Microsoft.AspNet.WebApi.Core (>= 5.2.3 < 5.3)
      Microsoft.Owin (>= 2.0.2)
      Owin (>= 1.0)
    Microsoft.AspNet.WebApi.OwinSelfHost (5.2.3)
      Microsoft.AspNet.WebApi.Owin (>= 5.2.3 < 5.3)
      Microsoft.Owin.Host.HttpListener (>= 2.0.2)
      Microsoft.Owin.Hosting (>= 2.0.2)
    Microsoft.Bcl (1.1.10) - framework: portable-wp80+win+net45+wp81+wpa81
      Microsoft.Bcl.Build (>= 1.0.14)
    Microsoft.Bcl.Build (1.0.21) - import_targets: false, framework: portable-wp80+win+net45+wp81+wpa81
    Microsoft.Net.Http (2.2.29) - framework: portable-wp80+win+net45+wp81+wpa81
      Microsoft.Bcl (>= 1.1.10)
      Microsoft.Bcl.Build (>= 1.0.14)
    Microsoft.Owin (3.0.1)
      Owin (>= 1.0)
    Microsoft.Owin.Cors (3.0.1)
      Microsoft.AspNet.Cors (>= 5.0)
      Microsoft.Owin (>= 3.0.1)
      Owin (>= 1.0)
    Microsoft.Owin.Diagnostics (3.0.1)
      Microsoft.Owin (>= 3.0.1)
      Owin (>= 1.0)
    Microsoft.Owin.FileSystems (3.0.1)
    Microsoft.Owin.Host.HttpListener (3.0.1)
    Microsoft.Owin.Hosting (3.0.1)
      Microsoft.Owin (>= 3.0.1)
      Owin (>= 1.0)
    Microsoft.Owin.Security (3.0.1)
      Microsoft.Owin (>= 3.0.1)
      Owin (>= 1.0)
    Microsoft.Owin.Security.Cookies (3.0.1)
      Microsoft.Owin (>= 3.0.1)
      Microsoft.Owin.Security (>= 3.0.1)
      Owin (>= 1.0)
    Microsoft.Owin.Security.Facebook (3.0.1)
      Microsoft.Owin (>= 3.0.1)
      Microsoft.Owin.Security (>= 3.0.1)
      Newtonsoft.Json (>= 6.0.4)
      Owin (>= 1.0)
    Microsoft.Owin.Security.Google (3.0.1)
      Microsoft.Owin (>= 3.0.1)
      Microsoft.Owin.Security (>= 3.0.1)
      Newtonsoft.Json (>= 6.0.4)
      Owin (>= 1.0)
    Microsoft.Owin.Security.OAuth (3.0.1)
      Microsoft.Owin (>= 3.0.1)
      Microsoft.Owin.Security (>= 3.0.1)
      Newtonsoft.Json (>= 6.0.4)
      Owin (>= 1.0)
    Microsoft.Owin.StaticFiles (3.0.1)
      Microsoft.Owin (>= 3.0.1)
      Microsoft.Owin.FileSystems (>= 3.0.1)
      Owin (>= 1.0)
    MySql.Data (6.9.9)
    Newtonsoft.Json (8.0.3)
    NodaTime (1.3.2)
    Owin (1.0)
    Owin.Compression (1.0.10)
      FSharp.Core (>= 4.0.0.1 < 4.0.1)
      Microsoft.Owin (>= 3.0.1 < 3.1)
      Owin (>= 1.0.0-prerelease <= 1.0)
    Owin.Security.AesDataProtectorProvider (1.1)
      Microsoft.Owin.Security (>= 3.0.1)
    Rx-Core (2.2.5)
      Rx-Interfaces (>= 2.2.5)
    Rx-Interfaces (2.2.5)
    Rx-Linq (2.2.5)
      Rx-Core (>= 2.2.5)
      Rx-Interfaces (>= 2.2.5)
    Rx-Main (2.2.5)
      Rx-Core (>= 2.2.5)
      Rx-Interfaces (>= 2.2.5)
      Rx-Linq (>= 2.2.5)
      Rx-PlatformServices (>= 2.2.5)
    Rx-PlatformServices (2.2.5)
      Rx-Core (>= 2.2.5)
      Rx-Interfaces (>= 2.2.5)
    SQLProvider (1.0.23)
    Zlib.Portable (1.11) - framework: portable-net45+sl5+win8, portable-net45+win8, portable-net45+win8+wp8+wpa81

GROUP Build
NUGET
  remote: https://www.nuget.org/api/v2
    FAKE (4.36)
    FSharp.Configuration (0.6.1)

GROUP Clientside

GITHUB
  remote: zurb/bower-foundation
    css/foundation.css (15d98294916c50ce8e6838bc035f4f136d4dc704)
    css/foundation.min.css (15d98294916c50ce8e6838bc035f4f136d4dc704)
    css/normalize.css (15d98294916c50ce8e6838bc035f4f136d4dc704)
    js/foundation.min.js (15d98294916c50ce8e6838bc035f4f136d4dc704)
  remote: SignalR/bower-signalr
    jquery.signalR.js (b46644962828760b0d5a0ee3c6f1dbf1fab4cc04)
  remote: aFarkas/html5shiv
    dist/html5shiv.min.js (a3c7567c5f7055f9b76230bbbc79967d0b9f7003)
  remote: reactjs/react-bower
    react-dom.min.js (d9b4e773e1cf9c9222389ecbb07cd29f3ade09d1)
    react.js (d9b4e773e1cf9c9222389ecbb07cd29f3ade09d1)
    react.min.js (d9b4e773e1cf9c9222389ecbb07cd29f3ade09d1)
  remote: FortAwesome/Font-Awesome
    css/font-awesome.min.css (c734a870286250f0e56d7585ec4c15fa8b87fec6)
    fonts/fontawesome-webfont.eot (c734a870286250f0e56d7585ec4c15fa8b87fec6)
    fonts/fontawesome-webfont.svg (c734a870286250f0e56d7585ec4c15fa8b87fec6)
    fonts/fontawesome-webfont.ttf (c734a870286250f0e56d7585ec4c15fa8b87fec6)
    fonts/fontawesome-webfont.woff (c734a870286250f0e56d7585ec4c15fa8b87fec6)
    fonts/fontawesome-webfont.woff2 (c734a870286250f0e56d7585ec4c15fa8b87fec6)
  remote: lodash/lodash
    dist/lodash.min.js (c01e7580cd39617f3c57690942efeccc09597da8)
  remote: Reactive-Extensions/RxJS
    dist/rx.lite.min.js (29f85627e4ab71b050480f26dcc5d737f1b840f4)
HTTP
  remote: http://ajax.aspnetcdn.com
    jquery.min.js (/ajax/jQuery/jquery-2.2.1.min.js)
    jquery.min.map (/ajax/jQuery/jquery-2.2.1.min.map)
  remote: https://code.jquery.com
    jquery-ui.min.css (/ui/1.11.4/themes/sunny/jquery-ui.min.css)
    jquery-ui.min.js (/ui/1.11.4/jquery-ui.min.js)
GROUP Typescript

GITHUB
  remote: borisyankov/DefinitelyTyped
    foundation/foundation.d.ts (ffd313adf9e5b86d9f04270e4e39b64720317352)
    google.analytics/ga.d.ts (ffd313adf9e5b86d9f04270e4e39b64720317352)
    jquery/jquery.d.ts (ffd313adf9e5b86d9f04270e4e39b64720317352)
    jqueryui/jqueryui.d.ts (ffd313adf9e5b86d9f04270e4e39b64720317352)
    lodash/lodash.d.ts (ffd313adf9e5b86d9f04270e4e39b64720317352)
    react/react-addons-create-fragment.d.ts (ffd313adf9e5b86d9f04270e4e39b64720317352)
    react/react-addons-css-transition-group.d.ts (ffd313adf9e5b86d9f04270e4e39b64720317352)
    react/react-addons-linked-state-mixin.d.ts (ffd313adf9e5b86d9f04270e4e39b64720317352)
    react/react-addons-perf.d.ts (ffd313adf9e5b86d9f04270e4e39b64720317352)
    react/react-addons-pure-render-mixin.d.ts (ffd313adf9e5b86d9f04270e4e39b64720317352)
    react/react-addons-test-utils.d.ts (ffd313adf9e5b86d9f04270e4e39b64720317352)
    react/react-addons-transition-group.d.ts (ffd313adf9e5b86d9f04270e4e39b64720317352)
    react/react-addons-update.d.ts (ffd313adf9e5b86d9f04270e4e39b64720317352)
    react/react-dom.d.ts (ffd313adf9e5b86d9f04270e4e39b64720317352)
    react/react-global.d.ts (ffd313adf9e5b86d9f04270e4e39b64720317352)
    react/react.d.ts (ffd313adf9e5b86d9f04270e4e39b64720317352)
    rx/rx-lite.d.ts (ffd313adf9e5b86d9f04270e4e39b64720317352)
    rx/rx.async-lite.d.ts (ffd313adf9e5b86d9f04270e4e39b64720317352)
    rx/rx.backpressure-lite.d.ts (ffd313adf9e5b86d9f04270e4e39b64720317352)
    rx/rx.binding-lite.d.ts (ffd313adf9e5b86d9f04270e4e39b64720317352)
    rx/rx.coincidence-lite.d.ts (ffd313adf9e5b86d9f04270e4e39b64720317352)
    rx/rx.lite.d.ts (ffd313adf9e5b86d9f04270e4e39b64720317352)
    rx/rx.time-lite.d.ts (ffd313adf9e5b86d9f04270e4e39b64720317352)
    signalr/signalr.d.ts (ffd313adf9e5b86d9f04270e4e39b64720317352)