RESTRICTION: >= net40
NUGET
  remote: https://www.nuget.org/api/v2
    FParsec (1.0.3)
      FSharp.Core (>= 4.0.0.1)
    FSharp.Core (4.5.2)
    FSharp.Data (2.4.5)
    Hopac (0.3.23)
      FSharp.Core (>= 3.1.2.5) - restriction: && (>= net40) (< netstandard1.6)
      FSharp.Core (>= 4.0.1.7-alpha) - restriction: && (>= net40) (>= netstandard1.6)
      NETStandard.Library (>= 1.6) - restriction: && (>= net40) (>= netstandard1.6)
    Kentor.OwinCookieSaver (1.1.1)
      Microsoft.Owin (>= 3.0)
    Logary (4.2.1)
      FParsec (>= 1.0.2)
      FSharp.Core (>= 4.0.0.1)
      Hopac (>= 0.3.23)
      NodaTime (>= 1.3.2)
    Logary.Targets.ApplicationInsights (4.2.1)
      FSharp.Core (>= 4.0.0.1)
      Hopac (>= 0.3.23)
      Logary (>= 4.2.1)
      Microsoft.ApplicationInsights (>= 2.4)
      Microsoft.ApplicationInsights.DependencyCollector (>= 2.4.1)
    Microsoft.ApplicationInsights (2.5.1)
      System.Diagnostics.DiagnosticSource (>= 4.4) - restriction: || (&& (>= net40) (< net45) (>= netstandard1.3)) (&& (>= net45) (< netstandard1.3)) (>= net46)
    Microsoft.ApplicationInsights.Agent.Intercept (2.4) - restriction: >= net45
    Microsoft.ApplicationInsights.DependencyCollector (2.5.1)
      Microsoft.ApplicationInsights (2.5.1) - restriction: || (&& (>= net40) (>= netstandard1.6)) (>= net45)
      Microsoft.ApplicationInsights.Agent.Intercept (>= 2.4) - restriction: >= net45
      System.Diagnostics.DiagnosticSource (>= 4.4) - restriction: || (&& (>= net40) (>= netstandard1.6)) (>= net45)
    Microsoft.AspNet.Cors (5.2.4)
    Microsoft.AspNet.Identity.Core (2.2.2)
    Microsoft.AspNet.Identity.Owin (2.2.2)
      Microsoft.AspNet.Identity.Core (>= 2.2.2)
      Microsoft.Owin.Security (>= 3.0.1)
      Microsoft.Owin.Security.Cookies (>= 3.0.1)
      Microsoft.Owin.Security.OAuth (>= 3.0.1)
    Microsoft.AspNet.SignalR.Core (2.4)
      Microsoft.Owin.Security (>= 2.1) - restriction: >= net45
      Newtonsoft.Json (>= 6.0.4) - restriction: >= net45
    Microsoft.AspNet.WebApi.Client (5.2.7)
      Newtonsoft.Json (>= 6.0.4) - restriction: || (&& (>= net40) (< netstandard2.0) (>= portable-net45+win8+wp8+wp81+wpa81)) (>= net45)
    Microsoft.AspNet.WebApi.Core (5.2.7)
      Microsoft.AspNet.WebApi.Client (>= 5.2.7)
    Microsoft.AspNet.WebApi.Owin (5.2.7)
      Microsoft.AspNet.WebApi.Core (>= 5.2.7 < 5.3)
      Microsoft.Owin (>= 2.0.2)
      Owin (>= 1.0)
    Microsoft.AspNet.WebApi.OwinSelfHost (5.2.7)
      Microsoft.AspNet.WebApi.Owin (>= 5.2.7 < 5.3)
      Microsoft.Owin.Host.HttpListener (>= 2.0.2)
      Microsoft.Owin.Hosting (>= 2.0.2)
    Microsoft.Bcl (1.1.10)
      Microsoft.Bcl.Build (>= 1.0.14)
    Microsoft.Bcl.Build (1.0.21) - import_targets: false
    Microsoft.Net.Http (2.2.29)
      Microsoft.Bcl (>= 1.1.10)
      Microsoft.Bcl.Build (>= 1.0.14)
    Microsoft.NETCore.Platforms (2.0.1) - restriction: || (&& (>= monoandroid) (>= net40) (>= netstandard1.6)) (&& (>= monotouch) (>= net40)) (&& (>= net40) (< net45) (< netstandard1.3) (>= netstandard1.6)) (&& (>= net40) (< net45) (< netstandard1.4) (>= netstandard1.6)) (&& (>= net40) (< net45) (< netstandard1.5) (>= netstandard1.6)) (&& (>= net40) (< net45) (>= netstandard1.6) (< netstandard2.0)) (&& (>= net40) (< net45) (>= netstandard1.6) (< portable-net451+win81+wpa81)) (&& (>= net40) (< net45) (>= netstandard2.0)) (&& (>= net40) (>= netcoreapp2.0)) (&& (>= net40) (< netstandard1.0) (>= netstandard1.6)) (&& (>= net40) (< netstandard1.1)) (&& (>= net40) (< netstandard1.3) (>= netstandard1.6) (>= wpa81)) (&& (>= net40) (< netstandard1.5) (>= netstandard1.6) (>= uap10.0)) (&& (>= net40) (>= netstandard1.6) (< portable-net45+win8+wpa81)) (&& (>= net40) (>= netstandard1.6) (>= uap10.1)) (&& (>= net40) (>= xamarinios)) (&& (>= net40) (>= xamarinmac)) (&& (>= net40) (>= xamarintvos)) (&& (>= net40) (>= xamarinwatchos)) (&& (>= net45) (>= netstandard1.6) (< portable-net451+win81+wpa81)) (&& (>= net451) (< netstandard1.3) (>= netstandard1.6)) (&& (>= net46) (< netstandard1.4) (>= netstandard1.6)) (&& (>= net461) (>= netstandard1.6))
    Microsoft.NETCore.Targets (2.0) - restriction: || (&& (>= net40) (< net45) (>= netstandard1.1) (< netstandard1.3)) (&& (>= net40) (< net45) (>= netstandard1.3) (< netstandard1.5)) (&& (>= net40) (< net45) (>= netstandard1.5)) (&& (>= net40) (>= netstandard1.0) (< netstandard1.1)) (&& (>= net40) (< netstandard1.1) (>= netstandard1.3)) (&& (>= net40) (< netstandard1.1) (>= netstandard1.5)) (&& (>= net40) (< portable-net45+win8+wp8+wpa81))
    Microsoft.Owin (4.0)
      Owin (>= 1.0)
    Microsoft.Owin.Cors (4.0)
      Microsoft.AspNet.Cors (>= 5.0)
      Microsoft.Owin (>= 4.0)
      Owin (>= 1.0)
    Microsoft.Owin.Diagnostics (4.0)
      Microsoft.Owin (>= 4.0)
      Owin (>= 1.0)
    Microsoft.Owin.FileSystems (4.0)
    Microsoft.Owin.Host.HttpListener (4.0)
    Microsoft.Owin.Hosting (4.0)
      Microsoft.Owin (>= 4.0)
      Owin (>= 1.0)
    Microsoft.Owin.Security (4.0)
      Microsoft.Owin (>= 4.0)
      Owin (>= 1.0)
    Microsoft.Owin.Security.Cookies (4.0)
      Microsoft.Owin (>= 4.0)
      Microsoft.Owin.Security (>= 4.0)
      Owin (>= 1.0)
    Microsoft.Owin.Security.Facebook (4.0)
      Microsoft.Owin (>= 4.0)
      Microsoft.Owin.Security (>= 4.0)
      Newtonsoft.Json (>= 9.0.1)
      Owin (>= 1.0)
    Microsoft.Owin.Security.Google (4.0)
      Microsoft.Owin (>= 4.0)
      Microsoft.Owin.Security (>= 4.0)
      Newtonsoft.Json (>= 9.0.1)
      Owin (>= 1.0)
    Microsoft.Owin.Security.OAuth (4.0)
      Microsoft.Owin (>= 4.0)
      Microsoft.Owin.Security (>= 4.0)
      Newtonsoft.Json (>= 9.0.1)
      Owin (>= 1.0)
    Microsoft.Owin.StaticFiles (4.0)
      Microsoft.Owin (>= 4.0)
      Microsoft.Owin.FileSystems (>= 4.0)
      Owin (>= 1.0)
    MySql.Data (6.9.9)
    MySqlConnector (0.36)
      System.Buffers (>= 4.3) - restriction: || (&& (>= net40) (< net45) (>= netstandard1.3) (< netstandard2.0)) (&& (>= net40) (< net45) (>= netstandard2.0)) (&& (>= net45) (< netstandard1.3)) (>= net46)
      System.Threading.Tasks.Extensions (>= 4.3) - restriction: || (&& (>= net40) (< net45) (>= netstandard1.3) (< netstandard2.0)) (&& (>= net40) (< net45) (>= netstandard2.0)) (&& (>= net45) (< netstandard1.3)) (>= net46)
    NETStandard.Library (2.0.1) - restriction: && (>= net40) (>= netstandard1.6)
      Microsoft.NETCore.Platforms (>= 1.1) - restriction: || (&& (>= monoandroid) (>= net40)) (&& (>= monotouch) (>= net40)) (&& (>= net40) (< net45) (>= netstandard1.1) (< portable-net451+win81+wpa81)) (&& (>= net40) (< net45) (>= netstandard1.2) (< netstandard1.3)) (&& (>= net40) (< net45) (>= netstandard1.3) (< netstandard1.4)) (&& (>= net40) (< net45) (>= netstandard1.4) (< netstandard1.5)) (&& (>= net40) (< net45) (>= netstandard1.5) (< netstandard1.6)) (&& (>= net40) (< net45) (>= netstandard1.6) (< netstandard2.0)) (&& (>= net40) (< net45) (>= netstandard2.0)) (&& (>= net40) (>= netcoreapp2.0)) (&& (>= net40) (>= netstandard1.0) (< portable-net45+win8+wpa81)) (&& (>= net40) (< netstandard1.0) (>= portable-net45+win8+wp8+wpa81) (< portable-net45+win8+wpa81)) (&& (>= net40) (< netstandard1.0) (>= portable-net45+win8+wpa81) (< portable-net451+win81+wpa81)) (&& (>= net40) (< netstandard1.0) (>= portable-net451+win81+wpa81)) (&& (>= net40) (< netstandard1.3) (>= wpa81)) (&& (>= net40) (< netstandard1.5) (>= uap10.0)) (&& (>= net40) (>= uap10.1)) (&& (>= net40) (>= xamarinios)) (&& (>= net40) (>= xamarinmac)) (&& (>= net40) (>= xamarintvos)) (&& (>= net40) (>= xamarinwatchos)) (&& (>= net45) (< portable-net451+win81+wpa81)) (&& (>= net451) (< netstandard1.3)) (&& (>= net46) (< netstandard1.4)) (>= net461)
    Newtonsoft.Json (11.0.1)
    NodaTime (1.3.4)
    Owin (1.0)
    Owin.Compression (1.0.21)
      FSharp.Core (>= 4.5 < 5.0) - restriction: || (&& (>= net40) (>= netstandard2.0)) (>= net452)
      Microsoft.Owin (>= 4.0 < 5.0) - restriction: >= net452
      Owin (>= 1.0) - restriction: >= net452
    Owin.Security.AesDataProtectorProvider (1.1.2)
      Microsoft.Owin.Security (>= 3.1)
    SQLProvider (1.1.72)
    System.Buffers (4.4) - restriction: || (&& (>= net40) (< net45) (>= netstandard1.3) (< netstandard2.0)) (&& (>= net40) (< net45) (>= netstandard2.0)) (&& (>= net45) (< netstandard1.3)) (>= net46)
      System.Diagnostics.Debug (>= 4.3) - restriction: && (>= net40) (>= netstandard1.1) (< netstandard2.0)
      System.Diagnostics.Tracing (>= 4.3) - restriction: && (>= net40) (>= netstandard1.1) (< netstandard2.0)
      System.Resources.ResourceManager (>= 4.3) - restriction: && (>= net40) (>= netstandard1.1) (< netstandard2.0)
      System.Runtime (>= 4.3) - restriction: && (>= net40) (>= netstandard1.1) (< netstandard2.0)
      System.Threading (>= 4.3) - restriction: && (>= net40) (>= netstandard1.1) (< netstandard2.0)
    System.Collections (4.3) - restriction: || (&& (>= net40) (< net45) (>= netstandard1.3) (< netstandard2.0)) (&& (>= net45) (< netstandard1.3)) (&& (>= net46) (< netstandard2.0))
    System.Diagnostics.Debug (4.3) - restriction: || (&& (>= net40) (< net45) (>= netstandard1.3) (< netstandard2.0)) (&& (>= net45) (< netstandard1.3)) (&& (>= net46) (< netstandard2.0))
    System.Diagnostics.DiagnosticSource (4.4.1) - restriction: || (&& (>= net40) (>= netstandard1.6)) (>= net45)
    System.Diagnostics.Tracing (4.3) - restriction: || (&& (>= net40) (< net45) (>= netstandard1.3) (< netstandard2.0)) (&& (>= net45) (< netstandard1.3)) (&& (>= net46) (< netstandard2.0))
    System.Globalization (4.3) - restriction: || (&& (>= net40) (< net45) (>= netstandard1.1)) (&& (>= net40) (>= netstandard1.0) (< netstandard1.1)) (&& (>= net40) (< portable-net45+win8+wp8+wpa81))
      Microsoft.NETCore.Platforms (>= 1.1) - restriction: || (&& (>= net40) (< net45) (>= netstandard1.0) (< netstandard1.3)) (&& (>= net40) (< net45) (>= netstandard1.3)) (&& (>= net40) (< portable-net45+win8+wp8+wpa81))
      Microsoft.NETCore.Targets (>= 1.1) - restriction: || (&& (>= net40) (< net45) (>= netstandard1.0) (< netstandard1.3)) (&& (>= net40) (< net45) (>= netstandard1.3)) (&& (>= net40) (< portable-net45+win8+wp8+wpa81))
      System.Runtime (>= 4.3) - restriction: || (&& (>= net40) (< net45) (>= netstandard1.0) (< netstandard1.3)) (&& (>= net40) (< net45) (>= netstandard1.3)) (&& (>= net40) (< portable-net45+win8+wp8+wpa81))
    System.IO (4.3) - restriction: || (&& (>= net40) (< net45) (>= netstandard1.1) (< netstandard1.3)) (&& (>= net40) (< net45) (>= netstandard1.3) (< netstandard1.5)) (&& (>= net40) (< net45) (>= netstandard1.5)) (&& (>= net40) (>= netstandard1.0) (< netstandard1.1)) (&& (>= net40) (< netstandard1.1) (>= netstandard1.3)) (&& (>= net40) (< netstandard1.1) (>= netstandard1.5)) (&& (>= net40) (< portable-net45+win8+wp8+wpa81))
      Microsoft.NETCore.Platforms (>= 1.1) - restriction: || (&& (>= net40) (< net45) (>= netstandard1.0) (< netstandard1.3)) (&& (>= net40) (< net45) (>= netstandard1.3) (< netstandard1.5)) (&& (>= net40) (< net45) (>= netstandard1.5)) (&& (>= net40) (< portable-net45+win8+wp8+wpa81))
      Microsoft.NETCore.Targets (>= 1.1) - restriction: || (&& (>= net40) (< net45) (>= netstandard1.0) (< netstandard1.3)) (&& (>= net40) (< net45) (>= netstandard1.3) (< netstandard1.5)) (&& (>= net40) (< net45) (>= netstandard1.5)) (&& (>= net40) (< portable-net45+win8+wp8+wpa81))
      System.Runtime (>= 4.3) - restriction: || (&& (>= net40) (< net45) (>= netstandard1.0) (< netstandard1.3)) (&& (>= net40) (< net45) (>= netstandard1.3) (< netstandard1.5)) (&& (>= net40) (< net45) (>= netstandard1.5)) (&& (>= net40) (< portable-net45+win8+wp8+wpa81))
      System.Text.Encoding (>= 4.3) - restriction: || (&& (>= net40) (< net45) (>= netstandard1.0) (< netstandard1.3)) (&& (>= net40) (< net45) (>= netstandard1.3) (< netstandard1.5)) (&& (>= net40) (< net45) (>= netstandard1.5)) (&& (>= net40) (< portable-net45+win8+wp8+wpa81))
      System.Threading.Tasks (>= 4.3) - restriction: || (&& (>= net40) (< net45) (>= netstandard1.0) (< netstandard1.3)) (&& (>= net40) (< net45) (>= netstandard1.3) (< netstandard1.5)) (&& (>= net40) (< net45) (>= netstandard1.5)) (&& (>= net40) (< portable-net45+win8+wp8+wpa81))
    System.Reflection (4.3) - restriction: || (&& (>= net40) (< net45) (>= netstandard1.1)) (&& (>= net40) (< netstandard1.1))
      Microsoft.NETCore.Platforms (>= 1.1) - restriction: || (&& (>= net40) (< net45) (>= netstandard1.0) (< netstandard1.3)) (&& (>= net40) (< net45) (>= netstandard1.3) (< netstandard1.5)) (&& (>= net40) (< net45) (>= netstandard1.5)) (&& (>= net40) (< portable-net45+win8+wp8+wpa81))
      Microsoft.NETCore.Targets (>= 1.1) - restriction: || (&& (>= net40) (< net45) (>= netstandard1.0) (< netstandard1.3)) (&& (>= net40) (< net45) (>= netstandard1.3) (< netstandard1.5)) (&& (>= net40) (< net45) (>= netstandard1.5)) (&& (>= net40) (< portable-net45+win8+wp8+wpa81))
      System.IO (>= 4.3) - restriction: || (&& (>= net40) (< net45) (>= netstandard1.0) (< netstandard1.3)) (&& (>= net40) (< net45) (>= netstandard1.3) (< netstandard1.5)) (&& (>= net40) (< net45) (>= netstandard1.5)) (&& (>= net40) (< portable-net45+win8+wp8+wpa81))
      System.Reflection.Primitives (>= 4.3) - restriction: || (&& (>= net40) (< net45) (>= netstandard1.0) (< netstandard1.3)) (&& (>= net40) (< net45) (>= netstandard1.3) (< netstandard1.5)) (&& (>= net40) (< net45) (>= netstandard1.5)) (&& (>= net40) (< portable-net45+win8+wp8+wpa81))
      System.Runtime (>= 4.3) - restriction: || (&& (>= net40) (< net45) (>= netstandard1.0) (< netstandard1.3)) (&& (>= net40) (< net45) (>= netstandard1.3) (< netstandard1.5)) (&& (>= net40) (< net45) (>= netstandard1.5)) (&& (>= net40) (< portable-net45+win8+wp8+wpa81))
    System.Reflection.Extensions (4.3) - restriction: || (&& (>= net40) (< net45) (>= netstandard1.1)) (&& (>= net40) (< netstandard1.1))
      Microsoft.NETCore.Platforms (>= 1.1) - restriction: || (&& (>= net40) (< net45) (>= netstandard1.0)) (&& (>= net40) (< portable-net45+win8+wp8+wpa81))
      Microsoft.NETCore.Targets (>= 1.1) - restriction: || (&& (>= net40) (< net45) (>= netstandard1.0)) (&& (>= net40) (< portable-net45+win8+wp8+wpa81))
      System.Reflection (>= 4.3) - restriction: || (&& (>= net40) (< net45) (>= netstandard1.0)) (&& (>= net40) (< portable-net45+win8+wp8+wpa81))
      System.Runtime (>= 4.3) - restriction: || (&& (>= net40) (< net45) (>= netstandard1.0)) (&& (>= net40) (< portable-net45+win8+wp8+wpa81))
    System.Reflection.Primitives (4.3) - restriction: || (&& (>= net40) (< net45) (>= netstandard1.1) (< netstandard1.3)) (&& (>= net40) (< net45) (>= netstandard1.3) (< netstandard1.5)) (&& (>= net40) (< net45) (>= netstandard1.5)) (&& (>= net40) (>= netstandard1.0) (< netstandard1.1)) (&& (>= net40) (< netstandard1.1) (>= netstandard1.3)) (&& (>= net40) (< netstandard1.1) (>= netstandard1.5)) (&& (>= net40) (< portable-net45+win8+wp8+wpa81))
      Microsoft.NETCore.Platforms (>= 1.1) - restriction: || (&& (>= net40) (< net45) (>= netstandard1.0)) (&& (>= net40) (< portable-net45+win8+wp8+wpa81))
      Microsoft.NETCore.Targets (>= 1.1) - restriction: || (&& (>= net40) (< net45) (>= netstandard1.0)) (&& (>= net40) (< portable-net45+win8+wp8+wpa81))
      System.Runtime (>= 4.3) - restriction: || (&& (>= net40) (< net45) (>= netstandard1.0)) (&& (>= net40) (< portable-net45+win8+wp8+wpa81))
    System.Resources.ResourceManager (4.3) - restriction: || (&& (>= net40) (< net45) (>= netstandard1.1)) (&& (>= net40) (< net45) (>= netstandard1.3) (< netstandard2.0)) (&& (>= net40) (< netstandard1.1)) (&& (>= net45) (< netstandard1.3)) (&& (>= net46) (< netstandard2.0))
      Microsoft.NETCore.Platforms (>= 1.1) - restriction: || (&& (>= net40) (< net45) (>= netstandard1.0)) (&& (>= net40) (< portable-net45+win8+wp8+wpa81))
      Microsoft.NETCore.Targets (>= 1.1) - restriction: || (&& (>= net40) (< net45) (>= netstandard1.0)) (&& (>= net40) (< portable-net45+win8+wp8+wpa81))
      System.Globalization (>= 4.3) - restriction: || (&& (>= net40) (< net45) (>= netstandard1.0)) (&& (>= net40) (< portable-net45+win8+wp8+wpa81))
      System.Reflection (>= 4.3) - restriction: || (&& (>= net40) (< net45) (>= netstandard1.0)) (&& (>= net40) (< portable-net45+win8+wp8+wpa81))
      System.Runtime (>= 4.3) - restriction: || (&& (>= net40) (< net45) (>= netstandard1.0)) (&& (>= net40) (< portable-net45+win8+wp8+wpa81))
    System.Runtime (4.3) - restriction: || (&& (>= net40) (< net45) (>= netstandard1.1)) (&& (>= net40) (< net45) (>= netstandard1.3) (< netstandard2.0)) (&& (>= net40) (< netstandard1.1)) (&& (>= net45) (< netstandard1.3)) (&& (>= net46) (< netstandard2.0))
      Microsoft.NETCore.Platforms (>= 1.1) - restriction: || (&& (>= net40) (< net45) (>= netstandard1.0) (< netstandard1.2)) (&& (>= net40) (< net45) (>= netstandard1.2) (< netstandard1.3)) (&& (>= net40) (< net45) (>= netstandard1.3) (< netstandard1.5)) (&& (>= net40) (< net45) (>= netstandard1.5)) (&& (>= net40) (< portable-net45+win8+wp8+wpa81))
      Microsoft.NETCore.Targets (>= 1.1) - restriction: || (&& (>= net40) (< net45) (>= netstandard1.0) (< netstandard1.2)) (&& (>= net40) (< net45) (>= netstandard1.2) (< netstandard1.3)) (&& (>= net40) (< net45) (>= netstandard1.3) (< netstandard1.5)) (&& (>= net40) (< net45) (>= netstandard1.5)) (&& (>= net40) (< portable-net45+win8+wp8+wpa81))
    System.Runtime.InteropServices.RuntimeInformation (4.3)
      Microsoft.NETCore.Platforms (>= 1.1) - restriction: && (>= net40) (< netstandard1.1)
      System.Reflection (>= 4.3) - restriction: || (&& (>= net40) (< net45) (>= netstandard1.1)) (&& (>= net40) (< netstandard1.1))
      System.Reflection.Extensions (>= 4.3) - restriction: || (&& (>= net40) (< net45) (>= netstandard1.1)) (&& (>= net40) (< netstandard1.1))
      System.Resources.ResourceManager (>= 4.3) - restriction: || (&& (>= net40) (< net45) (>= netstandard1.1)) (&& (>= net40) (< netstandard1.1))
      System.Runtime (>= 4.3) - restriction: || (&& (>= net40) (< net45) (>= netstandard1.1)) (&& (>= net40) (< netstandard1.1))
      System.Threading (>= 4.3) - restriction: || (&& (>= net40) (< net45) (>= netstandard1.1)) (&& (>= net40) (< netstandard1.1))
    System.Text.Encoding (4.3) - restriction: || (&& (>= net40) (< net45) (>= netstandard1.1) (< netstandard1.3)) (&& (>= net40) (< net45) (>= netstandard1.3) (< netstandard1.5)) (&& (>= net40) (< net45) (>= netstandard1.5)) (&& (>= net40) (>= netstandard1.0) (< netstandard1.1)) (&& (>= net40) (< netstandard1.1) (>= netstandard1.3)) (&& (>= net40) (< netstandard1.1) (>= netstandard1.5)) (&& (>= net40) (< portable-net45+win8+wp8+wpa81))
      Microsoft.NETCore.Platforms (>= 1.1) - restriction: || (&& (>= net40) (< net45) (>= netstandard1.0) (< netstandard1.3)) (&& (>= net40) (< net45) (>= netstandard1.3)) (&& (>= net40) (< portable-net45+win8+wp8+wpa81))
      Microsoft.NETCore.Targets (>= 1.1) - restriction: || (&& (>= net40) (< net45) (>= netstandard1.0) (< netstandard1.3)) (&& (>= net40) (< net45) (>= netstandard1.3)) (&& (>= net40) (< portable-net45+win8+wp8+wpa81))
      System.Runtime (>= 4.3) - restriction: || (&& (>= net40) (< net45) (>= netstandard1.0) (< netstandard1.3)) (&& (>= net40) (< net45) (>= netstandard1.3)) (&& (>= net40) (< portable-net45+win8+wp8+wpa81))
    System.Threading (4.3) - restriction: || (&& (>= net40) (< net45) (>= netstandard1.1)) (&& (>= net40) (< net45) (>= netstandard1.3) (< netstandard2.0)) (&& (>= net40) (< netstandard1.1)) (&& (>= net45) (< netstandard1.3)) (&& (>= net46) (< netstandard2.0))
      System.Runtime (>= 4.3) - restriction: || (&& (>= net40) (< net45) (>= netstandard1.0) (< netstandard1.3)) (&& (>= net40) (< net45) (>= netstandard1.3)) (&& (>= net40) (< portable-net45+win8+wp8+wpa81))
      System.Threading.Tasks (>= 4.3) - restriction: || (&& (>= net40) (< net45) (>= netstandard1.0) (< netstandard1.3)) (&& (>= net40) (< net45) (>= netstandard1.3)) (&& (>= net40) (< portable-net45+win8+wp8+wpa81))
    System.Threading.Tasks (4.3) - restriction: || (&& (>= net40) (< net45) (>= netstandard1.1) (< netstandard1.3)) (&& (>= net40) (< net45) (>= netstandard1.3)) (&& (>= net40) (>= netstandard1.0) (< netstandard1.1)) (&& (>= net40) (< netstandard1.1) (>= netstandard1.3)) (&& (>= net40) (< portable-net45+win8+wp8+wpa81)) (&& (>= net45) (< netstandard1.3)) (&& (>= net46) (< netstandard2.0))
      Microsoft.NETCore.Platforms (>= 1.1) - restriction: || (&& (>= net40) (< net45) (>= netstandard1.0) (< netstandard1.3)) (&& (>= net40) (< net45) (>= netstandard1.3)) (&& (>= net40) (< portable-net45+win8+wp8+wpa81))
      Microsoft.NETCore.Targets (>= 1.1) - restriction: || (&& (>= net40) (< net45) (>= netstandard1.0) (< netstandard1.3)) (&& (>= net40) (< net45) (>= netstandard1.3)) (&& (>= net40) (< portable-net45+win8+wp8+wpa81))
      System.Runtime (>= 4.3) - restriction: || (&& (>= net40) (< net45) (>= netstandard1.0) (< netstandard1.3)) (&& (>= net40) (< net45) (>= netstandard1.3)) (&& (>= net40) (< portable-net45+win8+wp8+wpa81))
    System.Threading.Tasks.Extensions (4.4) - restriction: || (&& (>= net40) (< net45) (>= netstandard1.3) (< netstandard2.0)) (&& (>= net40) (< net45) (>= netstandard2.0)) (&& (>= net45) (< netstandard1.3)) (>= net46)
      System.Collections (>= 4.3) - restriction: && (>= net40) (>= netstandard1.0) (< netstandard2.0)
      System.Runtime (>= 4.3) - restriction: && (>= net40) (>= netstandard1.0) (< netstandard2.0)
      System.Threading.Tasks (>= 4.3) - restriction: && (>= net40) (>= netstandard1.0) (< netstandard2.0)

GROUP Build
RESTRICTION: >= net40
NUGET
  remote: https://www.nuget.org/api/v2
    FAKE (4.64.6)
    FSharp.Configuration (1.4)
      FSharp.Core (>= 4.0.0.1)
    FSharp.Core (4.5.2)

GROUP Clientside

GITHUB
  remote: zurb/bower-foundation
    css/foundation.css (15d98294916c50ce8e6838bc035f4f136d4dc704)
    css/foundation.min.css (15d98294916c50ce8e6838bc035f4f136d4dc704)
    css/normalize.css (15d98294916c50ce8e6838bc035f4f136d4dc704)
    js/foundation.min.js (15d98294916c50ce8e6838bc035f4f136d4dc704)
  remote: SignalR/bower-signalr
    jquery.signalR.js (94256f9737276b11b75c1845de70632e275b2137)
    jquery.signalR.min.js (94256f9737276b11b75c1845de70632e275b2137)
  remote: aFarkas/html5shiv
    dist/html5shiv.min.js (a6b1be53e3e49f93d6d218f52bb08f6a6f91bada)
  remote: FortAwesome/Font-Awesome
    css/font-awesome.min.css (bdfa9823c8b1e25a5c822f6c719ec0e38ead7f71)
    fonts/fontawesome-webfont.eot (bdfa9823c8b1e25a5c822f6c719ec0e38ead7f71)
    fonts/fontawesome-webfont.svg (bdfa9823c8b1e25a5c822f6c719ec0e38ead7f71)
    fonts/fontawesome-webfont.ttf (bdfa9823c8b1e25a5c822f6c719ec0e38ead7f71)
    fonts/fontawesome-webfont.woff (bdfa9823c8b1e25a5c822f6c719ec0e38ead7f71)
    fonts/fontawesome-webfont.woff2 (bdfa9823c8b1e25a5c822f6c719ec0e38ead7f71)
  remote: Reactive-Extensions/RxJS
    dist/rx.lite.min.js (6770d24307ed4baaecdbb21cfc178c13e459f42f)
  remote: furf/jquery-ui-touch-punch
    jquery.ui.touch-punch.min.js (4bc009145202d9c7483ba85f3a236a8f3470354d)
HTTP
  remote: https://ajax.aspnetcdn.com
    bootstrap.min.css (/ajax/bootstrap/4.0.0/css/bootstrap.min.css)
    bootstrap.min.js (/ajax/bootstrap/4.0.0/bootstrap.min.js)
    jquery.min.js (/ajax/jQuery/jquery-2.2.4.min.js)
    jquery.min.map (/ajax/jQuery/jquery-2.2.4.min.map)
  remote: https://code.jquery.com
    jquery-ui.min.css (/ui/1.12.1/themes/sunny/jquery-ui.min.css)
    jquery-ui.min.js (/ui/1.12.1/jquery-ui.min.js)
  remote: https://npmcdn.com
    tether.min.js (/tether@1.2.4/dist/js/tether.min.js)
  remote: https://raw.githubusercontent.com
    lodash.min.js (/lodash/lodash/4.17.5/dist/lodash.min.js)
  remote: https://cdnjs.cloudflare.com
    modernizr.min.js (/ajax/libs/modernizr/2.8.3/modernizr.min.js)
  remote: https://unpkg.com
    react-dom.production.min.js (/react-dom@16/umd/react-dom.production.min.js)
    react.development.js (/react@16/umd/react.development.js)
    react.production.min.js (/react@16/umd/react.production.min.js)