NUGET
  remote: https://nuget.org/api/v2
  specs:
    FAKE (4.0.2)
    FSharp.Compiler.Service (1.3.1.0)
    FSharp.Data (2.2.5)
      Zlib.Portable (>= 1.10.0) - framework: portable-net40+sl50+wp80+win80
    FSharp.Formatting (2.10.0)
      FSharp.Compiler.Service (>= 0.0.87)
      FSharpVSPowerTools.Core (1.8.0)
    FSharpVSPowerTools.Core (1.8.0)
      FSharp.Compiler.Service (>= 0.0.87)
    Microsoft.AspNet.Cors (5.2.3)
    Microsoft.AspNet.Identity.Core (2.2.1)
    Microsoft.AspNet.Identity.Owin (2.2.1)
      Microsoft.AspNet.Identity.Core (>= 2.2.1)
      Microsoft.Owin.Security (>= 2.1.0)
      Microsoft.Owin.Security.Cookies (>= 2.1.0)
      Microsoft.Owin.Security.OAuth (>= 2.1.0)
    Microsoft.AspNet.SignalR.Core (2.2.0)
      Microsoft.Owin (>= 2.1.0)
      Microsoft.Owin.Security (>= 2.1.0)
      Newtonsoft.Json (>= 6.0.4)
      Owin (>= 1.0)
    Microsoft.AspNet.WebApi.Client (5.2.3)
      Microsoft.Net.Http (>= 2.2.22) - framework: portable-wp80+win+net45+wp81+wpa81
      Newtonsoft.Json (>= 6.0.4) - framework: portable-wp80+win+net45+wp81+wpa81, >= net45
    Microsoft.AspNet.WebApi.Core (5.2.3)
      Microsoft.AspNet.WebApi.Client (>= 5.2.3)
    Microsoft.AspNet.WebApi.Owin (5.2.3)
      Microsoft.AspNet.WebApi.Core (>= 5.2.3 < 5.3.0)
      Microsoft.Owin (>= 2.0.2)
      Owin (>= 1.0)
    Microsoft.AspNet.WebApi.OwinSelfHost (5.2.3)
      Microsoft.AspNet.WebApi.Owin (>= 5.2.3 < 5.3.0)
      Microsoft.Owin.Host.HttpListener (>= 2.0.2)
      Microsoft.Owin.Hosting (>= 2.0.2)
    Microsoft.Bcl (1.1.10)
      Microsoft.Bcl.Build (>= 1.0.14)
    Microsoft.Bcl.Build (1.0.21) - import_targets: false
    Microsoft.Net.Http (2.2.29) - framework: portable-wp80+win+net45+wp81+wpa81
      Microsoft.Bcl (>= 1.1.10)
      Microsoft.Bcl.Build (>= 1.0.14)
    Microsoft.Owin (3.0.1)
      Owin (>= 1.0)
    Microsoft.Owin.Cors (3.0.1)
      Microsoft.AspNet.Cors (>= 5.0.0)
      Microsoft.Owin (>= 3.0.1)
      Owin (>= 1.0)
    Microsoft.Owin.Diagnostics (3.0.1)
      Microsoft.Owin (>= 3.0.1)
      Owin (>= 1.0)
    Microsoft.Owin.FileSystems (3.0.1)
    Microsoft.Owin.Host.HttpListener (3.0.1)
    Microsoft.Owin.Hosting (3.0.1)
      Microsoft.Owin (>= 3.0.1)
      Owin (>= 1.0)
    Microsoft.Owin.Security (3.0.1)
      Microsoft.Owin (>= 3.0.1)
      Owin (>= 1.0)
    Microsoft.Owin.Security.Cookies (3.0.1)
      Microsoft.Owin (>= 3.0.1)
      Microsoft.Owin.Security (>= 3.0.1)
      Owin (>= 1.0)
    Microsoft.Owin.Security.Facebook (3.0.1)
      Microsoft.Owin (>= 3.0.1)
      Microsoft.Owin.Security (>= 3.0.1)
      Newtonsoft.Json (>= 6.0.4)
      Owin (>= 1.0)
    Microsoft.Owin.Security.Google (3.0.1)
      Microsoft.Owin (>= 3.0.1)
      Microsoft.Owin.Security (>= 3.0.1)
      Newtonsoft.Json (>= 6.0.4)
      Owin (>= 1.0)
    Microsoft.Owin.Security.OAuth (3.0.1)
      Microsoft.Owin (>= 3.0.1)
      Microsoft.Owin.Security (>= 3.0.1)
      Newtonsoft.Json (>= 6.0.4)
      Owin (>= 1.0)
    Microsoft.Owin.StaticFiles (3.0.1)
      Microsoft.Owin (>= 3.0.1)
      Microsoft.Owin.FileSystems (>= 3.0.1)
      Owin (>= 1.0)
    MySql.Data (6.9.7)
    Newtonsoft.Json (7.0.1)
    Owin (1.0)
    Owin.Security.AesDataProtectorProvider (1.1.0.0)
      Microsoft.Owin.Security (>= 3.0.1)
    Rx-Core (2.2.5)
      Rx-Interfaces (>= 2.2.5)
    Rx-Interfaces (2.2.5)
    Rx-Linq (2.2.5)
      Rx-Core (>= 2.2.5)
      Rx-Interfaces (>= 2.2.5)
    Rx-Main (2.2.5)
      Rx-Core (>= 2.2.5)
      Rx-Interfaces (>= 2.2.5)
      Rx-Linq (>= 2.2.5)
      Rx-PlatformServices (>= 2.2.5)
    Rx-PlatformServices (2.2.5)
      Rx-Core (>= 2.2.5)
      Rx-Interfaces (>= 2.2.5)
    SourceLink.Fake (1.0.0)
    SQLProvider (0.0.9-alpha)
    Zlib.Portable (1.11.0) - framework: portable-net40+sl50+wp80+win80
GITHUB
  remote: zurb/bower-foundation
  specs:
    css/foundation.css (b879716aa268e1f88fe43de98db2db4487af00ca)
    css/normalize.css (b879716aa268e1f88fe43de98db2db4487af00ca)
    js/foundation.min.js (b879716aa268e1f88fe43de98db2db4487af00ca)
  remote: SignalR/bower-signalr
  specs:
    jquery.signalR.js (26092205231972de4b3db966e5689ddbee971ef9)
  remote: aFarkas/html5shiv
  specs:
    dist/html5shiv.min.js (ed28c56c071bddfe7d635ad88995674957a016be)
  remote: reactjs/react-bower
  specs:
    react.min.js (25f94116b00cc6e53701707bffc504023404a21c)
  remote: FortAwesome/Font-Awesome
  specs:
    css/font-awesome.min.css (153c0e063e59881a375aa310de93551056a03b51)
    fonts/fontawesome-webfont.eot (153c0e063e59881a375aa310de93551056a03b51)
    fonts/fontawesome-webfont.svg (153c0e063e59881a375aa310de93551056a03b51)
    fonts/fontawesome-webfont.ttf (153c0e063e59881a375aa310de93551056a03b51)
    fonts/fontawesome-webfont.woff (153c0e063e59881a375aa310de93551056a03b51)
    fonts/fontawesome-webfont.woff2 (153c0e063e59881a375aa310de93551056a03b51)
  remote: lodash/lodash
  specs:
    lodash.min.js (2d3e64b51a75cb32ad82bafbbff81ec0f31a0e8d)
  remote: borisyankov/DefinitelyTyped
  specs:
    foundation/foundation.d.ts (e9be3cecf8a326d3e220c52b42d218169a7bb9f2)
    google.analytics/ga.d.ts (e9be3cecf8a326d3e220c52b42d218169a7bb9f2)
    jquery/jquery.d.ts (e9be3cecf8a326d3e220c52b42d218169a7bb9f2)
    jqueryui/jqueryui.d.ts (e9be3cecf8a326d3e220c52b42d218169a7bb9f2)
    lodash/lodash.d.ts (e9be3cecf8a326d3e220c52b42d218169a7bb9f2)
    react/react-global.d.ts (e9be3cecf8a326d3e220c52b42d218169a7bb9f2)
    react/react.d.ts (e9be3cecf8a326d3e220c52b42d218169a7bb9f2)
    signalr/signalr.d.ts (e9be3cecf8a326d3e220c52b42d218169a7bb9f2)
HTTP
  remote: http://ajax.aspnetcdn.com
  specs:
    jquery.min.js (/ajax/jQuery/jquery-2.1.4.min.js)
  remote: https://code.jquery.com
  specs:
    jquery-ui.min.css (/ui/1.10.4/themes/sunny/jquery-ui.min.css)
    jquery-ui.min.js (/ui/1.10.4/jquery-ui.min.js)