NUGET
  remote: https://www.nuget.org/api/v2
  specs:
    FParsec (1.0.2)
    FSharp.Core (4.0.0.1)
    FSharp.Data (2.3)
      Zlib.Portable (>= 1.11) - framework: portable-net45+sl5+win8, portable-net45+win8, portable-net45+win8+wp8+wpa81
    Hopac (0.1.3)
      FSharp.Core (>= 3.1.2.5)
    Logary (4.0.11)
      FParsec (>= 1.0.2)
      FSharp.Core (>= 4.0.0.1)
      Hopac (>= 0.1.3)
      NodaTime (>= 1.3.1)
    Microsoft.AspNet.Cors (5.2.3)
    Microsoft.AspNet.Identity.Core (2.2.1)
    Microsoft.AspNet.Identity.Owin (2.2.1)
      Microsoft.AspNet.Identity.Core (>= 2.2.1)
      Microsoft.Owin.Security (>= 2.1)
      Microsoft.Owin.Security.Cookies (>= 2.1)
      Microsoft.Owin.Security.OAuth (>= 2.1)
    Microsoft.AspNet.SignalR.Core (2.2)
      Microsoft.Owin (>= 2.1)
      Microsoft.Owin.Security (>= 2.1)
      Newtonsoft.Json (>= 6.0.4)
      Owin (>= 1.0)
    Microsoft.AspNet.WebApi.Client (5.2.3)
      Microsoft.Net.Http (>= 2.2.22) - framework: portable-wp80+win+net45+wp81+wpa81
      Newtonsoft.Json (>= 6.0.4) - framework: >= net45, portable-wp80+win+net45+wp81+wpa81
    Microsoft.AspNet.WebApi.Core (5.2.3)
      Microsoft.AspNet.WebApi.Client (>= 5.2.3)
    Microsoft.AspNet.WebApi.Owin (5.2.3)
      Microsoft.AspNet.WebApi.Core (>= 5.2.3 < 5.3)
      Microsoft.Owin (>= 2.0.2)
      Owin (>= 1.0)
    Microsoft.AspNet.WebApi.OwinSelfHost (5.2.3)
      Microsoft.AspNet.WebApi.Owin (>= 5.2.3 < 5.3)
      Microsoft.Owin.Host.HttpListener (>= 2.0.2)
      Microsoft.Owin.Hosting (>= 2.0.2)
    Microsoft.Bcl (1.1.10) - framework: portable-wp80+win+net45+wp81+wpa81
      Microsoft.Bcl.Build (>= 1.0.14)
    Microsoft.Bcl.Build (1.0.21) - import_targets: false, framework: portable-wp80+win+net45+wp81+wpa81
    Microsoft.Net.Http (2.2.29) - framework: portable-wp80+win+net45+wp81+wpa81
      Microsoft.Bcl (>= 1.1.10)
      Microsoft.Bcl.Build (>= 1.0.14)
    Microsoft.Owin (3.0.1)
      Owin (>= 1.0)
    Microsoft.Owin.Cors (3.0.1)
      Microsoft.AspNet.Cors (>= 5.0)
      Microsoft.Owin (>= 3.0.1)
      Owin (>= 1.0)
    Microsoft.Owin.Diagnostics (3.0.1)
      Microsoft.Owin (>= 3.0.1)
      Owin (>= 1.0)
    Microsoft.Owin.FileSystems (3.0.1)
    Microsoft.Owin.Host.HttpListener (3.0.1)
    Microsoft.Owin.Hosting (3.0.1)
      Microsoft.Owin (>= 3.0.1)
      Owin (>= 1.0)
    Microsoft.Owin.Security (3.0.1)
      Microsoft.Owin (>= 3.0.1)
      Owin (>= 1.0)
    Microsoft.Owin.Security.Cookies (3.0.1)
      Microsoft.Owin (>= 3.0.1)
      Microsoft.Owin.Security (>= 3.0.1)
      Owin (>= 1.0)
    Microsoft.Owin.Security.Facebook (3.0.1)
      Microsoft.Owin (>= 3.0.1)
      Microsoft.Owin.Security (>= 3.0.1)
      Newtonsoft.Json (>= 6.0.4)
      Owin (>= 1.0)
    Microsoft.Owin.Security.Google (3.0.1)
      Microsoft.Owin (>= 3.0.1)
      Microsoft.Owin.Security (>= 3.0.1)
      Newtonsoft.Json (>= 6.0.4)
      Owin (>= 1.0)
    Microsoft.Owin.Security.OAuth (3.0.1)
      Microsoft.Owin (>= 3.0.1)
      Microsoft.Owin.Security (>= 3.0.1)
      Newtonsoft.Json (>= 6.0.4)
      Owin (>= 1.0)
    Microsoft.Owin.StaticFiles (3.0.1)
      Microsoft.Owin (>= 3.0.1)
      Microsoft.Owin.FileSystems (>= 3.0.1)
      Owin (>= 1.0)
    MySql.Data (6.9.8)
    Newtonsoft.Json (8.0.3)
    NodaTime (1.3.2)
    Owin (1.0)
    Owin.Compression (1.0.8)
      Microsoft.Owin (>= 3.0.1 < 3.1)
      Owin (>= 1.0.0-prerelease <= 1.0)
    Owin.Security.AesDataProtectorProvider (1.1)
      Microsoft.Owin.Security (>= 3.0.1)
    Rx-Core (2.2.5)
      Rx-Interfaces (>= 2.2.5)
    Rx-Interfaces (2.2.5)
    Rx-Linq (2.2.5)
      Rx-Core (>= 2.2.5)
      Rx-Interfaces (>= 2.2.5)
    Rx-Main (2.2.5)
      Rx-Core (>= 2.2.5)
      Rx-Interfaces (>= 2.2.5)
      Rx-Linq (>= 2.2.5)
      Rx-PlatformServices (>= 2.2.5)
    Rx-PlatformServices (2.2.5)
      Rx-Core (>= 2.2.5)
      Rx-Interfaces (>= 2.2.5)
    SQLProvider (1.0.6)
    Zlib.Portable (1.11) - framework: portable-net45+sl5+win8, portable-net45+win8, portable-net45+win8+wp8+wpa81
GITHUB
  remote: zurb/bower-foundation
  specs:
    css/foundation.css (097429dedd59d357f3756425213bcd8f726ecd85)
    css/foundation.min.css (097429dedd59d357f3756425213bcd8f726ecd85)
    css/normalize.css (097429dedd59d357f3756425213bcd8f726ecd85)
    js/foundation.min.js (097429dedd59d357f3756425213bcd8f726ecd85)
  remote: SignalR/bower-signalr
  specs:
    jquery.signalR.js (26092205231972de4b3db966e5689ddbee971ef9)
  remote: aFarkas/html5shiv
  specs:
    dist/html5shiv.min.js (a3c7567c5f7055f9b76230bbbc79967d0b9f7003)
  remote: reactjs/react-bower
  specs:
    react-dom.min.js (624b4f21e8bf11b7a102cd0855553d1a4279da3f)
    react.js (624b4f21e8bf11b7a102cd0855553d1a4279da3f)
    react.min.js (624b4f21e8bf11b7a102cd0855553d1a4279da3f)
  remote: FortAwesome/Font-Awesome
  specs:
    css/font-awesome.min.css (e7cc59d666ed0826656f695afad7c56e95eb6513)
    fonts/fontawesome-webfont.eot (e7cc59d666ed0826656f695afad7c56e95eb6513)
    fonts/fontawesome-webfont.svg (e7cc59d666ed0826656f695afad7c56e95eb6513)
    fonts/fontawesome-webfont.ttf (e7cc59d666ed0826656f695afad7c56e95eb6513)
    fonts/fontawesome-webfont.woff (e7cc59d666ed0826656f695afad7c56e95eb6513)
    fonts/fontawesome-webfont.woff2 (e7cc59d666ed0826656f695afad7c56e95eb6513)
  remote: lodash/lodash
  specs:
    dist/lodash.min.js (f1b63d41f806ff23adf55e6ce9bc15bbbb03a19a)
  remote: Reactive-Extensions/RxJS
  specs:
    dist/rx.lite.min.js (76b20322cea524ef0bf4b408830981ce46b4c6c8)
  remote: borisyankov/DefinitelyTyped
  specs:
    foundation/foundation.d.ts (73f7bb99692823f1811817f9753a02b57af5305e)
    google.analytics/ga.d.ts (73f7bb99692823f1811817f9753a02b57af5305e)
    jquery/jquery.d.ts (73f7bb99692823f1811817f9753a02b57af5305e)
    jqueryui/jqueryui.d.ts (73f7bb99692823f1811817f9753a02b57af5305e)
    lodash/lodash.d.ts (73f7bb99692823f1811817f9753a02b57af5305e)
    react/react-addons-create-fragment.d.ts (73f7bb99692823f1811817f9753a02b57af5305e)
    react/react-addons-css-transition-group.d.ts (73f7bb99692823f1811817f9753a02b57af5305e)
    react/react-addons-linked-state-mixin.d.ts (73f7bb99692823f1811817f9753a02b57af5305e)
    react/react-addons-perf.d.ts (73f7bb99692823f1811817f9753a02b57af5305e)
    react/react-addons-pure-render-mixin.d.ts (73f7bb99692823f1811817f9753a02b57af5305e)
    react/react-addons-test-utils.d.ts (73f7bb99692823f1811817f9753a02b57af5305e)
    react/react-addons-transition-group.d.ts (73f7bb99692823f1811817f9753a02b57af5305e)
    react/react-addons-update.d.ts (73f7bb99692823f1811817f9753a02b57af5305e)
    react/react-dom.d.ts (73f7bb99692823f1811817f9753a02b57af5305e)
    react/react-global.d.ts (73f7bb99692823f1811817f9753a02b57af5305e)
    react/react.d.ts (73f7bb99692823f1811817f9753a02b57af5305e)
    rx/rx-lite.d.ts (73f7bb99692823f1811817f9753a02b57af5305e)
    rx/rx.async-lite.d.ts (73f7bb99692823f1811817f9753a02b57af5305e)
    rx/rx.backpressure-lite.d.ts (73f7bb99692823f1811817f9753a02b57af5305e)
    rx/rx.binding-lite.d.ts (73f7bb99692823f1811817f9753a02b57af5305e)
    rx/rx.coincidence-lite.d.ts (73f7bb99692823f1811817f9753a02b57af5305e)
    rx/rx.lite.d.ts (73f7bb99692823f1811817f9753a02b57af5305e)
    rx/rx.time-lite.d.ts (73f7bb99692823f1811817f9753a02b57af5305e)
    signalr/signalr.d.ts (73f7bb99692823f1811817f9753a02b57af5305e)
HTTP
  remote: http://ajax.aspnetcdn.com
  specs:
    jquery.min.js (/ajax/jQuery/jquery-2.2.1.min.js)
    jquery.min.map (/ajax/jQuery/jquery-2.2.1.min.map)
  remote: https://code.jquery.com
  specs:
    jquery-ui.min.css (/ui/1.11.4/themes/sunny/jquery-ui.min.css)
    jquery-ui.min.js (/ui/1.11.4/jquery-ui.min.js)
GROUP Build
NUGET
  remote: https://www.nuget.org/api/v2
  specs:
    FAKE (4.25.5)
    FSharp.Configuration (0.5.12)
