RESTRICTION: >= net40
NUGET
  remote: https://api.nuget.org/v3/index.json
    BouncyCastle.Cryptography (2.2.1) - restriction: || (&& (>= net40) (>= netstandard2.0)) (>= net462)
    FParsec (1.0.3)
      FSharp.Core (>= 4.0.0.1)
    FSharp.Core (7.0.401)
    FSharp.Data (6.3)
      FSharp.Core (>= 5.0.1) - restriction: && (>= net40) (>= netstandard2.0)
      FSharp.Data.Csv.Core (>= 6.3) - restriction: && (>= net40) (>= netstandard2.0)
      FSharp.Data.Html.Core (>= 6.3) - restriction: && (>= net40) (>= netstandard2.0)
      FSharp.Data.Http (>= 6.3) - restriction: && (>= net40) (>= netstandard2.0)
      FSharp.Data.Json.Core (>= 6.3) - restriction: && (>= net40) (>= netstandard2.0)
      FSharp.Data.Runtime.Utilities (>= 6.3) - restriction: && (>= net40) (>= netstandard2.0)
      FSharp.Data.WorldBank.Core (>= 6.3) - restriction: && (>= net40) (>= netstandard2.0)
      FSharp.Data.Xml.Core (>= 6.3) - restriction: && (>= net40) (>= netstandard2.0)
    FSharp.Data.Csv.Core (6.3) - restriction: && (>= net40) (>= netstandard2.0)
      FSharp.Core (>= 5.0.1) - restriction: && (>= net40) (>= netstandard2.0)
      FSharp.Data.Runtime.Utilities (>= 6.3) - restriction: && (>= net40) (>= netstandard2.0)
    FSharp.Data.Html.Core (6.3) - restriction: && (>= net40) (>= netstandard2.0)
      FSharp.Core (>= 5.0.1) - restriction: && (>= net40) (>= netstandard2.0)
      FSharp.Data.Csv.Core (>= 6.3) - restriction: && (>= net40) (>= netstandard2.0)
      FSharp.Data.Runtime.Utilities (>= 6.3) - restriction: && (>= net40) (>= netstandard2.0)
    FSharp.Data.Http (6.3) - restriction: && (>= net40) (>= netstandard2.0)
      FSharp.Core (>= 5.0.1) - restriction: && (>= net40) (>= netstandard2.0)
    FSharp.Data.Json.Core (6.3) - restriction: && (>= net40) (>= netstandard2.0)
      FSharp.Core (>= 5.0.1) - restriction: && (>= net40) (>= netstandard2.0)
      FSharp.Data.Http (>= 6.3) - restriction: && (>= net40) (>= netstandard2.0)
      FSharp.Data.Runtime.Utilities (>= 6.3) - restriction: && (>= net40) (>= netstandard2.0)
    FSharp.Data.Runtime.Utilities (6.3) - restriction: && (>= net40) (>= netstandard2.0)
      FSharp.Core (>= 5.0.1) - restriction: && (>= net40) (>= netstandard2.0)
      FSharp.Data.Http (>= 6.3) - restriction: && (>= net40) (>= netstandard2.0)
    FSharp.Data.WorldBank.Core (6.3) - restriction: && (>= net40) (>= netstandard2.0)
      FSharp.Core (>= 5.0.1) - restriction: && (>= net40) (>= netstandard2.0)
      FSharp.Data.Http (>= 6.3) - restriction: && (>= net40) (>= netstandard2.0)
      FSharp.Data.Json.Core (>= 6.3) - restriction: && (>= net40) (>= netstandard2.0)
      FSharp.Data.Runtime.Utilities (>= 6.3) - restriction: && (>= net40) (>= netstandard2.0)
    FSharp.Data.Xml.Core (6.3) - restriction: && (>= net40) (>= netstandard2.0)
      FSharp.Core (>= 5.0.1) - restriction: && (>= net40) (>= netstandard2.0)
      FSharp.Data.Http (>= 6.3) - restriction: && (>= net40) (>= netstandard2.0)
      FSharp.Data.Json.Core (>= 6.3) - restriction: && (>= net40) (>= netstandard2.0)
      FSharp.Data.Runtime.Utilities (>= 6.3) - restriction: && (>= net40) (>= netstandard2.0)
    Google.Protobuf (3.25) - restriction: || (&& (>= net40) (>= netstandard2.0)) (>= net462)
      System.Memory (>= 4.5.3) - restriction: || (&& (>= net40) (>= netstandard1.1) (< netstandard2.0)) (&& (>= net40) (>= netstandard2.0)) (>= net45)
    Hopac (0.3.23)
      FSharp.Core (>= 3.1.2.5) - restriction: && (>= net40) (< netstandard1.6)
      FSharp.Core (>= 4.0.1.7-alpha) - restriction: && (>= net40) (>= netstandard1.6)
      NETStandard.Library (>= 1.6) - restriction: && (>= net40) (>= netstandard1.6)
    K4os.Compression.LZ4 (1.3.6) - restriction: || (&& (>= net40) (>= netstandard2.0)) (>= net462)
      System.Memory (>= 4.5.5) - restriction: || (&& (>= net40) (>= netstandard2.0)) (>= net462)
      System.Runtime.CompilerServices.Unsafe (>= 6.0) - restriction: || (&& (>= net40) (>= netstandard2.1)) (>= net462)
    K4os.Compression.LZ4.Streams (1.3.6) - restriction: || (&& (>= net40) (>= netstandard2.0)) (>= net462)
      K4os.Compression.LZ4 (>= 1.3.6) - restriction: || (&& (>= net40) (>= netstandard2.0)) (>= net462)
      K4os.Hash.xxHash (>= 1.0.8) - restriction: || (&& (>= net40) (>= netstandard2.0)) (>= net462)
      System.IO.Pipelines (>= 5.0.2) - restriction: || (&& (>= net40) (>= netstandard2.0)) (>= net462)
    K4os.Hash.xxHash (1.0.8) - restriction: || (&& (>= net40) (>= netstandard2.0)) (>= net462)
      System.Memory (>= 4.5.5) - restriction: || (&& (>= net40) (>= netstandard2.0)) (>= net462)
      System.Runtime.CompilerServices.Unsafe (>= 6.0) - restriction: || (&& (>= net40) (>= netstandard2.1)) (>= net462)
    Kentor.OwinCookieSaver (1.1.1)
      Microsoft.Owin (>= 3.0)
    Logary (4.2.1)
      FParsec (>= 1.0.2)
      FSharp.Core (>= 4.0.0.1)
      Hopac (>= 0.3.23)
      NodaTime (>= 1.3.2)
    Logary.Targets.ApplicationInsights (4.2.1)
      FSharp.Core (>= 4.0.0.1)
      Hopac (>= 0.3.23)
      Logary (>= 4.2.1)
      Microsoft.ApplicationInsights (>= 2.4)
      Microsoft.ApplicationInsights.DependencyCollector (>= 2.4.1)
    Microsoft.ApplicationInsights (2.18)
      System.Diagnostics.DiagnosticSource (>= 5.0) - restriction: || (&& (>= net40) (< net452) (>= netstandard2.0)) (&& (>= net452) (< netstandard2.0)) (>= net46)
    Microsoft.ApplicationInsights.Agent.Intercept (2.4) - restriction: >= net452
    Microsoft.ApplicationInsights.DependencyCollector (2.18)
      Microsoft.ApplicationInsights (>= 2.18) - restriction: || (&& (>= net40) (>= netstandard2.0)) (>= net452)
      Microsoft.ApplicationInsights.Agent.Intercept (>= 2.4) - restriction: >= net452
      System.Diagnostics.DiagnosticSource (>= 5.0) - restriction: || (&& (>= net40) (>= netstandard2.0)) (>= net452)
    Microsoft.AspNet.Cors (5.2.7) - restriction: >= net45
    Microsoft.AspNet.Identity.Core (2.2.4)
    Microsoft.AspNet.Identity.Owin (2.2.4)
      Microsoft.AspNet.Identity.Core (>= 2.2.4)
      Microsoft.Owin.Security (>= 3.0.1)
      Microsoft.Owin.Security.Cookies (>= 3.0.1)
      Microsoft.Owin.Security.OAuth (>= 3.0.1)
    Microsoft.AspNet.SignalR.Core (2.4.3)
      Microsoft.Owin.Security (>= 2.1) - restriction: >= net45
      Newtonsoft.Json (>= 6.0.4) - restriction: >= net45
    Microsoft.AspNet.WebApi.Client (6.0)
      Newtonsoft.Json (>= 13.0.1) - restriction: || (&& (>= net40) (>= netstandard1.3)) (>= net45)
      Newtonsoft.Json.Bson (>= 1.0.2) - restriction: || (&& (>= net40) (>= netstandard1.3)) (>= net45)
      System.Memory (>= 4.5.5) - restriction: || (&& (>= net40) (>= netstandard1.3)) (>= net45)
      System.Threading.Tasks.Extensions (>= 4.5.4) - restriction: || (&& (>= net40) (>= netstandard1.3)) (>= net45)
    Microsoft.AspNet.WebApi.Core (5.3)
      Microsoft.AspNet.WebApi.Client (>= 6.0)
    Microsoft.AspNet.WebApi.Owin (5.3)
      Microsoft.AspNet.WebApi.Core (>= 5.3)
      Microsoft.Owin (>= 4.2.2)
      Owin (>= 1.0)
    Microsoft.AspNet.WebApi.OwinSelfHost (5.3)
      Microsoft.AspNet.WebApi.Owin (>= 5.3)
      Microsoft.Owin.Host.HttpListener (>= 4.2.2)
      Microsoft.Owin.Hosting (>= 4.2.2)
    Microsoft.Bcl (1.1.10)
      Microsoft.Bcl.Build (>= 1.0.14)
    Microsoft.Bcl.AsyncInterfaces (7.0) - restriction: || (&& (>= net40) (>= netstandard2.0)) (&& (>= net461) (>= netstandard2.0)) (>= net462)
      System.Threading.Tasks.Extensions (>= 4.5.4) - restriction: || (&& (>= net40) (>= netstandard2.0)) (>= net462)
    Microsoft.Bcl.Build (1.0.21) - import_targets: false
    Microsoft.Net.Http (2.2.29)
      Microsoft.Bcl (>= 1.1.10)
      Microsoft.Bcl.Build (>= 1.0.14)
    Microsoft.NETCore.Platforms (2.0.1) - restriction: || (&& (>= monotouch) (>= net40)) (&& (>= net40) (< net45) (< netstandard1.3) (>= netstandard1.6)) (&& (>= net40) (< net45) (< netstandard1.4) (>= netstandard1.6)) (&& (>= net40) (< net45) (< netstandard1.5) (>= netstandard1.6)) (&& (>= net40) (< net45) (>= netstandard1.6) (< netstandard2.0)) (&& (>= net40) (< net45) (>= netstandard1.6) (< portable-net451+win81+wpa81)) (&& (>= net40) (< net45) (>= netstandard2.0)) (&& (>= net40) (>= netcoreapp2.0)) (&& (>= net40) (< netstandard1.0) (>= netstandard1.6)) (&& (>= net40) (< netstandard1.3) (>= netstandard1.6) (>= wpa81)) (&& (>= net40) (< netstandard1.5) (>= netstandard1.6) (>= uap10.0)) (&& (>= net40) (>= netstandard1.6) (< portable-net45+win8+wpa81)) (&& (>= net40) (>= netstandard1.6) (>= uap10.1)) (&& (>= net40) (>= xamarinios)) (&& (>= net40) (>= xamarinmac)) (&& (>= net40) (>= xamarintvos)) (&& (>= net40) (>= xamarinwatchos)) (&& (>= net45) (>= netstandard1.6) (< portable-net451+win81+wpa81)) (&& (>= net451) (< netstandard1.3) (>= netstandard1.6)) (&& (>= net46) (< netstandard1.4) (>= netstandard1.6)) (&& (>= net461) (>= netstandard1.6))
    Microsoft.Owin (4.2.2)
      Owin (>= 1.0) - restriction: >= net45
    Microsoft.Owin.Cors (4.2.2)
      Microsoft.AspNet.Cors (>= 5.0) - restriction: >= net45
      Microsoft.Owin (>= 4.2.2) - restriction: >= net45
      Owin (>= 1.0) - restriction: >= net45
    Microsoft.Owin.Diagnostics (4.2.2)
      Microsoft.Owin (>= 4.2.2) - restriction: >= net45
      Owin (>= 1.0) - restriction: >= net45
    Microsoft.Owin.FileSystems (4.2.2) - restriction: >= net45
    Microsoft.Owin.Host.HttpListener (4.2.2)
      Microsoft.Owin (>= 4.2.2) - restriction: >= net45
      Owin (>= 1.0) - restriction: >= net45
    Microsoft.Owin.Hosting (4.2.2)
      Microsoft.Owin (>= 4.2.2) - restriction: >= net45
      Owin (>= 1.0) - restriction: >= net45
    Microsoft.Owin.Security (4.2.2)
      Microsoft.Owin (>= 4.2.2) - restriction: >= net45
      Owin (>= 1.0) - restriction: >= net45
    Microsoft.Owin.Security.Cookies (4.2.2)
      Microsoft.Owin (>= 4.2.2) - restriction: >= net45
      Microsoft.Owin.Security (>= 4.2.2) - restriction: >= net45
      Owin (>= 1.0) - restriction: >= net45
    Microsoft.Owin.Security.Facebook (4.2.2)
      Microsoft.Owin (>= 4.2.2) - restriction: >= net45
      Microsoft.Owin.Security (>= 4.2.2) - restriction: >= net45
      Newtonsoft.Json (>= 10.0.3) - restriction: >= net45
      Owin (>= 1.0) - restriction: >= net45
    Microsoft.Owin.Security.Google (4.2.2)
      Microsoft.Owin (>= 4.2.2) - restriction: >= net45
      Microsoft.Owin.Security (>= 4.2.2) - restriction: >= net45
      Newtonsoft.Json (>= 10.0.3) - restriction: >= net45
      Owin (>= 1.0) - restriction: >= net45
    Microsoft.Owin.Security.OAuth (4.1)
      Microsoft.Owin (>= 4.1)
      Microsoft.Owin.Security (>= 4.1)
      Newtonsoft.Json (>= 10.0.1)
      Owin (>= 1.0)
    Microsoft.Owin.StaticFiles (4.2.2)
      Microsoft.Owin (>= 4.2.2) - restriction: >= net45
      Microsoft.Owin.FileSystems (>= 4.2.2) - restriction: >= net45
      Owin (>= 1.0) - restriction: >= net45
    MySql.Data (8.2)
      BouncyCastle.Cryptography (>= 2.2.1) - restriction: || (&& (>= net40) (>= netstandard2.0)) (>= net462)
      Google.Protobuf (>= 3.21.9) - restriction: || (&& (>= net40) (>= netstandard2.0)) (>= net462)
      K4os.Compression.LZ4.Streams (>= 1.3.5) - restriction: || (&& (>= net40) (>= netstandard2.0)) (>= net462)
      System.Buffers (>= 4.5.1) - restriction: || (&& (>= net40) (>= netstandard2.0)) (>= net462)
      System.Configuration.ConfigurationManager (>= 4.4.1) - restriction: || (&& (>= net40) (>= netstandard2.0)) (>= net462)
      System.Diagnostics.DiagnosticSource (>= 7.0.2) - restriction: || (&& (>= net40) (>= netstandard2.0)) (>= net462)
      System.Runtime.CompilerServices.Unsafe (>= 6.0) - restriction: || (&& (>= net40) (>= netstandard2.0)) (>= net462)
      System.Threading.Tasks.Extensions (>= 4.5.4) - restriction: || (&& (>= net40) (>= netstandard2.0)) (>= net462)
      ZstdSharp.Port (>= 0.7.1) - restriction: || (&& (>= net40) (>= netstandard2.0)) (>= net462)
    MySqlConnector (0.36)
      System.Buffers (>= 4.3) - restriction: || (&& (>= net40) (< net45) (>= netstandard1.3) (< netstandard2.0)) (&& (>= net40) (< net45) (>= netstandard2.0)) (&& (>= net45) (< netstandard1.3)) (>= net46)
      System.Threading.Tasks.Extensions (>= 4.3) - restriction: || (&& (>= net40) (< net45) (>= netstandard1.3) (< netstandard2.0)) (&& (>= net40) (< net45) (>= netstandard2.0)) (&& (>= net45) (< netstandard1.3)) (>= net46)
    NETStandard.Library (2.0.1) - restriction: && (>= net40) (>= netstandard1.6)
      Microsoft.NETCore.Platforms (>= 1.1) - restriction: || (&& (>= monoandroid) (>= net40) (< netstandard1.0)) (&& (>= monotouch) (>= net40)) (&& (>= net40) (< net45) (>= netstandard1.1) (< portable-net451+win81+wpa81)) (&& (>= net40) (< net45) (>= netstandard1.2) (< netstandard1.3)) (&& (>= net40) (< net45) (>= netstandard1.3) (< netstandard1.4)) (&& (>= net40) (< net45) (>= netstandard1.4) (< netstandard1.5)) (&& (>= net40) (< net45) (>= netstandard1.5) (< netstandard1.6)) (&& (>= net40) (< net45) (>= netstandard1.6) (< netstandard2.0)) (&& (>= net40) (< net45) (>= netstandard2.0)) (&& (>= net40) (>= netcoreapp2.0)) (&& (>= net40) (>= netstandard1.0) (< portable-net45+win8+wpa81)) (&& (>= net40) (< netstandard1.0) (>= portable-net45+win8+wp8+wpa81) (< portable-net45+win8+wpa81)) (&& (>= net40) (< netstandard1.0) (>= portable-net45+win8+wpa81) (< portable-net451+win81+wpa81)) (&& (>= net40) (< netstandard1.0) (>= portable-net451+win81+wpa81)) (&& (>= net40) (< netstandard1.3) (>= wpa81)) (&& (>= net40) (< netstandard1.5) (>= uap10.0)) (&& (>= net40) (>= uap10.1)) (&& (>= net40) (>= xamarinios)) (&& (>= net40) (>= xamarinmac)) (&& (>= net40) (>= xamarintvos)) (&& (>= net40) (>= xamarinwatchos)) (&& (>= net45) (< portable-net451+win81+wpa81)) (&& (>= net451) (< netstandard1.3)) (&& (>= net46) (< netstandard1.4)) (>= net461)
    Newtonsoft.Json (13.0.3)
    Newtonsoft.Json.Bson (1.0.2) - restriction: || (&& (>= net40) (>= netstandard1.3)) (>= net45)
      Newtonsoft.Json (>= 12.0.1) - restriction: || (&& (>= net40) (>= netstandard1.3)) (>= net45)
    NodaTime (1.3.4)
    Owin (1.0)
    Owin.Compression (1.0.37)
      FSharp.Core (>= 7.0.400) - restriction: || (&& (>= net40) (>= netstandard2.0)) (>= net452)
      Microsoft.Owin (>= 4.2.2 < 4.3) - restriction: >= net452
      Owin (>= 1.0) - restriction: >= net452
    Owin.Security.AesDataProtectorProvider (1.2.4)
      Microsoft.Owin.Security (>= 4.2.2) - restriction: >= net45
    SQLProvider (1.3.19)
      FSharp.Core (>= 6.0.7)
      Newtonsoft.Json (>= 13.0.1)
    System.Buffers (4.5.1) - restriction: || (&& (>= net40) (< net45) (>= netstandard1.3) (< netstandard2.0)) (&& (>= net40) (>= netstandard2.0)) (&& (>= net45) (< netstandard1.3)) (>= net46)
    System.Configuration.ConfigurationManager (7.0) - restriction: || (&& (>= net40) (>= netstandard2.0)) (>= net462)
      System.Security.Permissions (>= 7.0) - restriction: || (&& (>= net40) (>= netstandard2.0)) (>= net462)
    System.Diagnostics.DiagnosticSource (7.0.2) - restriction: || (&& (>= net40) (>= netstandard2.0)) (>= net452)
      System.Memory (>= 4.5.5) - restriction: || (&& (>= net40) (>= netstandard2.0)) (>= net462)
      System.Runtime.CompilerServices.Unsafe (>= 6.0) - restriction: || (&& (>= net40) (>= net6.0)) (&& (>= net40) (>= netstandard2.0)) (>= net462)
    System.IO.Pipelines (7.0) - restriction: || (&& (>= net40) (>= netstandard2.0)) (>= net462)
      System.Buffers (>= 4.5.1) - restriction: || (&& (>= net40) (>= netstandard2.0)) (>= net462)
      System.Memory (>= 4.5.5) - restriction: || (&& (>= net40) (>= netstandard2.0)) (>= net462)
      System.Threading.Tasks.Extensions (>= 4.5.4) - restriction: || (&& (>= net40) (>= netstandard2.0)) (>= net462)
    System.Memory (4.5.5) - restriction: || (&& (>= net40) (>= netstandard1.3)) (&& (>= net40) (>= netstandard2.0)) (>= net45)
      System.Buffers (>= 4.5.1) - restriction: || (&& (>= monoandroid) (>= net40) (< netstandard1.1)) (&& (>= monotouch) (>= net40)) (&& (>= net40) (< net45) (>= netstandard1.1) (< netstandard2.0)) (&& (>= net40) (< net45) (>= netstandard2.0)) (&& (>= net40) (< netstandard1.1) (>= portable-net45+win8+wpa81)) (&& (>= net40) (< netstandard1.1) (>= win8)) (&& (>= net40) (< netstandard2.0) (>= wpa81)) (&& (>= net40) (>= xamarinios)) (&& (>= net40) (>= xamarinmac)) (&& (>= net40) (>= xamarintvos)) (&& (>= net40) (>= xamarinwatchos)) (&& (>= net45) (< netstandard2.0)) (>= net461)
      System.Numerics.Vectors (>= 4.5) - restriction: >= net461
      System.Runtime.CompilerServices.Unsafe (>= 4.5.3) - restriction: || (&& (>= monoandroid) (>= net40) (< netstandard1.1)) (&& (>= monotouch) (>= net40)) (&& (>= net40) (< net45) (>= netstandard1.1) (< netstandard2.0)) (&& (>= net40) (< net45) (>= netstandard2.0)) (&& (>= net40) (>= netcoreapp2.0)) (&& (>= net40) (< netstandard1.1) (>= portable-net45+win8+wpa81)) (&& (>= net40) (< netstandard1.1) (>= win8)) (&& (>= net40) (< netstandard2.0) (>= wpa81)) (&& (>= net40) (>= uap10.1)) (&& (>= net40) (>= xamarinios)) (&& (>= net40) (>= xamarinmac)) (&& (>= net40) (>= xamarintvos)) (&& (>= net40) (>= xamarinwatchos)) (&& (>= net45) (< netstandard2.0)) (>= net461)
    System.Numerics.Vectors (4.5) - restriction: || (&& (>= net461) (>= netstandard2.0)) (>= net462)
    System.Runtime.CompilerServices.Unsafe (6.0) - restriction: || (&& (>= net40) (>= netstandard2.0)) (>= net462)
    System.Runtime.InteropServices.RuntimeInformation (4.3)
    System.Security.AccessControl (6.0) - restriction: || (&& (>= net40) (>= netstandard2.0)) (>= net462)
      System.Security.Principal.Windows (>= 5.0) - restriction: || (&& (>= net40) (>= netstandard2.0)) (>= net461)
    System.Security.Permissions (7.0) - restriction: || (&& (>= net40) (>= netstandard2.0)) (>= net462)
      System.Security.AccessControl (>= 6.0) - restriction: || (&& (>= net40) (>= netstandard2.0)) (>= net462)
    System.Security.Principal.Windows (5.0) - restriction: || (&& (>= net40) (>= netstandard2.0)) (&& (>= net461) (>= netstandard2.0)) (>= net462)
    System.Threading.Tasks.Extensions (4.5.4) - restriction: || (&& (>= net40) (>= netstandard1.3)) (&& (>= net40) (>= netstandard2.0)) (>= net45)
      System.Runtime.CompilerServices.Unsafe (>= 4.5.3) - restriction: || (&& (>= net40) (< net45) (>= netstandard1.0) (< netstandard2.0)) (&& (>= net40) (< net45) (>= netstandard2.0)) (&& (>= net40) (< netstandard1.0) (>= portable-net45+win8+wp8+wpa81)) (&& (>= net40) (< netstandard1.0) (>= win8)) (&& (>= net40) (< netstandard2.0) (>= wpa81)) (&& (>= net40) (>= wp8)) (&& (>= net45) (< netstandard2.0)) (>= net461)
    ZstdSharp.Port (0.7.3) - restriction: || (&& (>= net40) (>= netstandard2.0)) (>= net462)
      Microsoft.Bcl.AsyncInterfaces (>= 5.0) - restriction: || (&& (>= net40) (>= netstandard2.0)) (>= net461)
      System.Memory (>= 4.5.5) - restriction: || (&& (>= net40) (>= netstandard2.0)) (>= net461)

GROUP Build
RESTRICTION: >= net40
NUGET
  remote: https://api.nuget.org/v3/index.json
    FAKE (4.64.18)
    FSharp.Configuration (2.0)
      FSharp.Core (>= 4.7) - restriction: || (&& (>= net40) (>= netstandard2.0)) (>= net461)
    FSharp.Core (7.0.401)

GROUP Clientside

GITHUB
  remote: zurb/bower-foundation
    css/foundation.css (15d98294916c50ce8e6838bc035f4f136d4dc704)
    css/foundation.min.css (15d98294916c50ce8e6838bc035f4f136d4dc704)
    css/normalize.css (15d98294916c50ce8e6838bc035f4f136d4dc704)
    js/foundation.min.js (15d98294916c50ce8e6838bc035f4f136d4dc704)
  remote: aFarkas/html5shiv
    dist/html5shiv.min.js (daa5fd1169cf8c1b63b0659754b4d13b037c0e54)
  remote: FortAwesome/Font-Awesome
    css/font-awesome.min.css (bdfa9823c8b1e25a5c822f6c719ec0e38ead7f71)
    fonts/fontawesome-webfont.eot (bdfa9823c8b1e25a5c822f6c719ec0e38ead7f71)
    fonts/fontawesome-webfont.svg (bdfa9823c8b1e25a5c822f6c719ec0e38ead7f71)
    fonts/fontawesome-webfont.ttf (bdfa9823c8b1e25a5c822f6c719ec0e38ead7f71)
    fonts/fontawesome-webfont.woff (bdfa9823c8b1e25a5c822f6c719ec0e38ead7f71)
    fonts/fontawesome-webfont.woff2 (bdfa9823c8b1e25a5c822f6c719ec0e38ead7f71)
  remote: Reactive-Extensions/RxJS
    dist/rx.lite.min.js (6770d24307ed4baaecdbb21cfc178c13e459f42f)
  remote: furf/jquery-ui-touch-punch
    jquery.ui.touch-punch.min.js (4bc009145202d9c7483ba85f3a236a8f3470354d)
HTTP
  remote: https://cdn.jsdelivr.net
    jquery.signalR.js (/npm/signalr@2.4.2/jquery.signalR.js)
    jquery.signalR.min.js (/npm/signalr@2.4.2/jquery.signalR.min.js)
    lodash.min.js (/npm/lodash@4.17.21/lodash.min.js)
  remote: https://ajax.aspnetcdn.com
    bootstrap.min.css (/ajax/bootstrap/4.6.0/css/bootstrap.min.css)
    bootstrap.min.js (/ajax/bootstrap/4.6.0/bootstrap.min.js)
    jquery.min.js (/ajax/jQuery/jquery-2.2.4.min.js)
    jquery.min.map (/ajax/jQuery/jquery-2.2.4.min.map)
  remote: https://code.jquery.com
    jquery-ui.min.css (/ui/1.12.1/themes/sunny/jquery-ui.min.css)
    jquery-ui.min.js (/ui/1.12.1/jquery-ui.min.js)
  remote: https://npmcdn.com
    tether.min.js (/tether@1.2.4/dist/js/tether.min.js)
  remote: https://cdnjs.cloudflare.com
    modernizr.min.js (/ajax/libs/modernizr/2.8.3/modernizr.min.js)
  remote: https://unpkg.com
    react-dom.production.min.js (/react-dom@16/umd/react-dom.production.min.js)
    react.development.js (/react@16/umd/react.development.js)
    react.production.min.js (/react@16/umd/react.production.min.js)